REDIRECTS: OFF
RESTRICTION: || (== netcoreapp2.0) (>= net451)
NUGET
  remote: https://api.nuget.org/v3/index.json
    Argu (5.1) - restriction: || (== netcoreapp2.0) (&& (>= net451) (>= netstandard2.0)) (>= net461)
      FSharp.Core (>= 4.0.0.1) - restriction: || (&& (== netcoreapp2.0) (>= net45)) (>= net451)
      FSharp.Core (>= 4.3.2) - restriction: || (== netcoreapp2.0) (&& (< net45) (>= net451) (>= netstandard2.0))
      System.Configuration.ConfigurationManager (>= 4.4) - restriction: || (== netcoreapp2.0) (&& (< net45) (>= net451) (>= netstandard2.0))
    BlackFox.ColoredPrintf (0.3)
      BlackFox.MasterOfFoo (>= 0.2 < 1.0)
      FSharp.Core (>= 4.0 < 5.0)
    BlackFox.MasterOfFoo (0.2.1)
      FSharp.Core (>= 4.0 < 5.0)
    Expecto (8.2)
      Argu (>= 5.1) - restriction: || (== netcoreapp2.0) (&& (>= net451) (>= netstandard2.0)) (>= net461)
      Mono.Cecil (>= 0.10) - restriction: || (== netcoreapp2.0) (&& (>= net451) (>= netstandard2.0)) (>= net461)
      System.Diagnostics.FileVersionInfo (>= 4.3) - restriction: || (== netcoreapp2.0) (&& (>= net451) (< net461) (>= netstandard2.0))
    Fake.BuildServer.AppVeyor (5.2)
      Fake.Core.Environment (>= 5.2) - restriction: || (== netcoreapp2.0) (&& (>= net451) (>= netstandard1.6)) (>= net46)
      Fake.Core.Process (>= 5.2) - restriction: || (== netcoreapp2.0) (&& (>= net451) (>= netstandard1.6)) (>= net46)
      Fake.Core.String (>= 5.2) - restriction: || (== netcoreapp2.0) (&& (>= net451) (>= netstandard1.6)) (>= net46)
      Fake.Core.Trace (>= 5.2) - restriction: || (== netcoreapp2.0) (&& (>= net451) (>= netstandard1.6)) (>= net46)
      Fake.IO.FileSystem (>= 5.2) - restriction: || (== netcoreapp2.0) (&& (>= net451) (>= netstandard1.6)) (>= net46)
      Fake.Net.Http (>= 5.2) - restriction: || (== netcoreapp2.0) (&& (>= net451) (>= netstandard1.6)) (>= net46)
      FSharp.Core (>= 4.3.4) - restriction: || (== netcoreapp2.0) (&& (>= net451) (>= netstandard1.6)) (>= net46)
      System.Diagnostics.FileVersionInfo (>= 4.3) - restriction: || (== netcoreapp2.0) (&& (>= net451) (>= netstandard1.6)) (>= net46)
      System.Diagnostics.Process (>= 4.3) - restriction: || (== netcoreapp2.0) (&& (>= net451) (>= netstandard1.6)) (>= net46)
      System.IO.FileSystem.Watcher (>= 4.3) - restriction: || (== netcoreapp2.0) (&& (>= net451) (>= netstandard1.6)) (>= net46)
      System.Net.Http (>= 4.3.3) - restriction: || (&& (== netcoreapp2.0) (< netstandard2.0)) (&& (>= net451) (>= netstandard1.6) (< netstandard2.0)) (>= net46)
      System.Xml.ReaderWriter (>= 4.3.1) - restriction: || (== netcoreapp2.0) (&& (>= net451) (>= netstandard1.6)) (>= net46)
      System.Xml.XDocument (>= 4.3) - restriction: || (== netcoreapp2.0) (&& (>= net451) (< net46) (>= netstandard1.6) (< netstandard2.0)) (&& (>= net451) (< net46) (>= netstandard2.0))
      System.Xml.XmlDocument (>= 4.3) - restriction: || (== netcoreapp2.0) (&& (>= net451) (>= netstandard1.6)) (>= net46)
      System.Xml.XPath (>= 4.3) - restriction: || (== netcoreapp2.0) (&& (>= net451) (>= netstandard1.6)) (>= net46)
      System.Xml.XPath.XDocument (>= 4.3) - restriction: || (== netcoreapp2.0) (&& (>= net451) (>= netstandard1.6)) (>= net46)
      System.Xml.XPath.XmlDocument (>= 4.3) - restriction: || (== netcoreapp2.0) (&& (>= net451) (>= netstandard1.6)) (>= net46)
    Fake.Core.CommandLineParsing (5.2) - restriction: || (== netcoreapp2.0) (&& (>= net451) (>= netstandard2.0)) (>= net46)
      FParsec (>= 1.0.3) - restriction: || (== netcoreapp2.0) (&& (>= net451) (>= netstandard1.6)) (>= net46)
      FSharp.Core (>= 4.3.4) - restriction: || (== netcoreapp2.0) (&& (>= net451) (>= netstandard1.6)) (>= net46)
    Fake.Core.Context (5.2) - restriction: || (== netcoreapp2.0) (&& (>= net451) (>= netstandard2.0)) (>= net46)
      FSharp.Core (>= 4.3.4) - restriction: || (== netcoreapp2.0) (&& (>= net451) (>= netstandard1.6)) (>= net46)
    Fake.Core.Environment (5.2)
      FSharp.Core (>= 4.3.4) - restriction: || (== netcoreapp2.0) (&& (>= net451) (>= netstandard1.6)) (>= net46)
    Fake.Core.FakeVar (5.2) - restriction: || (== netcoreapp2.0) (&& (>= net451) (>= netstandard2.0)) (>= net46)
      Fake.Core.Context (>= 5.2) - restriction: || (== netcoreapp2.0) (&& (>= net451) (>= netstandard1.6)) (>= net46)
      FSharp.Core (>= 4.3.4) - restriction: || (== netcoreapp2.0) (&& (>= net451) (>= netstandard1.6)) (>= net46)
    Fake.Core.Process (5.2)
      Fake.Core.Environment (>= 5.2) - restriction: || (== netcoreapp2.0) (&& (>= net451) (>= netstandard1.6)) (>= net46)
      Fake.Core.FakeVar (>= 5.2) - restriction: || (== netcoreapp2.0) (&& (>= net451) (>= netstandard1.6)) (>= net46)
      Fake.Core.String (>= 5.2) - restriction: || (== netcoreapp2.0) (&& (>= net451) (>= netstandard1.6)) (>= net46)
      Fake.Core.Trace (>= 5.2) - restriction: || (== netcoreapp2.0) (&& (>= net451) (>= netstandard1.6)) (>= net46)
      Fake.IO.FileSystem (>= 5.2) - restriction: || (== netcoreapp2.0) (&& (>= net451) (>= netstandard1.6)) (>= net46)
      FSharp.Core (>= 4.3.4) - restriction: || (== netcoreapp2.0) (&& (>= net451) (>= netstandard1.6)) (>= net46)
      System.Diagnostics.Process (>= 4.3) - restriction: || (== netcoreapp2.0) (&& (>= net451) (>= netstandard1.6)) (>= net46)
    Fake.Core.ReleaseNotes (5.2)
      Fake.Core.SemVer (>= 5.2) - restriction: || (== netcoreapp2.0) (&& (>= net451) (>= netstandard1.6)) (>= net46)
      Fake.Core.String (>= 5.2) - restriction: || (== netcoreapp2.0) (&& (>= net451) (>= netstandard1.6)) (>= net46)
      FSharp.Core (>= 4.3.4) - restriction: || (== netcoreapp2.0) (&& (>= net451) (>= netstandard1.6)) (>= net46)
    Fake.Core.SemVer (5.2) - restriction: || (== netcoreapp2.0) (&& (>= net451) (>= netstandard1.6)) (>= net46)
      FSharp.Core (>= 4.3.4) - restriction: || (== netcoreapp2.0) (&& (>= net451) (>= netstandard1.6)) (>= net46)
      System.Runtime.Numerics (>= 4.3) - restriction: || (== netcoreapp2.0) (&& (>= net451) (>= netstandard1.6)) (>= net46)
    Fake.Core.String (5.2) - restriction: || (== netcoreapp2.0) (&& (>= net451) (>= netstandard2.0)) (>= net46)
      FSharp.Core (>= 4.3.4) - restriction: || (== netcoreapp2.0) (&& (>= net451) (>= netstandard1.6)) (>= net46)
    Fake.Core.Target (5.2)
      Fake.Core.CommandLineParsing (>= 5.2) - restriction: || (== netcoreapp2.0) (&& (>= net451) (>= netstandard2.0)) (>= net46)
      Fake.Core.Context (>= 5.2) - restriction: || (== netcoreapp2.0) (&& (>= net451) (>= netstandard2.0)) (>= net46)
      Fake.Core.Environment (>= 5.2) - restriction: || (== netcoreapp2.0) (&& (>= net451) (>= netstandard2.0)) (>= net46)
      Fake.Core.FakeVar (>= 5.2) - restriction: || (== netcoreapp2.0) (&& (>= net451) (>= netstandard2.0)) (>= net46)
      Fake.Core.Process (>= 5.2) - restriction: || (== netcoreapp2.0) (&& (>= net451) (>= netstandard2.0)) (>= net46)
      Fake.Core.String (>= 5.2) - restriction: || (== netcoreapp2.0) (&& (>= net451) (>= netstandard2.0)) (>= net46)
      Fake.Core.Trace (>= 5.2) - restriction: || (== netcoreapp2.0) (&& (>= net451) (>= netstandard2.0)) (>= net46)
      FSharp.Control.Reactive (>= 4.1) - restriction: || (== netcoreapp2.0) (&& (>= net451) (>= netstandard2.0)) (>= net46)
      FSharp.Core (>= 4.3.4) - restriction: || (== netcoreapp2.0) (&& (>= net451) (>= netstandard2.0)) (>= net46)
      System.Reactive.Compatibility (>= 4.0) - restriction: || (== netcoreapp2.0) (&& (>= net451) (>= netstandard2.0)) (>= net46)
    Fake.Core.Trace (5.2)
      Fake.Core.Environment (>= 5.2) - restriction: || (== netcoreapp2.0) (&& (>= net451) (>= netstandard1.6)) (>= net46)
      Fake.Core.FakeVar (>= 5.2) - restriction: || (== netcoreapp2.0) (&& (>= net451) (>= netstandard1.6)) (>= net46)
      FSharp.Core (>= 4.3.4) - restriction: || (== netcoreapp2.0) (&& (>= net451) (>= netstandard1.6)) (>= net46)
    Fake.Core.UserInput (5.2)
    Fake.DotNet.AssemblyInfoFile (5.2)
      Fake.Core.Environment (>= 5.2) - restriction: || (== netcoreapp2.0) (&& (>= net451) (>= netstandard1.6)) (>= net46)
      Fake.Core.String (>= 5.2) - restriction: || (== netcoreapp2.0) (&& (>= net451) (>= netstandard1.6)) (>= net46)
      Fake.Core.Trace (>= 5.2) - restriction: || (== netcoreapp2.0) (&& (>= net451) (>= netstandard1.6)) (>= net46)
      Fake.IO.FileSystem (>= 5.2) - restriction: || (== netcoreapp2.0) (&& (>= net451) (>= netstandard1.6)) (>= net46)
      FSharp.Core (>= 4.3.4) - restriction: || (== netcoreapp2.0) (&& (>= net451) (>= netstandard1.6)) (>= net46)
    Fake.DotNet.MsBuild (5.2)
      Fake.Core.Environment (>= 5.2) - restriction: || (== netcoreapp2.0) (&& (>= net451) (>= netstandard1.6)) (>= net46)
      Fake.Core.Process (>= 5.2) - restriction: || (== netcoreapp2.0) (&& (>= net451) (>= netstandard1.6)) (>= net46)
      Fake.Core.String (>= 5.2) - restriction: || (== netcoreapp2.0) (&& (>= net451) (>= netstandard1.6)) (>= net46)
      Fake.Core.Trace (>= 5.2) - restriction: || (== netcoreapp2.0) (&& (>= net451) (>= netstandard1.6)) (>= net46)
      Fake.IO.FileSystem (>= 5.2) - restriction: || (== netcoreapp2.0) (&& (>= net451) (>= netstandard1.6)) (>= net46)
      FSharp.Core (>= 4.3.4) - restriction: || (== netcoreapp2.0) (&& (>= net451) (>= netstandard1.6)) (>= net46)
    Fake.DotNet.Paket (5.2)
      Fake.Core.Process (>= 5.2) - restriction: || (== netcoreapp2.0) (&& (>= net451) (>= netstandard1.6)) (>= net46)
      Fake.Core.String (>= 5.2) - restriction: || (== netcoreapp2.0) (&& (>= net451) (>= netstandard1.6)) (>= net46)
      Fake.Core.Trace (>= 5.2) - restriction: || (== netcoreapp2.0) (&& (>= net451) (>= netstandard1.6)) (>= net46)
      Fake.IO.FileSystem (>= 5.2) - restriction: || (== netcoreapp2.0) (&& (>= net451) (>= netstandard1.6)) (>= net46)
      FSharp.Core (>= 4.3.4) - restriction: || (== netcoreapp2.0) (&& (>= net451) (>= netstandard1.6)) (>= net46)
    Fake.DotNet.Testing.Expecto (5.2)
      Fake.Core.Process (>= 5.2) - restriction: || (== netcoreapp2.0) (&& (>= net451) (>= netstandard2.0)) (>= net46)
      Fake.Core.String (>= 5.2) - restriction: || (== netcoreapp2.0) (&& (>= net451) (>= netstandard2.0)) (>= net46)
      Fake.Core.Trace (>= 5.2) - restriction: || (== netcoreapp2.0) (&& (>= net451) (>= netstandard2.0)) (>= net46)
      Fake.IO.FileSystem (>= 5.2) - restriction: || (== netcoreapp2.0) (&& (>= net451) (>= netstandard2.0)) (>= net46)
      Fake.Testing.Common (>= 5.2) - restriction: || (== netcoreapp2.0) (&& (>= net451) (>= netstandard2.0)) (>= net46)
      FSharp.Core (>= 4.3.4) - restriction: || (== netcoreapp2.0) (&& (>= net451) (>= netstandard2.0)) (>= net46)
    Fake.IO.FileSystem (5.2) - restriction: || (== netcoreapp2.0) (&& (>= net451) (>= netstandard1.6)) (>= net46)
      Fake.Core.String (>= 5.2) - restriction: || (== netcoreapp2.0) (&& (>= net451) (>= netstandard1.6)) (>= net46)
      FSharp.Core (>= 4.3.4) - restriction: || (== netcoreapp2.0) (&& (>= net451) (>= netstandard1.6)) (>= net46)
      System.Diagnostics.FileVersionInfo (>= 4.3) - restriction: || (== netcoreapp2.0) (&& (>= net451) (>= netstandard1.6)) (>= net46)
      System.IO.FileSystem.Watcher (>= 4.3) - restriction: || (== netcoreapp2.0) (&& (>= net451) (>= netstandard1.6)) (>= net46)
    Fake.IO.Zip (5.2)
      Fake.Core.String (>= 5.2) - restriction: || (== netcoreapp2.0) (&& (>= net451) (>= netstandard1.6)) (>= net46)
      Fake.IO.FileSystem (>= 5.2) - restriction: || (== netcoreapp2.0) (&& (>= net451) (>= netstandard1.6)) (>= net46)
      FSharp.Core (>= 4.3.4) - restriction: || (== netcoreapp2.0) (&& (>= net451) (>= netstandard1.6)) (>= net46)
      System.IO.Compression (>= 4.3) - restriction: || (== netcoreapp2.0) (&& (>= net451) (>= netstandard1.6)) (>= net46)
      System.IO.Compression.ZipFile (>= 4.3) - restriction: || (== netcoreapp2.0) (&& (>= net451) (>= netstandard1.6)) (>= net46)
    Fake.Net.Http (5.2) - restriction: || (== netcoreapp2.0) (&& (>= net451) (>= netstandard1.6)) (>= net46)
      Fake.Core.Trace (>= 5.2) - restriction: || (== netcoreapp2.0) (&& (>= net451) (>= netstandard1.6)) (>= net46)
      FSharp.Core (>= 4.3.4) - restriction: || (== netcoreapp2.0) (&& (>= net451) (>= netstandard1.6)) (>= net46)
      System.Net.Http (>= 4.3.3) - restriction: || (&& (== netcoreapp2.0) (< netstandard2.0)) (&& (>= net451) (>= netstandard1.6) (< netstandard2.0)) (>= net46)
    Fake.Testing.Common (5.2) - restriction: || (== netcoreapp2.0) (&& (>= net451) (>= netstandard2.0)) (>= net46)
      Fake.Core.Trace (>= 5.2) - restriction: || (== netcoreapp2.0) (&& (>= net451) (>= netstandard1.6)) (>= net46)
      FSharp.Core (>= 4.3.4) - restriction: || (== netcoreapp2.0) (&& (>= net451) (>= netstandard1.6)) (>= net46)
    Fake.Tools.Git (5.2)
      Fake.Core.Environment (>= 5.2) - restriction: || (== netcoreapp2.0) (&& (>= net451) (>= netstandard1.6)) (>= net46)
      Fake.Core.Process (>= 5.2) - restriction: || (== netcoreapp2.0) (&& (>= net451) (>= netstandard1.6)) (>= net46)
      Fake.Core.SemVer (>= 5.2) - restriction: || (== netcoreapp2.0) (&& (>= net451) (>= netstandard1.6)) (>= net46)
      Fake.Core.String (>= 5.2) - restriction: || (== netcoreapp2.0) (&& (>= net451) (>= netstandard1.6)) (>= net46)
      Fake.Core.Trace (>= 5.2) - restriction: || (== netcoreapp2.0) (&& (>= net451) (>= netstandard1.6)) (>= net46)
      Fake.IO.FileSystem (>= 5.2) - restriction: || (== netcoreapp2.0) (&& (>= net451) (>= netstandard1.6)) (>= net46)
      FSharp.Core (>= 4.3.4) - restriction: || (== netcoreapp2.0) (&& (>= net451) (>= netstandard1.6)) (>= net46)
    FParsec (1.0.3)
      FSharp.Core (>= 4.0.0.1) - restriction: || (&& (== netcoreapp2.0) (>= net40)) (>= net451)
      FSharp.Core (>= 4.2.3) - restriction: || (== netcoreapp2.0) (&& (< net40) (>= net451) (>= netstandard1.6))
      NETStandard.Library (>= 1.6.1) - restriction: || (== netcoreapp2.0) (&& (< net40) (>= net451) (>= netstandard1.6))
    FSharp.Control.Reactive (4.1) - restriction: || (== netcoreapp2.0) (&& (>= net451) (>= netstandard2.0)) (>= net46)
      FSharp.Core (>= 4.2.3) - restriction: || (== netcoreapp2.0) (&& (>= net451) (>= netstandard2.0)) (>= net46)
      System.Reactive (>= 4.0) - restriction: || (== netcoreapp2.0) (&& (>= net451) (>= netstandard2.0)) (>= net46)
    FSharp.Core (4.5.1)
    ILRepack (2.0.15)
    Microsoft.CodeAnalysis.Analyzers (2.6.1) - restriction: || (== netcoreapp2.0) (&& (>= net451) (>= netstandard1.3))
    Microsoft.CodeAnalysis.Common (2.8.2)
      Microsoft.CodeAnalysis.Analyzers (>= 1.1) - restriction: || (== netcoreapp2.0) (&& (>= net451) (>= netstandard1.3))
      System.AppContext (>= 4.3) - restriction: || (== netcoreapp2.0) (&& (>= net451) (>= netstandard1.3))
      System.Collections (>= 4.3) - restriction: || (== netcoreapp2.0) (&& (>= net451) (>= netstandard1.3))
      System.Collections.Concurrent (>= 4.3) - restriction: || (== netcoreapp2.0) (&& (>= net451) (>= netstandard1.3))
      System.Collections.Immutable (>= 1.3.1) - restriction: || (== netcoreapp2.0) (&& (>= net451) (>= netstandard1.3))
      System.Console (>= 4.3) - restriction: || (== netcoreapp2.0) (&& (>= net451) (>= netstandard1.3))
      System.Diagnostics.Debug (>= 4.3) - restriction: || (== netcoreapp2.0) (&& (>= net451) (>= netstandard1.3))
      System.Diagnostics.FileVersionInfo (>= 4.3) - restriction: || (== netcoreapp2.0) (&& (>= net451) (>= netstandard1.3))
      System.Diagnostics.StackTrace (>= 4.3) - restriction: || (== netcoreapp2.0) (&& (>= net451) (>= netstandard1.3))
      System.Diagnostics.Tools (>= 4.3) - restriction: || (== netcoreapp2.0) (&& (>= net451) (>= netstandard1.3))
      System.Dynamic.Runtime (>= 4.3) - restriction: || (== netcoreapp2.0) (&& (>= net451) (>= netstandard1.3))
      System.Globalization (>= 4.3) - restriction: || (== netcoreapp2.0) (&& (>= net451) (>= netstandard1.3))
      System.IO.Compression (>= 4.3) - restriction: || (== netcoreapp2.0) (&& (>= net451) (>= netstandard1.3))
      System.IO.FileSystem (>= 4.3) - restriction: || (== netcoreapp2.0) (&& (>= net451) (>= netstandard1.3))
      System.IO.FileSystem.Primitives (>= 4.3) - restriction: || (== netcoreapp2.0) (&& (>= net451) (>= netstandard1.3))
      System.Linq (>= 4.3) - restriction: || (== netcoreapp2.0) (&& (>= net451) (>= netstandard1.3))
      System.Linq.Expressions (>= 4.3) - restriction: || (== netcoreapp2.0) (&& (>= net451) (>= netstandard1.3))
      System.Reflection (>= 4.3) - restriction: || (== netcoreapp2.0) (&& (>= net451) (>= netstandard1.3))
      System.Reflection.Metadata (>= 1.4.2) - restriction: || (== netcoreapp2.0) (&& (>= net451) (>= netstandard1.3))
      System.Resources.ResourceManager (>= 4.3) - restriction: || (== netcoreapp2.0) (&& (>= net451) (>= netstandard1.3))
      System.Runtime (>= 4.3) - restriction: || (== netcoreapp2.0) (&& (>= net451) (>= netstandard1.3))
      System.Runtime.Extensions (>= 4.3) - restriction: || (== netcoreapp2.0) (&& (>= net451) (>= netstandard1.3))
      System.Runtime.InteropServices (>= 4.3) - restriction: || (== netcoreapp2.0) (&& (>= net451) (>= netstandard1.3))
      System.Runtime.Numerics (>= 4.3) - restriction: || (== netcoreapp2.0) (&& (>= net451) (>= netstandard1.3))
      System.Security.Cryptography.Algorithms (>= 4.3) - restriction: || (== netcoreapp2.0) (&& (>= net451) (>= netstandard1.3))
      System.Security.Cryptography.Encoding (>= 4.3) - restriction: || (== netcoreapp2.0) (&& (>= net451) (>= netstandard1.3))
      System.Security.Cryptography.X509Certificates (>= 4.3) - restriction: || (== netcoreapp2.0) (&& (>= net451) (>= netstandard1.3))
      System.Text.Encoding (>= 4.3) - restriction: || (== netcoreapp2.0) (&& (>= net451) (>= netstandard1.3))
      System.Text.Encoding.CodePages (>= 4.3) - restriction: || (== netcoreapp2.0) (&& (>= net451) (>= netstandard1.3))
      System.Text.Encoding.Extensions (>= 4.3) - restriction: || (== netcoreapp2.0) (&& (>= net451) (>= netstandard1.3))
      System.Threading (>= 4.3) - restriction: || (== netcoreapp2.0) (&& (>= net451) (>= netstandard1.3))
      System.Threading.Tasks (>= 4.3) - restriction: || (== netcoreapp2.0) (&& (>= net451) (>= netstandard1.3))
      System.Threading.Tasks.Parallel (>= 4.3) - restriction: || (== netcoreapp2.0) (&& (>= net451) (>= netstandard1.3))
      System.Threading.Thread (>= 4.3) - restriction: || (== netcoreapp2.0) (&& (>= net451) (>= netstandard1.3))
      System.ValueTuple (>= 4.3) - restriction: || (== netcoreapp2.0) (&& (>= net451) (>= netstandard1.3))
      System.Xml.ReaderWriter (>= 4.3) - restriction: || (== netcoreapp2.0) (&& (>= net451) (>= netstandard1.3))
      System.Xml.XDocument (>= 4.3) - restriction: || (== netcoreapp2.0) (&& (>= net451) (>= netstandard1.3))
      System.Xml.XmlDocument (>= 4.3) - restriction: || (== netcoreapp2.0) (&& (>= net451) (>= netstandard1.3))
      System.Xml.XPath.XDocument (>= 4.3) - restriction: || (== netcoreapp2.0) (&& (>= net451) (>= netstandard1.3))
    Microsoft.CodeAnalysis.CSharp (2.8.2)
      Microsoft.CodeAnalysis.Common (2.8.2)
    Microsoft.CodeAnalysis.CSharp.Workspaces (2.8.2)
      Microsoft.CodeAnalysis.CSharp (2.8.2)
      Microsoft.CodeAnalysis.Workspaces.Common (2.8.2)
    Microsoft.CodeAnalysis.Workspaces.Common (2.8.2)
      Microsoft.CodeAnalysis.Common (2.8.2) - restriction: || (== netcoreapp2.0) (&& (>= net451) (>= netstandard1.3))
      System.Composition (>= 1.0.31) - restriction: || (== netcoreapp2.0) (&& (>= net451) (>= netstandard1.3))
      System.Diagnostics.Contracts (>= 4.3) - restriction: || (== netcoreapp2.0) (&& (>= net451) (< net46) (>= netstandard1.3))
      System.Linq.Parallel (>= 4.3) - restriction: || (== netcoreapp2.0) (&& (>= net451) (< net46) (>= netstandard1.3))
      System.ObjectModel (>= 4.3) - restriction: || (== netcoreapp2.0) (&& (>= net451) (< net46) (>= netstandard1.3))
      System.Text.RegularExpressions (>= 4.3) - restriction: || (== netcoreapp2.0) (&& (>= net451) (< net46) (>= netstandard1.3))
      System.Threading.Tasks.Parallel (>= 4.3) - restriction: || (== netcoreapp2.0) (&& (>= net451) (< net46) (>= netstandard1.3))
    Microsoft.NETCore.Platforms (2.1) - restriction: || (== netcoreapp2.0) (&& (< net45) (>= net451) (< netstandard1.2)) (&& (< net45) (>= net451) (>= netstandard1.3) (< netstandard1.4)) (&& (< net45) (>= net451) (< netstandard1.3)) (&& (< net45) (>= net451) (>= netstandard1.4) (< netstandard1.5)) (&& (< net45) (>= net451) (>= netstandard1.5) (< netstandard1.6)) (&& (< net45) (>= net451) (>= netstandard1.6) (< netstandard2.0)) (&& (< net45) (>= net451) (>= netstandard2.0)) (&& (< net45) (>= net46) (< netstandard1.4)) (&& (< net45) (>= net461)) (&& (>= net451) (>= netcoreapp2.0)) (&& (>= net451) (< netstandard1.0)) (&& (>= net451) (< netstandard1.3) (>= wpa81)) (&& (>= net451) (< portable-net45+win8+wpa81)) (&& (>= net451) (>= uap10.0)) (&& (>= net451) (>= wp8)) (&& (>= net461) (>= netcoreapp2.0))
    Microsoft.NETCore.Targets (2.1) - restriction: || (== netcoreapp2.0) (&& (>= dnxcore50) (>= net451) (>= netstandard1.6)) (&& (>= dnxcore50) (>= net46)) (&& (< net45) (>= net451) (>= netstandard1.6)) (&& (< net45) (>= net46))
    Microsoft.Win32.Primitives (4.3) - restriction: || (== netcoreapp2.0) (&& (>= net451) (< net46) (>= netstandard1.6))
      Microsoft.NETCore.Platforms (>= 1.1) - restriction: || (== netcoreapp2.0) (&& (>= net451) (< net46) (>= netstandard1.3))
      Microsoft.NETCore.Targets (>= 1.1) - restriction: || (== netcoreapp2.0) (&& (>= net451) (< net46) (>= netstandard1.3))
      System.Runtime (>= 4.3) - restriction: || (== netcoreapp2.0) (&& (>= net451) (< net46) (>= netstandard1.3))
    Microsoft.Win32.Registry (4.5) - restriction: || (== netcoreapp2.0) (&& (>= net451) (< net46) (>= netstandard1.6))
      System.Memory (>= 4.5) - restriction: || (== netcoreapp2.0) (&& (>= net451) (< net46) (>= netstandard2.0)) (&& (>= net451) (>= netcoreapp2.0)) (&& (>= net451) (>= uap10.1))
      System.Security.AccessControl (>= 4.5) - restriction: || (== netcoreapp2.0) (&& (>= monoandroid) (>= net451)) (&& (>= monotouch) (>= net451)) (&& (>= net451) (< net46) (>= netstandard2.0)) (&& (>= net451) (>= netcoreapp2.0)) (&& (>= net451) (>= netcoreapp2.1)) (&& (>= net451) (>= xamarinios)) (&& (>= net451) (>= xamarinmac)) (&& (>= net451) (>= xamarintvos)) (&& (>= net451) (>= xamarinwatchos)) (>= net461)
      System.Security.Principal.Windows (>= 4.5) - restriction: || (== netcoreapp2.0) (&& (>= monoandroid) (>= net451)) (&& (>= monotouch) (>= net451)) (&& (>= net451) (< net46) (>= netstandard2.0)) (&& (>= net451) (>= netcoreapp2.0)) (&& (>= net451) (>= netcoreapp2.1)) (&& (>= net451) (>= xamarinios)) (&& (>= net451) (>= xamarinmac)) (&& (>= net451) (>= xamarintvos)) (&& (>= net451) (>= xamarinwatchos)) (>= net461)
    Mono.Cecil (0.10) - restriction: || (== netcoreapp2.0) (&& (>= net451) (>= netstandard2.0)) (>= net461)
      System.Collections (>= 4.0.11) - restriction: || (== netcoreapp2.0) (&& (< net35) (>= net451) (>= netstandard1.3))
      System.IO.FileSystem (>= 4.0.1) - restriction: || (== netcoreapp2.0) (&& (< net35) (>= net451) (>= netstandard1.3))
      System.IO.FileSystem.Primitives (>= 4.0.1) - restriction: || (== netcoreapp2.0) (&& (< net35) (>= net451) (>= netstandard1.3))
      System.Reflection (>= 4.1) - restriction: || (== netcoreapp2.0) (&& (< net35) (>= net451) (>= netstandard1.3))
      System.Runtime.Extensions (>= 4.1) - restriction: || (== netcoreapp2.0) (&& (< net35) (>= net451) (>= netstandard1.3))
      System.Security.Cryptography.Algorithms (>= 4.2) - restriction: || (== netcoreapp2.0) (&& (< net35) (>= net451) (>= netstandard1.3))
      System.Security.Cryptography.Csp (>= 4.0) - restriction: || (== netcoreapp2.0) (&& (< net35) (>= net451) (>= netstandard1.3))
      System.Threading (>= 4.0.11) - restriction: || (== netcoreapp2.0) (&& (< net35) (>= net451) (>= netstandard1.3))
    NETStandard.Library (2.0.3) - restriction: || (== netcoreapp2.0) (&& (< net40) (>= net451) (>= netstandard1.6)) (&& (< net45) (>= net451))
      Microsoft.NETCore.Platforms (>= 1.1)
    NFluent (2.3.1)
    Octokit (0.30)
      NETStandard.Library (>= 1.6) - restriction: || (== netcoreapp2.0) (&& (< net45) (>= net451))
      SourceLink.Create.GitHub (>= 2.8)
    runtime.debian.8-x64.runtime.native.System.Security.Cryptography.OpenSsl (4.3.3) - restriction: || (== netcoreapp2.0) (&& (< net35) (>= net451) (>= netstandard2.0)) (&& (< net35) (>= net461) (>= netstandard1.6))
    runtime.debian.9-x64.runtime.native.System.Security.Cryptography.OpenSsl (4.3.3) - restriction: || (== netcoreapp2.0) (&& (< net35) (>= net451) (>= netstandard2.0)) (&& (< net35) (>= net461) (>= netstandard1.6))
    runtime.fedora.23-x64.runtime.native.System.Security.Cryptography.OpenSsl (4.3.3) - restriction: || (== netcoreapp2.0) (&& (< net35) (>= net451) (>= netstandard2.0)) (&& (< net35) (>= net461) (>= netstandard1.6))
    runtime.fedora.24-x64.runtime.native.System.Security.Cryptography.OpenSsl (4.3.3) - restriction: || (== netcoreapp2.0) (&& (< net35) (>= net451) (>= netstandard2.0)) (&& (< net35) (>= net461) (>= netstandard1.6))
    runtime.fedora.27-x64.runtime.native.System.Security.Cryptography.OpenSsl (4.3.3) - restriction: || (== netcoreapp2.0) (&& (< net35) (>= net451) (>= netstandard2.0)) (&& (< net35) (>= net461) (>= netstandard1.6))
    runtime.fedora.28-x64.runtime.native.System.Security.Cryptography.OpenSsl (4.3.3) - restriction: || (== netcoreapp2.0) (&& (< net35) (>= net451) (>= netstandard2.0)) (&& (< net35) (>= net461) (>= netstandard1.6))
    runtime.native.System (4.3.1) - restriction: || (== netcoreapp2.0) (&& (>= net451) (< net46) (>= netstandard1.6))
      Microsoft.NETCore.Platforms (>= 1.1.1)
      Microsoft.NETCore.Targets (>= 1.1.3)
    runtime.native.System.IO.Compression (4.3.2) - restriction: || (== netcoreapp2.0) (&& (>= dnxcore50) (>= net451) (>= netstandard1.6)) (&& (>= dnxcore50) (>= net46)) (&& (< net45) (>= net451) (>= netstandard1.6)) (&& (< net45) (>= net46))
      Microsoft.NETCore.Platforms (>= 1.1.1)
      Microsoft.NETCore.Targets (>= 1.1.3)
    runtime.native.System.Security.Cryptography.Apple (4.3.1) - restriction: || (== netcoreapp2.0) (&& (< net35) (>= net451) (>= netstandard2.0)) (&& (< net35) (>= net461) (>= netstandard1.6))
      runtime.osx.10.10-x64.runtime.native.System.Security.Cryptography.Apple (>= 4.3.1)
    runtime.native.System.Security.Cryptography.OpenSsl (4.3.3) - restriction: || (== netcoreapp2.0) (&& (< net35) (>= net451) (>= netstandard2.0)) (&& (< net35) (>= net461) (>= netstandard1.6))
      runtime.debian.8-x64.runtime.native.System.Security.Cryptography.OpenSsl (>= 4.3.3)
      runtime.debian.9-x64.runtime.native.System.Security.Cryptography.OpenSsl (>= 4.3.3)
      runtime.fedora.23-x64.runtime.native.System.Security.Cryptography.OpenSsl (>= 4.3.3)
      runtime.fedora.24-x64.runtime.native.System.Security.Cryptography.OpenSsl (>= 4.3.3)
      runtime.fedora.27-x64.runtime.native.System.Security.Cryptography.OpenSsl (>= 4.3.3)
      runtime.fedora.28-x64.runtime.native.System.Security.Cryptography.OpenSsl (>= 4.3.3)
      runtime.opensuse.13.2-x64.runtime.native.System.Security.Cryptography.OpenSsl (>= 4.3.3)
      runtime.opensuse.42.1-x64.runtime.native.System.Security.Cryptography.OpenSsl (>= 4.3.3)
      runtime.opensuse.42.3-x64.runtime.native.System.Security.Cryptography.OpenSsl (>= 4.3.3)
      runtime.osx.10.10-x64.runtime.native.System.Security.Cryptography.OpenSsl (>= 4.3.3)
      runtime.rhel.7-x64.runtime.native.System.Security.Cryptography.OpenSsl (>= 4.3.3)
      runtime.ubuntu.14.04-x64.runtime.native.System.Security.Cryptography.OpenSsl (>= 4.3.3)
      runtime.ubuntu.16.04-x64.runtime.native.System.Security.Cryptography.OpenSsl (>= 4.3.3)
      runtime.ubuntu.16.10-x64.runtime.native.System.Security.Cryptography.OpenSsl (>= 4.3.3)
      runtime.ubuntu.18.04-x64.runtime.native.System.Security.Cryptography.OpenSsl (>= 4.3.3)
    runtime.opensuse.13.2-x64.runtime.native.System.Security.Cryptography.OpenSsl (4.3.3) - restriction: || (== netcoreapp2.0) (&& (< net35) (>= net451) (>= netstandard2.0)) (&& (< net35) (>= net461) (>= netstandard1.6))
    runtime.opensuse.42.1-x64.runtime.native.System.Security.Cryptography.OpenSsl (4.3.3) - restriction: || (== netcoreapp2.0) (&& (< net35) (>= net451) (>= netstandard2.0)) (&& (< net35) (>= net461) (>= netstandard1.6))
    runtime.opensuse.42.3-x64.runtime.native.System.Security.Cryptography.OpenSsl (4.3.3) - restriction: || (== netcoreapp2.0) (&& (< net35) (>= net451) (>= netstandard2.0)) (&& (< net35) (>= net461) (>= netstandard1.6))
    runtime.osx.10.10-x64.runtime.native.System.Security.Cryptography.Apple (4.3.1) - restriction: || (== netcoreapp2.0) (&& (< net35) (>= net451) (>= netstandard2.0)) (&& (< net35) (>= net461) (>= netstandard1.6))
    runtime.osx.10.10-x64.runtime.native.System.Security.Cryptography.OpenSsl (4.3.3) - restriction: || (== netcoreapp2.0) (&& (< net35) (>= net451) (>= netstandard2.0)) (&& (< net35) (>= net461) (>= netstandard1.6))
    runtime.rhel.7-x64.runtime.native.System.Security.Cryptography.OpenSsl (4.3.3) - restriction: || (== netcoreapp2.0) (&& (< net35) (>= net451) (>= netstandard2.0)) (&& (< net35) (>= net461) (>= netstandard1.6))
    runtime.ubuntu.14.04-x64.runtime.native.System.Security.Cryptography.OpenSsl (4.3.3) - restriction: || (== netcoreapp2.0) (&& (< net35) (>= net451) (>= netstandard2.0)) (&& (< net35) (>= net461) (>= netstandard1.6))
    runtime.ubuntu.16.04-x64.runtime.native.System.Security.Cryptography.OpenSsl (4.3.3) - restriction: || (== netcoreapp2.0) (&& (< net35) (>= net451) (>= netstandard2.0)) (&& (< net35) (>= net461) (>= netstandard1.6))
    runtime.ubuntu.16.10-x64.runtime.native.System.Security.Cryptography.OpenSsl (4.3.3) - restriction: || (== netcoreapp2.0) (&& (< net35) (>= net451) (>= netstandard2.0)) (&& (< net35) (>= net461) (>= netstandard1.6))
    runtime.ubuntu.18.04-x64.runtime.native.System.Security.Cryptography.OpenSsl (4.3.3) - restriction: || (== netcoreapp2.0) (&& (< net35) (>= net451) (>= netstandard2.0)) (&& (< net35) (>= net461) (>= netstandard1.6))
    SourceLink.Create.GitHub (2.8.3)
    SourceLink.Fake (1.1)
    System.AppContext (4.3) - restriction: || (== netcoreapp2.0) (&& (>= net451) (>= netstandard1.3))
      System.Runtime (>= 4.3) - restriction: || (== netcoreapp2.0) (&& (>= dnxcore50) (>= net451)) (&& (>= net451) (< net46) (>= netstandard1.3) (< netstandard1.6)) (&& (>= net451) (< net46) (>= netstandard1.6))
    System.Buffers (4.5) - restriction: || (== netcoreapp2.0) (&& (>= dnxcore50) (>= net451) (>= netstandard1.6)) (&& (>= dnxcore50) (>= net46)) (&& (< net45) (>= net451) (>= netstandard1.6)) (&& (< net45) (>= net46))
    System.Collections (4.3) - restriction: || (== netcoreapp2.0) (&& (>= dnxcore50) (>= net451) (>= netstandard1.6)) (&& (>= dnxcore50) (>= net46)) (&& (< net45) (>= net451) (>= netstandard1.6)) (&& (< net45) (>= net46)) (&& (>= net451) (>= netstandard1.3))
      Microsoft.NETCore.Platforms (>= 1.1) - restriction: || (== netcoreapp2.0) (&& (>= dnxcore50) (>= net451)) (&& (< net45) (>= net451) (>= netstandard1.3)) (&& (< net45) (>= net451) (< netstandard1.3))
      Microsoft.NETCore.Targets (>= 1.1) - restriction: || (== netcoreapp2.0) (&& (>= dnxcore50) (>= net451)) (&& (< net45) (>= net451) (>= netstandard1.3)) (&& (< net45) (>= net451) (< netstandard1.3))
      System.Runtime (>= 4.3) - restriction: || (== netcoreapp2.0) (&& (>= dnxcore50) (>= net451)) (&& (< net45) (>= net451) (>= netstandard1.3)) (&& (< net45) (>= net451) (< netstandard1.3))
    System.Collections.Concurrent (4.3) - restriction: || (== netcoreapp2.0) (&& (>= net451) (>= netstandard1.3))
      System.Collections (>= 4.3) - restriction: || (== netcoreapp2.0) (&& (>= dnxcore50) (>= net451)) (&& (< net45) (>= net451) (>= netstandard1.3))
      System.Diagnostics.Debug (>= 4.3) - restriction: || (== netcoreapp2.0) (&& (>= dnxcore50) (>= net451)) (&& (< net45) (>= net451) (>= netstandard1.3))
      System.Diagnostics.Tracing (>= 4.3) - restriction: || (== netcoreapp2.0) (&& (>= dnxcore50) (>= net451)) (&& (< net45) (>= net451) (>= netstandard1.3))
      System.Globalization (>= 4.3) - restriction: || (== netcoreapp2.0) (&& (>= dnxcore50) (>= net451)) (&& (< net45) (>= net451) (>= netstandard1.3))
      System.Reflection (>= 4.3) - restriction: || (== netcoreapp2.0) (&& (< net45) (>= net451) (>= netstandard1.3))
      System.Resources.ResourceManager (>= 4.3) - restriction: || (== netcoreapp2.0) (&& (>= dnxcore50) (>= net451)) (&& (< net45) (>= net451) (>= netstandard1.3))
      System.Runtime (>= 4.3) - restriction: || (== netcoreapp2.0) (&& (>= dnxcore50) (>= net451)) (&& (< net45) (>= net451) (>= netstandard1.3)) (&& (< net45) (>= net451) (< netstandard1.3))
      System.Runtime.Extensions (>= 4.3) - restriction: || (== netcoreapp2.0) (&& (>= dnxcore50) (>= net451)) (&& (< net45) (>= net451) (>= netstandard1.3))
      System.Threading (>= 4.3) - restriction: || (== netcoreapp2.0) (&& (>= dnxcore50) (>= net451)) (&& (< net45) (>= net451) (>= netstandard1.3))
      System.Threading.Tasks (>= 4.3) - restriction: || (== netcoreapp2.0) (&& (>= dnxcore50) (>= net451)) (&& (< net45) (>= net451) (>= netstandard1.3)) (&& (< net45) (>= net451) (< netstandard1.3))
    System.Collections.Immutable (1.5) - restriction: || (== netcoreapp2.0) (&& (>= dnxcore50) (>= net451) (>= netstandard2.0)) (&& (>= net451) (< net46) (>= netstandard2.0)) (&& (>= net451) (< netstandard1.1) (>= netstandard2.0)) (&& (>= net451) (>= netstandard1.3))
    System.Composition (1.2) - restriction: || (== netcoreapp2.0) (&& (>= net451) (>= netstandard1.3))
      System.Composition.AttributedModel (>= 1.2)
      System.Composition.Convention (>= 1.2)
      System.Composition.Hosting (>= 1.2)
      System.Composition.Runtime (>= 1.2)
      System.Composition.TypedParts (>= 1.2)
    System.Composition.AttributedModel (1.2) - restriction: || (== netcoreapp2.0) (&& (>= net451) (>= netstandard1.3))
    System.Composition.Convention (1.2) - restriction: || (== netcoreapp2.0) (&& (>= net451) (>= netstandard1.3))
      System.Composition.AttributedModel (>= 1.2)
    System.Composition.Hosting (1.2) - restriction: || (== netcoreapp2.0) (&& (>= net451) (>= netstandard1.3))
      System.Composition.Runtime (>= 1.2)
    System.Composition.Runtime (1.2) - restriction: || (== netcoreapp2.0) (&& (>= net451) (>= netstandard1.3))
    System.Composition.TypedParts (1.2) - restriction: || (== netcoreapp2.0) (&& (>= net451) (>= netstandard1.3))
      System.Composition.AttributedModel (>= 1.2)
      System.Composition.Hosting (>= 1.2)
      System.Composition.Runtime (>= 1.2)
    System.Configuration.ConfigurationManager (4.5) - restriction: || (== netcoreapp2.0) (&& (< net45) (>= net451) (>= netstandard2.0)) (&& (< net45) (>= net461) (>= netstandard2.0))
      System.Security.Cryptography.ProtectedData (>= 4.5) - restriction: || (== netcoreapp2.0) (&& (>= net451) (< net461) (>= netstandard2.0))
      System.Security.Permissions (>= 4.5) - restriction: || (== netcoreapp2.0) (&& (>= monoandroid) (>= net451)) (&& (>= monotouch) (>= net451)) (&& (>= net451) (>= netstandard2.0)) (&& (>= net451) (>= xamarinios)) (&& (>= net451) (>= xamarinmac)) (&& (>= net451) (>= xamarintvos)) (&& (>= net451) (>= xamarinwatchos)) (>= net461)
    System.Console (4.3.1) - restriction: || (== netcoreapp2.0) (&& (>= net451) (>= netstandard1.3))
      Microsoft.NETCore.Platforms (>= 1.1) - restriction: || (== netcoreapp2.0) (&& (>= net451) (< net46) (>= netstandard1.3))
      Microsoft.NETCore.Targets (>= 1.1.2) - restriction: || (== netcoreapp2.0) (&& (>= net451) (< net46) (>= netstandard1.3))
      System.IO (>= 4.3) - restriction: || (== netcoreapp2.0) (&& (>= net451) (< net46) (>= netstandard1.3))
      System.Runtime (>= 4.3) - restriction: || (== netcoreapp2.0) (&& (>= net451) (< net46) (>= netstandard1.3))
      System.Text.Encoding (>= 4.3) - restriction: || (== netcoreapp2.0) (&& (>= net451) (< net46) (>= netstandard1.3))
    System.Diagnostics.Contracts (4.3) - restriction: || (== netcoreapp2.0) (&& (>= net451) (< net46) (>= netstandard1.3))
      System.Runtime (>= 4.3) - restriction: || (== netcoreapp2.0) (&& (>= dnxcore50) (>= net451)) (&& (< net45) (>= net451))
    System.Diagnostics.Debug (4.3) - restriction: || (== netcoreapp2.0) (&& (>= dnxcore50) (>= net451) (>= netstandard1.6)) (&& (>= dnxcore50) (>= net46)) (&& (< net45) (>= net451) (>= netstandard1.6)) (&& (< net45) (>= net46)) (&& (>= net451) (>= netstandard1.3))
      Microsoft.NETCore.Platforms (>= 1.1) - restriction: || (== netcoreapp2.0) (&& (>= dnxcore50) (>= net451)) (&& (< net45) (>= net451) (>= netstandard1.3)) (&& (< net45) (>= net451) (< netstandard1.3))
      Microsoft.NETCore.Targets (>= 1.1) - restriction: || (== netcoreapp2.0) (&& (>= dnxcore50) (>= net451)) (&& (< net45) (>= net451) (>= netstandard1.3)) (&& (< net45) (>= net451) (< netstandard1.3))
      System.Runtime (>= 4.3) - restriction: || (== netcoreapp2.0) (&& (>= dnxcore50) (>= net451)) (&& (< net45) (>= net451) (>= netstandard1.3)) (&& (< net45) (>= net451) (< netstandard1.3))
    System.Diagnostics.FileVersionInfo (4.3) - restriction: || (== netcoreapp2.0) (&& (>= net451) (< net461) (>= netstandard2.0)) (&& (>= net451) (>= netstandard1.6)) (>= net46)
      Microsoft.NETCore.Platforms (>= 1.1) - restriction: || (== netcoreapp2.0) (&& (>= dnxcore50) (>= net451)) (&& (>= net451) (< net46) (>= netstandard1.3))
      System.Globalization (>= 4.3) - restriction: || (== netcoreapp2.0) (&& (>= net451) (< net46) (>= netstandard1.3))
      System.IO (>= 4.3) - restriction: || (== netcoreapp2.0) (&& (>= dnxcore50) (>= net451)) (&& (>= net451) (< net46) (>= netstandard1.3))
      System.IO.FileSystem (>= 4.3) - restriction: || (== netcoreapp2.0) (&& (>= dnxcore50) (>= net451)) (&& (>= net451) (< net46) (>= netstandard1.3))
      System.IO.FileSystem.Primitives (>= 4.3) - restriction: || (== netcoreapp2.0) (&& (>= dnxcore50) (>= net451)) (&& (>= net451) (< net46) (>= netstandard1.3))
      System.Reflection.Metadata (>= 1.4.1) - restriction: || (== netcoreapp2.0) (&& (>= dnxcore50) (>= net451)) (&& (>= net451) (< net46) (>= netstandard1.3))
      System.Runtime (>= 4.3) - restriction: || (== netcoreapp2.0) (&& (>= dnxcore50) (>= net451)) (&& (>= net451) (< net46) (>= netstandard1.3))
      System.Runtime.Extensions (>= 4.3) - restriction: || (== netcoreapp2.0) (&& (>= dnxcore50) (>= net451)) (&& (>= net451) (< net46) (>= netstandard1.3))
      System.Runtime.InteropServices (>= 4.3) - restriction: || (== netcoreapp2.0) (&& (>= net451) (< net46) (>= netstandard1.3))
    System.Diagnostics.Process (4.3) - restriction: || (== netcoreapp2.0) (&& (>= net451) (>= netstandard1.6)) (>= net46)
      Microsoft.NETCore.Platforms (>= 1.1) - restriction: || (== netcoreapp2.0) (&& (>= net451) (< net46) (>= netstandard1.4))
      Microsoft.Win32.Primitives (>= 4.3) - restriction: || (== netcoreapp2.0) (&& (>= net451) (< net46) (>= netstandard1.4))
      Microsoft.Win32.Registry (>= 4.3) - restriction: || (== netcoreapp2.0) (&& (>= net451) (< net46) (>= netstandard1.4))
      runtime.native.System (>= 4.3) - restriction: || (== netcoreapp2.0) (&& (>= net451) (< net46) (>= netstandard1.4))
      System.Collections (>= 4.3) - restriction: || (== netcoreapp2.0) (&& (>= net451) (< net46) (>= netstandard1.4))
      System.Diagnostics.Debug (>= 4.3) - restriction: || (== netcoreapp2.0) (&& (>= net451) (< net46) (>= netstandard1.4))
      System.Globalization (>= 4.3) - restriction: || (== netcoreapp2.0) (&& (>= net451) (< net46) (>= netstandard1.4))
      System.IO (>= 4.3) - restriction: || (== netcoreapp2.0) (&& (>= net451) (< net46) (>= netstandard1.3) (< netstandard1.4)) (&& (>= net451) (< net46) (>= netstandard1.4))
      System.IO.FileSystem (>= 4.3) - restriction: || (== netcoreapp2.0) (&& (>= net451) (< net46) (>= netstandard1.4))
      System.IO.FileSystem.Primitives (>= 4.3) - restriction: || (== netcoreapp2.0) (&& (>= net451) (< net46) (>= netstandard1.4))
      System.Resources.ResourceManager (>= 4.3) - restriction: || (== netcoreapp2.0) (&& (>= net451) (< net46) (>= netstandard1.4))
      System.Runtime (>= 4.3) - restriction: || (== netcoreapp2.0) (&& (>= net451) (< net46) (>= netstandard1.3) (< netstandard1.4)) (&& (>= net451) (< net46) (>= netstandard1.4))
      System.Runtime.Extensions (>= 4.3) - restriction: || (== netcoreapp2.0) (&& (>= net451) (< net46) (>= netstandard1.4))
      System.Runtime.Handles (>= 4.3) - restriction: || (== netcoreapp2.0) (&& (>= net451) (< net46) (>= netstandard1.3) (< netstandard1.4)) (&& (>= net451) (< net46) (>= netstandard1.4))
      System.Runtime.InteropServices (>= 4.3) - restriction: || (== netcoreapp2.0) (&& (>= net451) (< net46) (>= netstandard1.4))
      System.Text.Encoding (>= 4.3) - restriction: || (== netcoreapp2.0) (&& (>= net451) (< net46) (>= netstandard1.3) (< netstandard1.4)) (&& (>= net451) (< net46) (>= netstandard1.4))
      System.Text.Encoding.Extensions (>= 4.3) - restriction: || (== netcoreapp2.0) (&& (>= net451) (< net46) (>= netstandard1.4))
      System.Threading (>= 4.3) - restriction: || (== netcoreapp2.0) (&& (>= net451) (< net46) (>= netstandard1.4))
      System.Threading.Tasks (>= 4.3) - restriction: || (== netcoreapp2.0) (&& (>= net451) (< net46) (>= netstandard1.4))
      System.Threading.Thread (>= 4.3) - restriction: || (== netcoreapp2.0) (&& (>= net451) (< net46) (>= netstandard1.4))
      System.Threading.ThreadPool (>= 4.3) - restriction: || (== netcoreapp2.0) (&& (>= net451) (< net46) (>= netstandard1.4))
    System.Diagnostics.StackTrace (4.3) - restriction: || (== netcoreapp2.0) (&& (>= net451) (>= netstandard1.3))
      System.IO.FileSystem (>= 4.3) - restriction: || (== netcoreapp2.0) (&& (>= net451) (< net46) (>= netstandard1.3))
      System.Reflection (>= 4.3) - restriction: || (== netcoreapp2.0) (&& (>= net451) (< net46) (>= netstandard1.3))
      System.Reflection.Metadata (>= 1.4.1) - restriction: || (== netcoreapp2.0) (&& (>= net451) (< net46) (>= netstandard1.3))
      System.Runtime (>= 4.3) - restriction: || (== netcoreapp2.0) (&& (>= net451) (< net46) (>= netstandard1.3))
    System.Diagnostics.Tools (4.3) - restriction: || (== netcoreapp2.0) (&& (>= dnxcore50) (>= net451) (>= netstandard1.6)) (&& (>= dnxcore50) (>= net451) (>= netstandard2.0)) (&& (< net45) (>= net451) (>= netstandard1.6) (< netstandard2.0)) (&& (< net45) (>= net451) (>= netstandard2.0)) (&& (>= net451) (>= netstandard1.3))
      Microsoft.NETCore.Platforms (>= 1.1) - restriction: || (== netcoreapp2.0) (&& (>= dnxcore50) (>= net451)) (&& (< net45) (>= net451))
      Microsoft.NETCore.Targets (>= 1.1) - restriction: || (== netcoreapp2.0) (&& (>= dnxcore50) (>= net451)) (&& (< net45) (>= net451))
      System.Runtime (>= 4.3) - restriction: || (== netcoreapp2.0) (&& (>= dnxcore50) (>= net451)) (&& (< net45) (>= net451))
    System.Diagnostics.Tracing (4.3) - restriction: || (== netcoreapp2.0) (&& (>= dnxcore50) (>= net451) (>= netstandard1.3)) (&& (< net45) (>= net451) (>= netstandard1.3))
      Microsoft.NETCore.Platforms (>= 1.1) - restriction: || (== netcoreapp2.0) (&& (>= dnxcore50) (>= net451)) (&& (< net45) (>= net451) (< netstandard1.2)) (&& (< net45) (>= net451) (>= netstandard1.3) (< netstandard1.5)) (&& (< net45) (>= net451) (< netstandard1.3)) (&& (< net45) (>= net451) (>= netstandard1.5))
      Microsoft.NETCore.Targets (>= 1.1) - restriction: || (== netcoreapp2.0) (&& (>= dnxcore50) (>= net451)) (&& (< net45) (>= net451) (< netstandard1.2)) (&& (< net45) (>= net451) (>= netstandard1.3) (< netstandard1.5)) (&& (< net45) (>= net451) (< netstandard1.3)) (&& (< net45) (>= net451) (>= netstandard1.5))
      System.Runtime (>= 4.3) - restriction: || (== netcoreapp2.0) (&& (>= dnxcore50) (>= net451)) (&& (< net45) (>= net451) (< netstandard1.2)) (&& (< net45) (>= net451) (>= netstandard1.3) (< netstandard1.5)) (&& (< net45) (>= net451) (< netstandard1.3)) (&& (< net45) (>= net451) (>= netstandard1.5))
    System.Dynamic.Runtime (4.3) - restriction: || (== netcoreapp2.0) (&& (>= net451) (>= netstandard1.3))
      System.Collections (>= 4.3) - restriction: || (== netcoreapp2.0) (&& (>= dnxcore50) (>= net451)) (&& (< net45) (>= net451) (>= netstandard1.3))
      System.Diagnostics.Debug (>= 4.3) - restriction: || (== netcoreapp2.0) (&& (>= dnxcore50) (>= net451)) (&& (< net45) (>= net451) (>= netstandard1.3))
      System.Linq (>= 4.3) - restriction: || (== netcoreapp2.0) (&& (>= dnxcore50) (>= net451)) (&& (< net45) (>= net451) (>= netstandard1.3))
      System.Linq.Expressions (>= 4.3) - restriction: || (== netcoreapp2.0) (&& (>= dnxcore50) (>= net451)) (&& (< net45) (>= net451) (>= netstandard1.3)) (&& (< net45) (>= net451) (< netstandard1.3))
      System.ObjectModel (>= 4.3) - restriction: || (== netcoreapp2.0) (&& (>= dnxcore50) (>= net451)) (&& (< net45) (>= net451) (>= netstandard1.3)) (&& (< net45) (>= net451) (< netstandard1.3))
      System.Reflection (>= 4.3) - restriction: || (== netcoreapp2.0) (&& (>= dnxcore50) (>= net451)) (&& (< net45) (>= net451) (>= netstandard1.3)) (&& (< net45) (>= net451) (< netstandard1.3))
      System.Reflection.Emit (>= 4.3) - restriction: || (== netcoreapp2.0) (&& (< net45) (>= net451) (>= netstandard1.3))
      System.Reflection.Emit.ILGeneration (>= 4.3) - restriction: || (== netcoreapp2.0) (&& (< net45) (>= net451) (>= netstandard1.3))
      System.Reflection.Primitives (>= 4.3) - restriction: || (== netcoreapp2.0) (&& (< net45) (>= net451) (>= netstandard1.3))
      System.Reflection.TypeExtensions (>= 4.3) - restriction: || (== netcoreapp2.0) (&& (>= dnxcore50) (>= net451)) (&& (< net45) (>= net451) (>= netstandard1.3))
      System.Resources.ResourceManager (>= 4.3) - restriction: || (== netcoreapp2.0) (&& (>= dnxcore50) (>= net451)) (&& (< net45) (>= net451) (>= netstandard1.3))
      System.Runtime (>= 4.3) - restriction: || (== netcoreapp2.0) (&& (>= dnxcore50) (>= net451)) (&& (< net45) (>= net451) (>= netstandard1.3)) (&& (< net45) (>= net451) (< netstandard1.3))
      System.Runtime.Extensions (>= 4.3) - restriction: || (== netcoreapp2.0) (&& (>= dnxcore50) (>= net451)) (&& (< net45) (>= net451) (>= netstandard1.3))
      System.Threading (>= 4.3) - restriction: || (== netcoreapp2.0) (&& (>= dnxcore50) (>= net451)) (&& (< net45) (>= net451) (>= netstandard1.3))
    System.Globalization (4.3) - restriction: || (== netcoreapp2.0) (&& (>= dnxcore50) (>= net451) (>= netstandard1.6)) (&& (>= dnxcore50) (>= net46)) (&& (< net45) (>= net451) (>= netstandard1.6)) (&& (< net45) (>= net46)) (&& (>= net451) (>= netstandard1.3))
      Microsoft.NETCore.Platforms (>= 1.1) - restriction: || (== netcoreapp2.0) (&& (>= dnxcore50) (>= net451)) (&& (< net45) (>= net451) (>= netstandard1.3)) (&& (< net45) (>= net451) (< netstandard1.3))
      Microsoft.NETCore.Targets (>= 1.1) - restriction: || (== netcoreapp2.0) (&& (>= dnxcore50) (>= net451)) (&& (< net45) (>= net451) (>= netstandard1.3)) (&& (< net45) (>= net451) (< netstandard1.3))
      System.Runtime (>= 4.3) - restriction: || (== netcoreapp2.0) (&& (>= dnxcore50) (>= net451)) (&& (< net45) (>= net451) (>= netstandard1.3)) (&& (< net45) (>= net451) (< netstandard1.3))
    System.IO (4.3) - restriction: || (== netcoreapp2.0) (&& (>= dnxcore50) (>= net451) (>= netstandard1.6)) (&& (>= dnxcore50) (>= net46)) (&& (< net45) (>= net451) (>= netstandard1.6)) (&& (< net45) (>= net46))
      Microsoft.NETCore.Platforms (>= 1.1) - restriction: || (== netcoreapp2.0) (&& (>= dnxcore50) (>= net451)) (&& (< net45) (>= net451) (>= netstandard1.3) (< netstandard1.5)) (&& (< net45) (>= net451) (< netstandard1.3)) (&& (< net45) (>= net451) (>= netstandard1.5))
      Microsoft.NETCore.Targets (>= 1.1) - restriction: || (== netcoreapp2.0) (&& (>= dnxcore50) (>= net451)) (&& (< net45) (>= net451) (>= netstandard1.3) (< netstandard1.5)) (&& (< net45) (>= net451) (< netstandard1.3)) (&& (< net45) (>= net451) (>= netstandard1.5))
      System.Runtime (>= 4.3) - restriction: || (== netcoreapp2.0) (&& (>= dnxcore50) (>= net451)) (&& (< net45) (>= net451) (>= netstandard1.3) (< netstandard1.5)) (&& (< net45) (>= net451) (< netstandard1.3)) (&& (< net45) (>= net451) (>= netstandard1.5))
      System.Text.Encoding (>= 4.3) - restriction: || (== netcoreapp2.0) (&& (>= dnxcore50) (>= net451)) (&& (< net45) (>= net451) (>= netstandard1.3) (< netstandard1.5)) (&& (< net45) (>= net451) (< netstandard1.3)) (&& (< net45) (>= net451) (>= netstandard1.5))
      System.Threading.Tasks (>= 4.3) - restriction: || (== netcoreapp2.0) (&& (>= dnxcore50) (>= net451)) (&& (< net45) (>= net451) (>= netstandard1.3) (< netstandard1.5)) (&& (< net45) (>= net451) (< netstandard1.3)) (&& (< net45) (>= net451) (>= netstandard1.5))
    System.IO.Compression (4.3) - restriction: || (== netcoreapp2.0) (&& (>= net451) (>= netstandard1.6)) (>= net46)
      Microsoft.NETCore.Platforms (>= 1.1) - restriction: || (== netcoreapp2.0) (&& (< net45) (>= net451) (>= netstandard1.3))
      runtime.native.System (>= 4.3) - restriction: || (== netcoreapp2.0) (&& (< net45) (>= net451) (>= netstandard1.3))
      runtime.native.System.IO.Compression (>= 4.3) - restriction: || (== netcoreapp2.0) (&& (>= dnxcore50) (>= net451)) (&& (< net45) (>= net451) (>= netstandard1.3))
      System.Buffers (>= 4.3) - restriction: || (== netcoreapp2.0) (&& (>= dnxcore50) (>= net451)) (&& (< net45) (>= net451) (>= netstandard1.3))
      System.Collections (>= 4.3) - restriction: || (== netcoreapp2.0) (&& (>= dnxcore50) (>= net451)) (&& (< net45) (>= net451) (>= netstandard1.3))
      System.Diagnostics.Debug (>= 4.3) - restriction: || (== netcoreapp2.0) (&& (>= dnxcore50) (>= net451)) (&& (< net45) (>= net451) (>= netstandard1.3))
      System.IO (>= 4.3) - restriction: || (== netcoreapp2.0) (&& (>= dnxcore50) (>= net451)) (&& (< net45) (>= net451) (>= netstandard1.3)) (&& (< net45) (>= net451) (< netstandard1.3))
      System.Resources.ResourceManager (>= 4.3) - restriction: || (== netcoreapp2.0) (&& (>= dnxcore50) (>= net451)) (&& (< net45) (>= net451) (>= netstandard1.3))
      System.Runtime (>= 4.3) - restriction: || (== netcoreapp2.0) (&& (>= dnxcore50) (>= net451)) (&& (< net45) (>= net451) (>= netstandard1.3)) (&& (< net45) (>= net451) (< netstandard1.3))
      System.Runtime.Extensions (>= 4.3) - restriction: || (== netcoreapp2.0) (&& (>= dnxcore50) (>= net451)) (&& (< net45) (>= net451) (>= netstandard1.3))
      System.Runtime.Handles (>= 4.3) - restriction: || (== netcoreapp2.0) (&& (>= dnxcore50) (>= net451)) (&& (< net45) (>= net451) (>= netstandard1.3))
      System.Runtime.InteropServices (>= 4.3) - restriction: || (== netcoreapp2.0) (&& (>= dnxcore50) (>= net451)) (&& (< net45) (>= net451) (>= netstandard1.3))
      System.Text.Encoding (>= 4.3) - restriction: || (== netcoreapp2.0) (&& (>= dnxcore50) (>= net451)) (&& (< net45) (>= net451) (>= netstandard1.3)) (&& (< net45) (>= net451) (< netstandard1.3))
      System.Threading (>= 4.3) - restriction: || (== netcoreapp2.0) (&& (>= dnxcore50) (>= net451)) (&& (< net45) (>= net451) (>= netstandard1.3))
      System.Threading.Tasks (>= 4.3) - restriction: || (== netcoreapp2.0) (&& (>= dnxcore50) (>= net451)) (&& (< net45) (>= net451) (>= netstandard1.3))
    System.IO.Compression.ZipFile (4.3) - restriction: || (== netcoreapp2.0) (&& (>= net451) (>= netstandard1.6)) (>= net46)
      System.Buffers (>= 4.3) - restriction: || (== netcoreapp2.0) (&& (>= net451) (< net46) (>= netstandard1.3))
      System.IO (>= 4.3) - restriction: || (== netcoreapp2.0) (&& (>= net451) (< net46) (>= netstandard1.3))
      System.IO.Compression (>= 4.3) - restriction: || (== netcoreapp2.0) (&& (>= net451) (< net46) (>= netstandard1.3))
      System.IO.FileSystem (>= 4.3) - restriction: || (== netcoreapp2.0) (&& (>= net451) (< net46) (>= netstandard1.3))
      System.IO.FileSystem.Primitives (>= 4.3) - restriction: || (== netcoreapp2.0) (&& (>= net451) (< net46) (>= netstandard1.3))
      System.Resources.ResourceManager (>= 4.3) - restriction: || (== netcoreapp2.0) (&& (>= net451) (< net46) (>= netstandard1.3))
      System.Runtime (>= 4.3) - restriction: || (== netcoreapp2.0) (&& (>= net451) (< net46) (>= netstandard1.3))
      System.Runtime.Extensions (>= 4.3) - restriction: || (== netcoreapp2.0) (&& (>= net451) (< net46) (>= netstandard1.3))
      System.Text.Encoding (>= 4.3) - restriction: || (== netcoreapp2.0) (&& (>= net451) (< net46) (>= netstandard1.3))
    System.IO.FileSystem (4.3) - restriction: || (== netcoreapp2.0) (&& (>= dnxcore50) (>= net451) (>= netstandard1.6)) (&& (>= dnxcore50) (>= net46)) (&& (< net45) (>= net451) (>= netstandard1.6)) (&& (< net45) (>= net46)) (&& (>= net451) (>= netstandard1.3))
      Microsoft.NETCore.Platforms (>= 1.1) - restriction: || (== netcoreapp2.0) (&& (>= net451) (< net46) (>= netstandard1.3))
      Microsoft.NETCore.Targets (>= 1.1) - restriction: || (== netcoreapp2.0) (&& (>= net451) (< net46) (>= netstandard1.3))
      System.IO (>= 4.3) - restriction: || (== netcoreapp2.0) (&& (>= net451) (< net46) (>= netstandard1.3))
      System.IO.FileSystem.Primitives (>= 4.3) - restriction: || (== netcoreapp2.0) (&& (>= net451) (>= netstandard1.3)) (>= net46)
      System.Runtime (>= 4.3) - restriction: || (== netcoreapp2.0) (&& (>= net451) (< net46) (>= netstandard1.3))
      System.Runtime.Handles (>= 4.3) - restriction: || (== netcoreapp2.0) (&& (>= net451) (< net46) (>= netstandard1.3))
      System.Text.Encoding (>= 4.3) - restriction: || (== netcoreapp2.0) (&& (>= net451) (< net46) (>= netstandard1.3))
      System.Threading.Tasks (>= 4.3) - restriction: || (== netcoreapp2.0) (&& (>= net451) (< net46) (>= netstandard1.3))
    System.IO.FileSystem.Primitives (4.3) - restriction: || (== netcoreapp2.0) (&& (>= dnxcore50) (>= net451) (>= netstandard1.6)) (&& (>= dnxcore50) (>= net46)) (&& (< net45) (>= net451) (>= netstandard1.6)) (&& (< net45) (>= net46)) (&& (>= net451) (>= netstandard1.3))
      System.Runtime (>= 4.3) - restriction: || (== netcoreapp2.0) (&& (>= net451) (< net46) (>= netstandard1.3))
    System.IO.FileSystem.Watcher (4.3) - restriction: || (== netcoreapp2.0) (&& (>= net451) (>= netstandard1.6)) (>= net46)
      Microsoft.NETCore.Platforms (>= 1.1) - restriction: || (== netcoreapp2.0) (&& (>= net451) (< net46) (>= netstandard1.3))
      Microsoft.Win32.Primitives (>= 4.3) - restriction: || (== netcoreapp2.0) (&& (>= net451) (< net46) (>= netstandard1.3))
      runtime.native.System (>= 4.3) - restriction: || (== netcoreapp2.0) (&& (>= net451) (< net46) (>= netstandard1.3))
      System.Collections (>= 4.3) - restriction: || (== netcoreapp2.0) (&& (>= net451) (< net46) (>= netstandard1.3))
      System.IO.FileSystem (>= 4.3) - restriction: || (== netcoreapp2.0) (&& (>= net451) (< net46) (>= netstandard1.3))
      System.IO.FileSystem.Primitives (>= 4.3) - restriction: || (== netcoreapp2.0) (&& (>= net451) (< net46) (>= netstandard1.3))
      System.Resources.ResourceManager (>= 4.3) - restriction: || (== netcoreapp2.0) (&& (>= net451) (< net46) (>= netstandard1.3))
      System.Runtime (>= 4.3) - restriction: || (== netcoreapp2.0) (&& (>= net451) (< net46) (>= netstandard1.3))
      System.Runtime.Extensions (>= 4.3) - restriction: || (== netcoreapp2.0) (&& (>= net451) (< net46) (>= netstandard1.3))
      System.Runtime.Handles (>= 4.3) - restriction: || (== netcoreapp2.0) (&& (>= net451) (< net46) (>= netstandard1.3))
      System.Runtime.InteropServices (>= 4.3) - restriction: || (== netcoreapp2.0) (&& (>= net451) (< net46) (>= netstandard1.3))
      System.Text.Encoding (>= 4.3) - restriction: || (== netcoreapp2.0) (&& (>= net451) (< net46) (>= netstandard1.3))
      System.Threading (>= 4.3) - restriction: || (== netcoreapp2.0) (&& (>= net451) (< net46) (>= netstandard1.3))
      System.Threading.Overlapped (>= 4.3) - restriction: || (== netcoreapp2.0) (&& (>= net451) (< net46) (>= netstandard1.3))
      System.Threading.Tasks (>= 4.3) - restriction: || (== netcoreapp2.0) (&& (>= net451) (< net46) (>= netstandard1.3))
      System.Threading.Thread (>= 4.3) - restriction: || (== netcoreapp2.0) (&& (>= net451) (< net46) (>= netstandard1.3))
    System.Linq (4.3) - restriction: || (== netcoreapp2.0) (&& (>= net451) (< net46) (>= netstandard1.6)) (&& (>= net451) (>= netstandard1.3))
      System.Collections (>= 4.3) - restriction: || (== netcoreapp2.0) (&& (>= dnxcore50) (>= net451)) (&& (< net45) (>= net451) (>= netstandard1.6)) (&& (< net45) (>= net451) (< netstandard1.6))
      System.Diagnostics.Debug (>= 4.3) - restriction: || (== netcoreapp2.0) (&& (>= dnxcore50) (>= net451)) (&& (< net45) (>= net451) (>= netstandard1.6))
      System.Resources.ResourceManager (>= 4.3) - restriction: || (== netcoreapp2.0) (&& (>= dnxcore50) (>= net451)) (&& (< net45) (>= net451) (>= netstandard1.6))
      System.Runtime (>= 4.3) - restriction: || (== netcoreapp2.0) (&& (>= dnxcore50) (>= net451)) (&& (< net45) (>= net451) (>= netstandard1.6)) (&& (< net45) (>= net451) (< netstandard1.6))
      System.Runtime.Extensions (>= 4.3) - restriction: || (== netcoreapp2.0) (&& (>= dnxcore50) (>= net451)) (&& (< net45) (>= net451) (>= netstandard1.6))
    System.Linq.Expressions (4.3) - restriction: || (== netcoreapp2.0) (&& (>= net451) (>= netstandard1.3))
      System.Collections (>= 4.3) - restriction: || (== netcoreapp2.0) (&& (>= dnxcore50) (>= net451)) (&& (< net45) (>= net451) (>= netstandard1.6))
      System.Diagnostics.Debug (>= 4.3) - restriction: || (== netcoreapp2.0) (&& (>= dnxcore50) (>= net451)) (&& (< net45) (>= net451) (>= netstandard1.6))
      System.Globalization (>= 4.3) - restriction: || (== netcoreapp2.0) (&& (>= dnxcore50) (>= net451)) (&& (< net45) (>= net451) (>= netstandard1.6))
      System.IO (>= 4.3) - restriction: || (== netcoreapp2.0) (&& (>= dnxcore50) (>= net451)) (&& (< net45) (>= net451) (>= netstandard1.6))
      System.Linq (>= 4.3) - restriction: || (== netcoreapp2.0) (&& (>= dnxcore50) (>= net451)) (&& (< net45) (>= net451) (>= netstandard1.6))
      System.ObjectModel (>= 4.3) - restriction: || (== netcoreapp2.0) (&& (< net45) (>= net451) (>= netstandard1.6))
      System.Reflection (>= 4.3) - restriction: || (== netcoreapp2.0) (&& (>= dnxcore50) (>= net451)) (&& (< net45) (>= net451) (>= netstandard1.3) (< netstandard1.6)) (&& (< net45) (>= net451) (< netstandard1.3)) (&& (< net45) (>= net451) (>= netstandard1.6))
      System.Reflection.Emit (>= 4.3) - restriction: || (== netcoreapp2.0) (&& (< net45) (>= net451) (>= netstandard1.6))
      System.Reflection.Emit.ILGeneration (>= 4.3) - restriction: || (== netcoreapp2.0) (&& (>= dnxcore50) (>= net451)) (&& (< net45) (>= net451) (>= netstandard1.6))
      System.Reflection.Emit.Lightweight (>= 4.3) - restriction: || (== netcoreapp2.0) (&& (>= dnxcore50) (>= net451)) (&& (< net45) (>= net451) (>= netstandard1.6))
      System.Reflection.Extensions (>= 4.3) - restriction: || (== netcoreapp2.0) (&& (>= dnxcore50) (>= net451)) (&& (< net45) (>= net451) (>= netstandard1.6))
      System.Reflection.Primitives (>= 4.3) - restriction: || (== netcoreapp2.0) (&& (>= dnxcore50) (>= net451)) (&& (< net45) (>= net451) (>= netstandard1.6))
      System.Reflection.TypeExtensions (>= 4.3) - restriction: || (== netcoreapp2.0) (&& (>= dnxcore50) (>= net451)) (&& (< net45) (>= net451) (>= netstandard1.6))
      System.Resources.ResourceManager (>= 4.3) - restriction: || (== netcoreapp2.0) (&& (>= dnxcore50) (>= net451)) (&& (< net45) (>= net451) (>= netstandard1.6))
      System.Runtime (>= 4.3) - restriction: || (== netcoreapp2.0) (&& (>= dnxcore50) (>= net451)) (&& (< net45) (>= net451) (>= netstandard1.3) (< netstandard1.6)) (&& (< net45) (>= net451) (< netstandard1.3)) (&& (< net45) (>= net451) (>= netstandard1.6))
      System.Runtime.Extensions (>= 4.3) - restriction: || (== netcoreapp2.0) (&& (>= dnxcore50) (>= net451)) (&& (< net45) (>= net451) (>= netstandard1.6))
      System.Threading (>= 4.3) - restriction: || (== netcoreapp2.0) (&& (>= dnxcore50) (>= net451)) (&& (< net45) (>= net451) (>= netstandard1.6))
    System.Linq.Parallel (4.3) - restriction: || (== netcoreapp2.0) (&& (>= net451) (< net46) (>= netstandard1.3))
      System.Collections (>= 4.3) - restriction: || (== netcoreapp2.0) (&& (>= dnxcore50) (>= net451)) (&& (< net45) (>= net451) (>= netstandard1.3)) (&& (< net45) (>= net451) (< netstandard1.3))
      System.Collections.Concurrent (>= 4.3) - restriction: || (== netcoreapp2.0) (&& (>= dnxcore50) (>= net451)) (&& (< net45) (>= net451) (>= netstandard1.3)) (&& (< net45) (>= net451) (< netstandard1.3))
      System.Diagnostics.Debug (>= 4.3) - restriction: || (== netcoreapp2.0) (&& (>= dnxcore50) (>= net451)) (&& (< net45) (>= net451) (>= netstandard1.3))
      System.Diagnostics.Tracing (>= 4.3) - restriction: || (== netcoreapp2.0) (&& (>= dnxcore50) (>= net451)) (&& (< net45) (>= net451) (>= netstandard1.3))
      System.Linq (>= 4.3) - restriction: || (== netcoreapp2.0) (&& (>= dnxcore50) (>= net451)) (&& (< net45) (>= net451) (>= netstandard1.3)) (&& (< net45) (>= net451) (< netstandard1.3))
      System.Resources.ResourceManager (>= 4.3) - restriction: || (== netcoreapp2.0) (&& (>= dnxcore50) (>= net451)) (&& (< net45) (>= net451) (>= netstandard1.3))
      System.Runtime (>= 4.3) - restriction: || (== netcoreapp2.0) (&& (>= dnxcore50) (>= net451)) (&& (< net45) (>= net451) (>= netstandard1.3)) (&& (< net45) (>= net451) (< netstandard1.3))
      System.Runtime.Extensions (>= 4.3) - restriction: || (== netcoreapp2.0) (&& (>= dnxcore50) (>= net451)) (&& (< net45) (>= net451) (>= netstandard1.3))
      System.Threading (>= 4.3) - restriction: || (== netcoreapp2.0) (&& (>= dnxcore50) (>= net451)) (&& (< net45) (>= net451) (>= netstandard1.3))
      System.Threading.Tasks (>= 4.3) - restriction: || (== netcoreapp2.0) (&& (>= dnxcore50) (>= net451)) (&& (< net45) (>= net451) (>= netstandard1.3)) (&& (< net45) (>= net451) (< netstandard1.3))
    System.Memory (4.5.1) - restriction: || (== netcoreapp2.0) (&& (>= net451) (< net46) (>= netstandard2.0)) (&& (>= net451) (>= netcoreapp2.0)) (&& (>= net451) (>= netstandard1.6) (>= uap10.1))
      System.Runtime.CompilerServices.Unsafe (>= 4.5)
    System.Net.Http (4.3.3) - restriction: || (&& (== netcoreapp2.0) (< netstandard2.0)) (&& (>= net451) (>= netstandard1.6) (< netstandard2.0)) (>= net46)
      System.Security.Cryptography.X509Certificates (>= 4.3) - restriction: || (== netcoreapp2.0) (&& (>= dnxcore50) (>= net451)) (&& (< net45) (>= net451) (>= netstandard1.3) (< netstandard1.6)) (&& (< net45) (>= net451) (>= netstandard1.6)) (>= net46)
    System.ObjectModel (4.3) - restriction: || (== netcoreapp2.0) (&& (>= net451) (< net46) (>= netstandard1.3))
      System.Collections (>= 4.3) - restriction: || (== netcoreapp2.0) (&& (>= dnxcore50) (>= net451)) (&& (< net45) (>= net451) (>= netstandard1.3))
      System.Diagnostics.Debug (>= 4.3) - restriction: || (== netcoreapp2.0) (&& (>= dnxcore50) (>= net451)) (&& (< net45) (>= net451) (>= netstandard1.3))
      System.Resources.ResourceManager (>= 4.3) - restriction: || (== netcoreapp2.0) (&& (>= dnxcore50) (>= net451)) (&& (< net45) (>= net451) (>= netstandard1.3))
      System.Runtime (>= 4.3) - restriction: || (== netcoreapp2.0) (&& (>= dnxcore50) (>= net451)) (&& (< net45) (>= net451) (>= netstandard1.3)) (&& (< net45) (>= net451) (< netstandard1.3))
      System.Threading (>= 4.3) - restriction: || (== netcoreapp2.0) (&& (>= dnxcore50) (>= net451)) (&& (< net45) (>= net451) (>= netstandard1.3))
    System.Reactive (4.0) - restriction: || (== netcoreapp2.0) (&& (>= net451) (>= netstandard2.0)) (>= net46)
      System.Runtime.InteropServices.WindowsRuntime (>= 4.3) - restriction: || (== netcoreapp2.0) (&& (>= net451) (< net46) (>= netstandard2.0))
    System.Reactive.Compatibility (4.0) - restriction: || (== netcoreapp2.0) (&& (>= net451) (>= netstandard2.0)) (>= net46)
      System.Reactive.Core (>= 4.0)
      System.Reactive.Experimental (>= 4.0) - restriction: || (&& (== netcoreapp2.0) (>= net45)) (>= net451)
      System.Reactive.Interfaces (>= 4.0)
      System.Reactive.Linq (>= 4.0)
      System.Reactive.PlatformServices (>= 4.0)
      System.Reactive.Providers (>= 4.0)
      System.Reactive.Runtime.Remoting (>= 4.0) - restriction: || (&& (== netcoreapp2.0) (>= net45)) (>= net451)
      System.Reactive.Windows.Forms (>= 4.0) - restriction: || (&& (== netcoreapp2.0) (>= net45)) (>= net451)
      System.Reactive.Windows.Threading (>= 4.0) - restriction: || (&& (== netcoreapp2.0) (>= net45)) (&& (== netcoreapp2.0) (>= uap10.0)) (>= net451)
    System.Reactive.Core (4.0) - restriction: || (== netcoreapp2.0) (&& (>= net451) (>= netstandard2.0)) (>= net46)
      System.Reactive (>= 4.0) - restriction: || (== netcoreapp2.0) (&& (>= net451) (>= netstandard2.0)) (&& (>= net451) (>= uap10.0)) (>= net46)
    System.Reactive.Experimental (4.0) - restriction: || (&& (== netcoreapp2.0) (>= net45)) (&& (== netcoreapp2.0) (>= net451)) (&& (>= net451) (>= netstandard2.0)) (>= net46)
      System.Reactive (>= 4.0) - restriction: >= net46
    System.Reactive.Interfaces (4.0) - restriction: || (== netcoreapp2.0) (&& (>= net451) (>= netstandard2.0)) (>= net46)
      System.Reactive (>= 4.0) - restriction: || (== netcoreapp2.0) (&& (>= net451) (>= netstandard2.0)) (&& (>= net451) (>= uap10.0)) (>= net46)
    System.Reactive.Linq (4.0) - restriction: || (== netcoreapp2.0) (&& (>= net451) (>= netstandard2.0)) (>= net46)
      System.Reactive (>= 4.0) - restriction: || (== netcoreapp2.0) (&& (>= net451) (>= netstandard2.0)) (&& (>= net451) (>= uap10.0)) (>= net46)
    System.Reactive.PlatformServices (4.0) - restriction: || (== netcoreapp2.0) (&& (>= net451) (>= netstandard2.0)) (>= net46)
      System.Reactive (>= 4.0) - restriction: || (== netcoreapp2.0) (&& (>= net451) (>= netstandard2.0)) (&& (>= net451) (>= uap10.0)) (>= net46)
    System.Reactive.Providers (4.0) - restriction: || (== netcoreapp2.0) (&& (>= net451) (>= netstandard2.0)) (>= net46)
      System.Reactive (>= 4.0) - restriction: || (== netcoreapp2.0) (&& (>= net451) (>= netstandard2.0)) (&& (>= net451) (>= uap10.0)) (>= net46)
    System.Reactive.Runtime.Remoting (4.0) - restriction: || (&& (== netcoreapp2.0) (>= net45)) (&& (== netcoreapp2.0) (>= net451)) (&& (>= net451) (>= netstandard2.0)) (>= net46)
      System.Reactive (>= 4.0) - restriction: >= net46
    System.Reactive.Windows.Forms (4.0) - restriction: || (&& (== netcoreapp2.0) (>= net45)) (&& (== netcoreapp2.0) (>= net451)) (&& (>= net451) (>= netstandard2.0)) (>= net46)
      System.Reactive (>= 4.0) - restriction: >= net46
    System.Reactive.Windows.Threading (4.0) - restriction: || (&& (== netcoreapp2.0) (>= net45)) (&& (== netcoreapp2.0) (>= net451)) (&& (== netcoreapp2.0) (>= uap10.0)) (&& (>= net451) (>= netstandard2.0)) (>= net46)
      System.Reactive (>= 4.0) - restriction: || (&& (== netcoreapp2.0) (>= uap10.0)) (&& (>= net451) (>= uap10.0)) (>= net46)
    System.Reflection (4.3) - restriction: || (== netcoreapp2.0) (&& (>= dnxcore50) (>= net451) (>= netstandard1.6)) (&& (>= dnxcore50) (>= net451) (>= netstandard2.0)) (&& (< net45) (>= net451) (>= netstandard1.6) (< netstandard2.0)) (&& (< net45) (>= net451) (>= netstandard2.0)) (&& (>= net451) (>= netstandard1.3))
      Microsoft.NETCore.Platforms (>= 1.1) - restriction: || (== netcoreapp2.0) (&& (>= dnxcore50) (>= net451)) (&& (< net45) (>= net451) (>= netstandard1.3) (< netstandard1.5)) (&& (< net45) (>= net451) (< netstandard1.3)) (&& (< net45) (>= net451) (>= netstandard1.5))
      Microsoft.NETCore.Targets (>= 1.1) - restriction: || (== netcoreapp2.0) (&& (>= dnxcore50) (>= net451)) (&& (< net45) (>= net451) (>= netstandard1.3) (< netstandard1.5)) (&& (< net45) (>= net451) (< netstandard1.3)) (&& (< net45) (>= net451) (>= netstandard1.5))
      System.IO (>= 4.3) - restriction: || (== netcoreapp2.0) (&& (>= dnxcore50) (>= net451)) (&& (< net45) (>= net451) (>= netstandard1.3) (< netstandard1.5)) (&& (< net45) (>= net451) (< netstandard1.3)) (&& (< net45) (>= net451) (>= netstandard1.5))
      System.Reflection.Primitives (>= 4.3) - restriction: || (== netcoreapp2.0) (&& (>= dnxcore50) (>= net451)) (&& (< net45) (>= net451) (>= netstandard1.3) (< netstandard1.5)) (&& (< net45) (>= net451) (< netstandard1.3)) (&& (< net45) (>= net451) (>= netstandard1.5))
      System.Runtime (>= 4.3) - restriction: || (== netcoreapp2.0) (&& (>= dnxcore50) (>= net451)) (&& (< net45) (>= net451) (>= netstandard1.3) (< netstandard1.5)) (&& (< net45) (>= net451) (< netstandard1.3)) (&& (< net45) (>= net451) (>= netstandard1.5))
    System.Reflection.Emit (4.3) - restriction: || (== netcoreapp2.0) (&& (< net45) (>= net451) (>= netstandard1.3))
      System.IO (>= 4.3) - restriction: || (== netcoreapp2.0) (&& (< net45) (>= net451))
      System.Reflection (>= 4.3) - restriction: || (== netcoreapp2.0) (&& (< net45) (>= net451))
      System.Reflection.Emit.ILGeneration (>= 4.3) - restriction: || (== netcoreapp2.0) (&& (< net45) (>= net451))
      System.Reflection.Primitives (>= 4.3) - restriction: || (== netcoreapp2.0) (&& (< net45) (>= net451))
      System.Runtime (>= 4.3) - restriction: || (== netcoreapp2.0) (&& (< net45) (>= net451))
    System.Reflection.Emit.ILGeneration (4.3) - restriction: || (== netcoreapp2.0) (&& (< net45) (>= net451) (>= netstandard1.3))
      System.Reflection (>= 4.3) - restriction: || (== netcoreapp2.0) (&& (< net45) (>= net451))
      System.Reflection.Primitives (>= 4.3) - restriction: || (== netcoreapp2.0) (&& (< net45) (>= net451))
      System.Runtime (>= 4.3) - restriction: || (== netcoreapp2.0) (&& (< net45) (>= net451))
    System.Reflection.Emit.Lightweight (4.3) - restriction: || (== netcoreapp2.0) (&& (>= dnxcore50) (>= net451) (>= netstandard1.3)) (&& (< net45) (>= net451) (>= netstandard1.6))
      System.Reflection (>= 4.3) - restriction: || (== netcoreapp2.0) (&& (< net45) (>= net451))
      System.Reflection.Emit.ILGeneration (>= 4.3) - restriction: || (== netcoreapp2.0) (&& (< net45) (>= net451))
      System.Reflection.Primitives (>= 4.3) - restriction: || (== netcoreapp2.0) (&& (< net45) (>= net451))
      System.Runtime (>= 4.3) - restriction: || (== netcoreapp2.0) (&& (< net45) (>= net451))
    System.Reflection.Extensions (4.3) - restriction: || (== netcoreapp2.0) (&& (>= dnxcore50) (>= net451) (>= netstandard1.3)) (&& (< net45) (>= net451) (>= netstandard1.6))
      Microsoft.NETCore.Platforms (>= 1.1) - restriction: || (== netcoreapp2.0) (&& (>= dnxcore50) (>= net451)) (&& (< net45) (>= net451))
      Microsoft.NETCore.Targets (>= 1.1) - restriction: || (== netcoreapp2.0) (&& (>= dnxcore50) (>= net451)) (&& (< net45) (>= net451))
      System.Reflection (>= 4.3) - restriction: || (== netcoreapp2.0) (&& (>= dnxcore50) (>= net451)) (&& (< net45) (>= net451))
      System.Runtime (>= 4.3) - restriction: || (== netcoreapp2.0) (&& (>= dnxcore50) (>= net451)) (&& (< net45) (>= net451))
    System.Reflection.Metadata (1.6) - restriction: || (== netcoreapp2.0) (&& (>= dnxcore50) (>= net451) (>= netstandard2.0)) (&& (>= net451) (< net46) (>= netstandard2.0)) (&& (>= net451) (>= netstandard1.3))
      System.Collections.Immutable (>= 1.5)
    System.Reflection.Primitives (4.3) - restriction: || (== netcoreapp2.0) (&& (>= dnxcore50) (>= net451) (>= netstandard1.6)) (&& (>= dnxcore50) (>= net46)) (&& (< net45) (>= net451) (>= netstandard1.6)) (&& (< net45) (>= net46) (< netstandard1.2)) (&& (< net45) (>= net46) (< netstandard1.3)) (&& (< net45) (>= net46) (>= netstandard1.5)) (&& (< net45) (>= net46) (< netstandard1.5)) (&& (>= net451) (>= netcoreapp1.1)) (&& (>= net46) (>= netcoreapp1.1))
      Microsoft.NETCore.Platforms (>= 1.1) - restriction: || (== netcoreapp2.0) (&& (>= dnxcore50) (>= net451)) (&& (< net45) (>= net451))
      Microsoft.NETCore.Targets (>= 1.1) - restriction: || (== netcoreapp2.0) (&& (>= dnxcore50) (>= net451)) (&& (< net45) (>= net451))
      System.Runtime (>= 4.3) - restriction: || (== netcoreapp2.0) (&& (>= dnxcore50) (>= net451)) (&& (< net45) (>= net451))
    System.Reflection.TypeExtensions (4.5) - restriction: || (== netcoreapp2.0) (&& (>= dnxcore50) (>= net451) (>= netstandard1.3)) (&& (< net45) (>= net451) (>= netstandard1.3))
    System.Resources.ResourceManager (4.3) - restriction: || (== netcoreapp2.0) (&& (>= dnxcore50) (>= net451) (>= netstandard1.6)) (&& (>= dnxcore50) (>= net46)) (&& (< net45) (>= net451) (>= netstandard1.6)) (&& (< net45) (>= net46)) (&& (>= net451) (>= netstandard1.3))
      Microsoft.NETCore.Platforms (>= 1.1) - restriction: || (== netcoreapp2.0) (&& (>= dnxcore50) (>= net451)) (&& (< net45) (>= net451))
      Microsoft.NETCore.Targets (>= 1.1) - restriction: || (== netcoreapp2.0) (&& (>= dnxcore50) (>= net451)) (&& (< net45) (>= net451))
      System.Globalization (>= 4.3) - restriction: || (== netcoreapp2.0) (&& (>= dnxcore50) (>= net451)) (&& (< net45) (>= net451))
      System.Reflection (>= 4.3) - restriction: || (== netcoreapp2.0) (&& (>= dnxcore50) (>= net451)) (&& (< net45) (>= net451))
      System.Runtime (>= 4.3) - restriction: || (== netcoreapp2.0) (&& (>= dnxcore50) (>= net451)) (&& (< net45) (>= net451))
    System.Runtime (4.3) - restriction: || (== netcoreapp2.0) (&& (>= dnxcore50) (>= net451) (>= netstandard1.6)) (&& (>= dnxcore50) (>= net46)) (&& (< net45) (>= net451) (>= netstandard1.6)) (&& (< net45) (>= net46)) (&& (>= net451) (>= netstandard1.3))
      Microsoft.NETCore.Platforms (>= 1.1) - restriction: || (== netcoreapp2.0) (&& (>= dnxcore50) (>= net451)) (&& (< net45) (>= net451) (< netstandard1.2)) (&& (< net45) (>= net451) (>= netstandard1.3) (< netstandard1.5)) (&& (< net45) (>= net451) (< netstandard1.3)) (&& (< net45) (>= net451) (>= netstandard1.5))
      Microsoft.NETCore.Targets (>= 1.1) - restriction: || (== netcoreapp2.0) (&& (>= dnxcore50) (>= net451)) (&& (< net45) (>= net451) (< netstandard1.2)) (&& (< net45) (>= net451) (>= netstandard1.3) (< netstandard1.5)) (&& (< net45) (>= net451) (< netstandard1.3)) (&& (< net45) (>= net451) (>= netstandard1.5))
    System.Runtime.CompilerServices.Unsafe (4.5.1) - restriction: || (== netcoreapp2.0) (&& (>= dnxcore50) (>= net451) (>= netstandard1.6)) (&& (>= dnxcore50) (>= net451) (>= netstandard2.0)) (&& (>= dnxcore50) (>= net46)) (&& (< net45) (>= net451) (>= netstandard1.6)) (&& (< net45) (>= net451) (>= netstandard2.0)) (&& (< net45) (>= net46)) (&& (>= net451) (< net46) (>= netstandard2.0)) (&& (>= net451) (>= netcoreapp2.0)) (&& (>= net451) (< netstandard1.0) (>= netstandard1.6)) (&& (>= net451) (>= netstandard1.6) (< netstandard2.0) (>= wpa81)) (&& (>= net451) (>= netstandard1.6) (>= wp8)) (&& (>= net46) (< netstandard1.0)) (&& (>= net46) (< netstandard2.0) (>= wpa81)) (&& (>= net46) (>= wp8)) (>= net461)
    System.Runtime.Extensions (4.3) - restriction: || (== netcoreapp2.0) (&& (>= dnxcore50) (>= net451) (>= netstandard1.6)) (&& (>= dnxcore50) (>= net46)) (&& (< net45) (>= net451) (>= netstandard1.6)) (&& (< net45) (>= net46)) (&& (>= net451) (>= netstandard1.3))
      Microsoft.NETCore.Platforms (>= 1.1) - restriction: || (== netcoreapp2.0) (&& (>= dnxcore50) (>= net451)) (&& (< net45) (>= net451) (>= netstandard1.3) (< netstandard1.5)) (&& (< net45) (>= net451) (< netstandard1.3)) (&& (< net45) (>= net451) (>= netstandard1.5))
      Microsoft.NETCore.Targets (>= 1.1) - restriction: || (== netcoreapp2.0) (&& (>= dnxcore50) (>= net451)) (&& (< net45) (>= net451) (>= netstandard1.3) (< netstandard1.5)) (&& (< net45) (>= net451) (< netstandard1.3)) (&& (< net45) (>= net451) (>= netstandard1.5))
      System.Runtime (>= 4.3) - restriction: || (== netcoreapp2.0) (&& (>= dnxcore50) (>= net451)) (&& (< net45) (>= net451) (>= netstandard1.3) (< netstandard1.5)) (&& (< net45) (>= net451) (< netstandard1.3)) (&& (< net45) (>= net451) (>= netstandard1.5))
    System.Runtime.Handles (4.3) - restriction: || (== netcoreapp2.0) (&& (>= net451) (< net46) (>= netstandard1.6))
      Microsoft.NETCore.Platforms (>= 1.1) - restriction: || (== netcoreapp2.0) (&& (>= net451) (< net46) (>= netstandard1.3))
      Microsoft.NETCore.Targets (>= 1.1) - restriction: || (== netcoreapp2.0) (&& (>= net451) (< net46) (>= netstandard1.3))
      System.Runtime (>= 4.3) - restriction: || (== netcoreapp2.0) (&& (>= net451) (< net46) (>= netstandard1.3))
    System.Runtime.InteropServices (4.3) - restriction: || (== netcoreapp2.0) (&& (>= dnxcore50) (>= net451) (>= netstandard1.6)) (&& (>= dnxcore50) (>= net46)) (&& (< net45) (>= net451) (>= netstandard1.6)) (&& (< net45) (>= net46)) (&& (>= net451) (>= netstandard1.3))
      Microsoft.NETCore.Platforms (>= 1.1) - restriction: || (== netcoreapp2.0) (&& (>= dnxcore50) (>= net451)) (&& (< net45) (>= net451) (< netstandard1.2)) (&& (< net45) (>= net451) (>= netstandard1.3) (< netstandard1.5)) (&& (< net45) (>= net451) (< netstandard1.3)) (&& (< net45) (>= net451) (>= netstandard1.5)) (&& (>= net451) (>= netcoreapp1.1))
      Microsoft.NETCore.Targets (>= 1.1) - restriction: || (== netcoreapp2.0) (&& (>= dnxcore50) (>= net451)) (&& (< net45) (>= net451) (< netstandard1.2)) (&& (< net45) (>= net451) (>= netstandard1.3) (< netstandard1.5)) (&& (< net45) (>= net451) (< netstandard1.3)) (&& (< net45) (>= net451) (>= netstandard1.5)) (&& (>= net451) (>= netcoreapp1.1))
      System.Reflection (>= 4.3) - restriction: || (== netcoreapp2.0) (&& (>= dnxcore50) (>= net451)) (&& (< net45) (>= net451) (< netstandard1.2)) (&& (< net45) (>= net451) (>= netstandard1.3) (< netstandard1.5)) (&& (< net45) (>= net451) (< netstandard1.3)) (&& (< net45) (>= net451) (>= netstandard1.5)) (&& (>= net451) (>= netcoreapp1.1))
      System.Reflection.Primitives (>= 4.3) - restriction: || (== netcoreapp2.0) (&& (>= dnxcore50) (>= net451)) (&& (< net45) (>= net451) (< netstandard1.2)) (&& (< net45) (>= net451) (>= netstandard1.3) (< netstandard1.5)) (&& (< net45) (>= net451) (< netstandard1.3)) (&& (< net45) (>= net451) (>= netstandard1.5)) (&& (>= net451) (>= netcoreapp1.1))
      System.Runtime (>= 4.3) - restriction: || (== netcoreapp2.0) (&& (>= dnxcore50) (>= net451)) (&& (< net45) (>= net451) (< netstandard1.2)) (&& (< net45) (>= net451) (>= netstandard1.3) (< netstandard1.5)) (&& (< net45) (>= net451) (< netstandard1.3)) (&& (< net45) (>= net451) (>= netstandard1.5)) (&& (>= net451) (>= netcoreapp1.1)) (>= net462)
      System.Runtime.Handles (>= 4.3) - restriction: || (== netcoreapp2.0) (&& (>= dnxcore50) (>= net451)) (&& (< net45) (>= net451) (>= netstandard1.3) (< netstandard1.5)) (&& (< net45) (>= net451) (>= netstandard1.5)) (&& (>= net451) (>= netcoreapp1.1))
    System.Runtime.InteropServices.WindowsRuntime (4.3) - restriction: || (== netcoreapp2.0) (&& (>= net451) (< net46) (>= netstandard2.0))
      System.Runtime (>= 4.3) - restriction: || (== netcoreapp2.0) (&& (>= dnxcore50) (>= net451)) (&& (< net45) (>= net451))
    System.Runtime.Numerics (4.3) - restriction: || (== netcoreapp2.0) (&& (< net35) (>= net451) (>= netstandard2.0)) (&& (< net35) (>= net461) (>= netstandard1.6)) (&& (>= net451) (>= netstandard1.6)) (>= net46)
      System.Globalization (>= 4.3) - restriction: || (== netcoreapp2.0) (&& (>= dnxcore50) (>= net451)) (&& (< net45) (>= net451) (>= netstandard1.3))
      System.Resources.ResourceManager (>= 4.3) - restriction: || (== netcoreapp2.0) (&& (>= dnxcore50) (>= net451)) (&& (< net45) (>= net451) (>= netstandard1.3))
      System.Runtime (>= 4.3) - restriction: || (== netcoreapp2.0) (&& (>= dnxcore50) (>= net451)) (&& (< net45) (>= net451) (>= netstandard1.3)) (&& (< net45) (>= net451) (< netstandard1.3))
      System.Runtime.Extensions (>= 4.3) - restriction: || (== netcoreapp2.0) (&& (>= dnxcore50) (>= net451)) (&& (< net45) (>= net451) (>= netstandard1.3))
    System.Security.AccessControl (4.5) - restriction: || (== netcoreapp2.0) (&& (>= monoandroid) (>= net451) (>= netstandard1.6)) (&& (>= monotouch) (>= net451)) (&& (>= net451) (< net46) (>= netstandard2.0)) (&& (>= net451) (>= netcoreapp2.0)) (&& (>= net451) (>= netcoreapp2.1)) (&& (>= net451) (>= xamarinios)) (&& (>= net451) (>= xamarinmac)) (&& (>= net451) (>= xamarintvos)) (&& (>= net451) (>= xamarinwatchos)) (&& (< net46) (>= net461) (>= netstandard1.6))
      Microsoft.NETCore.Platforms (>= 2.0) - restriction: || (== netcoreapp2.0) (&& (>= net451) (>= netcoreapp2.0))
      System.Security.Principal.Windows (>= 4.5) - restriction: || (== netcoreapp2.0) (&& (>= net451) (< net46) (>= netstandard2.0)) (&& (>= net451) (>= netcoreapp2.0)) (>= net461)
    System.Security.Cryptography.Algorithms (4.3.1) - restriction: || (== netcoreapp2.0) (&& (>= dnxcore50) (>= net451) (>= netstandard1.6)) (&& (>= dnxcore50) (>= net46)) (&& (< net35) (>= net451) (>= netstandard2.0)) (&& (< net35) (>= net46) (>= netstandard2.0)) (&& (< net45) (>= net451) (< netstandard1.4) (>= netstandard1.6)) (&& (< net45) (>= net451) (>= netstandard1.6) (< netstandard2.0)) (&& (>= net451) (>= netstandard1.3)) (&& (>= net46) (< netstandard1.4)) (>= net461)
      Microsoft.NETCore.Platforms (>= 1.1) - restriction: || (== netcoreapp2.0) (&& (>= dnxcore50) (>= net451)) (&& (>= net451) (< net46) (>= netstandard1.6))
      runtime.native.System.Security.Cryptography.Apple (>= 4.3.1) - restriction: || (== netcoreapp2.0) (&& (>= net451) (< net46) (>= netstandard1.6))
      runtime.native.System.Security.Cryptography.OpenSsl (>= 4.3.2) - restriction: || (== netcoreapp2.0) (&& (>= net451) (< net46) (>= netstandard1.6))
      System.Collections (>= 4.3) - restriction: || (== netcoreapp2.0) (&& (>= net451) (< net46) (>= netstandard1.6))
      System.IO (>= 4.3) - restriction: || (== netcoreapp2.0) (&& (>= dnxcore50) (>= net451)) (&& (>= net451) (< net46) (>= netstandard1.3) (< netstandard1.4)) (&& (>= net451) (< net46) (>= netstandard1.4) (< netstandard1.6)) (&& (>= net451) (< net46) (>= netstandard1.6)) (>= net463)
      System.Resources.ResourceManager (>= 4.3) - restriction: || (== netcoreapp2.0) (&& (>= dnxcore50) (>= net451)) (&& (>= net451) (< net46) (>= netstandard1.6))
      System.Runtime (>= 4.3) - restriction: || (== netcoreapp2.0) (&& (>= dnxcore50) (>= net451)) (&& (>= net451) (< net46) (>= netstandard1.3) (< netstandard1.4)) (&& (>= net451) (< net46) (>= netstandard1.4) (< netstandard1.6)) (&& (>= net451) (< net46) (>= netstandard1.6)) (>= net463)
      System.Runtime.Extensions (>= 4.3) - restriction: || (== netcoreapp2.0) (&& (>= dnxcore50) (>= net451)) (&& (>= net451) (< net46) (>= netstandard1.6))
      System.Runtime.Handles (>= 4.3) - restriction: || (== netcoreapp2.0) (&& (>= dnxcore50) (>= net451)) (&& (>= net451) (< net46) (>= netstandard1.6))
      System.Runtime.InteropServices (>= 4.3) - restriction: || (== netcoreapp2.0) (&& (>= dnxcore50) (>= net451)) (&& (>= net451) (< net46) (>= netstandard1.6))
      System.Runtime.Numerics (>= 4.3) - restriction: || (== netcoreapp2.0) (&& (>= net451) (< net46) (>= netstandard1.6))
      System.Security.Cryptography.Encoding (>= 4.3) - restriction: || (== netcoreapp2.0) (&& (>= dnxcore50) (>= net451)) (&& (>= net451) (< net46) (>= netstandard1.6)) (>= net463)
      System.Security.Cryptography.Primitives (>= 4.3) - restriction: || (== netcoreapp2.0) (&& (>= dnxcore50) (>= net451)) (&& (>= net451) (< net46) (>= netstandard1.3) (< netstandard1.4)) (&& (>= net451) (< net46) (>= netstandard1.4) (< netstandard1.6)) (&& (>= net451) (< net46) (>= netstandard1.6)) (&& (>= net46) (< netstandard1.4)) (&& (>= net461) (< netstandard1.6)) (>= net463)
      System.Text.Encoding (>= 4.3) - restriction: || (== netcoreapp2.0) (&& (>= dnxcore50) (>= net451)) (&& (>= net451) (< net46) (>= netstandard1.6))
    System.Security.Cryptography.Csp (4.3) - restriction: || (== netcoreapp2.0) (&& (< net35) (>= net451) (>= netstandard2.0)) (&& (< net35) (>= net461))
      Microsoft.NETCore.Platforms (>= 1.1) - restriction: || (== netcoreapp2.0) (&& (>= net451) (< net46) (>= netstandard1.3))
      System.IO (>= 4.3) - restriction: || (== netcoreapp2.0) (&& (>= net451) (< net46) (>= netstandard1.3))
      System.Reflection (>= 4.3) - restriction: || (== netcoreapp2.0) (&& (>= net451) (< net46) (>= netstandard1.3))
      System.Resources.ResourceManager (>= 4.3) - restriction: || (== netcoreapp2.0) (&& (>= net451) (< net46) (>= netstandard1.3))
      System.Runtime (>= 4.3) - restriction: || (== netcoreapp2.0) (&& (>= net451) (< net46) (>= netstandard1.3))
      System.Runtime.Extensions (>= 4.3) - restriction: || (== netcoreapp2.0) (&& (>= net451) (< net46) (>= netstandard1.3))
      System.Runtime.Handles (>= 4.3) - restriction: || (== netcoreapp2.0) (&& (>= net451) (< net46) (>= netstandard1.3))
      System.Runtime.InteropServices (>= 4.3) - restriction: || (== netcoreapp2.0) (&& (>= net451) (< net46) (>= netstandard1.3))
      System.Security.Cryptography.Algorithms (>= 4.3) - restriction: || (== netcoreapp2.0) (&& (>= net451) (>= netstandard1.3)) (>= net46)
      System.Security.Cryptography.Encoding (>= 4.3) - restriction: || (== netcoreapp2.0) (&& (>= net451) (< net46) (>= netstandard1.3))
      System.Security.Cryptography.Primitives (>= 4.3) - restriction: || (== netcoreapp2.0) (&& (>= net451) (>= netstandard1.3)) (>= net46)
      System.Text.Encoding (>= 4.3) - restriction: || (== netcoreapp2.0) (&& (>= net451) (< net46) (>= netstandard1.3))
      System.Threading (>= 4.3) - restriction: || (== netcoreapp2.0) (&& (>= net451) (< net46) (>= netstandard1.3))
    System.Security.Cryptography.Encoding (4.3) - restriction: || (== netcoreapp2.0) (&& (>= dnxcore50) (>= net451) (>= netstandard1.6)) (&& (>= dnxcore50) (>= net451) (>= netstandard2.0)) (&& (>= dnxcore50) (>= net46)) (&& (< net35) (>= net451) (>= netstandard2.0)) (&& (< net35) (>= net463)) (&& (< net45) (>= net451) (< netstandard1.4) (>= netstandard1.6)) (&& (< net45) (>= net451) (>= netstandard1.6) (< netstandard2.0)) (&& (>= net451) (>= netstandard1.3)) (&& (>= net46) (< netstandard1.4)) (>= net461)
      Microsoft.NETCore.Platforms (>= 1.1) - restriction: || (== netcoreapp2.0) (&& (>= net451) (< net46) (>= netstandard1.3))
      runtime.native.System.Security.Cryptography.OpenSsl (>= 4.3) - restriction: || (== netcoreapp2.0) (&& (>= net451) (< net46) (>= netstandard1.3))
      System.Collections (>= 4.3) - restriction: || (== netcoreapp2.0) (&& (>= net451) (< net46) (>= netstandard1.3))
      System.Collections.Concurrent (>= 4.3) - restriction: || (== netcoreapp2.0) (&& (>= net451) (< net46) (>= netstandard1.3))
      System.Linq (>= 4.3) - restriction: || (== netcoreapp2.0) (&& (>= net451) (< net46) (>= netstandard1.3))
      System.Resources.ResourceManager (>= 4.3) - restriction: || (== netcoreapp2.0) (&& (>= net451) (< net46) (>= netstandard1.3))
      System.Runtime (>= 4.3) - restriction: || (== netcoreapp2.0) (&& (>= net451) (< net46) (>= netstandard1.3))
      System.Runtime.Extensions (>= 4.3) - restriction: || (== netcoreapp2.0) (&& (>= net451) (< net46) (>= netstandard1.3))
      System.Runtime.Handles (>= 4.3) - restriction: || (== netcoreapp2.0) (&& (>= net451) (< net46) (>= netstandard1.3))
      System.Runtime.InteropServices (>= 4.3) - restriction: || (== netcoreapp2.0) (&& (>= net451) (< net46) (>= netstandard1.3))
      System.Security.Cryptography.Primitives (>= 4.3) - restriction: || (== netcoreapp2.0) (&& (>= net451) (< net46) (>= netstandard1.3))
      System.Text.Encoding (>= 4.3) - restriction: || (== netcoreapp2.0) (&& (>= net451) (< net46) (>= netstandard1.3))
    System.Security.Cryptography.Primitives (4.3) - restriction: || (== netcoreapp2.0) (&& (>= dnxcore50) (>= net451) (>= netstandard2.0)) (&& (>= dnxcore50) (>= net461)) (&& (< net35) (>= net451) (>= netstandard2.0)) (&& (< net35) (>= net46) (< netstandard1.4) (>= netstandard2.0)) (&& (< net35) (>= net461) (< netstandard1.4)) (&& (< net35) (>= net461) (>= netstandard1.6)) (&& (< net35) (>= net461) (< netstandard1.6)) (&& (< net35) (>= net463))
      System.Diagnostics.Debug (>= 4.3) - restriction: || (== netcoreapp2.0) (&& (>= net451) (< net46) (>= netstandard1.3))
      System.Globalization (>= 4.3) - restriction: || (== netcoreapp2.0) (&& (>= net451) (< net46) (>= netstandard1.3))
      System.IO (>= 4.3) - restriction: || (== netcoreapp2.0) (&& (>= net451) (< net46) (>= netstandard1.3))
      System.Resources.ResourceManager (>= 4.3) - restriction: || (== netcoreapp2.0) (&& (>= net451) (< net46) (>= netstandard1.3))
      System.Runtime (>= 4.3) - restriction: || (== netcoreapp2.0) (&& (>= net451) (< net46) (>= netstandard1.3))
      System.Threading (>= 4.3) - restriction: || (== netcoreapp2.0) (&& (>= net451) (< net46) (>= netstandard1.3))
      System.Threading.Tasks (>= 4.3) - restriction: || (== netcoreapp2.0) (&& (>= net451) (< net46) (>= netstandard1.3))
    System.Security.Cryptography.ProtectedData (4.5) - restriction: || (== netcoreapp2.0) (&& (< net45) (>= net451) (>= netstandard2.0)) (&& (< net45) (>= net461) (>= netstandard2.0))
      System.Memory (>= 4.5) - restriction: || (== netcoreapp2.0) (&& (>= net451) (< net46) (>= netstandard2.0))
    System.Security.Cryptography.X509Certificates (4.3.2) - restriction: || (== netcoreapp2.0) (&& (>= dnxcore50) (>= net451) (>= netstandard1.6)) (&& (< net45) (>= net451) (>= netstandard1.6) (< netstandard2.0)) (&& (>= net451) (>= netstandard1.3)) (>= net46)
      System.Security.Cryptography.Algorithms (>= 4.3) - restriction: || (== netcoreapp2.0) (&& (>= dnxcore50) (>= net451)) (&& (>= net451) (< net46) (>= netstandard1.3) (< netstandard1.4)) (&& (>= net451) (< net46) (>= netstandard1.4) (< netstandard1.6)) (&& (>= net451) (< net46) (>= netstandard1.6)) (&& (>= net46) (< netstandard1.4)) (>= net461)
      System.Security.Cryptography.Encoding (>= 4.3) - restriction: || (== netcoreapp2.0) (&& (>= dnxcore50) (>= net451)) (&& (>= net451) (< net46) (>= netstandard1.3) (< netstandard1.4)) (&& (>= net451) (< net46) (>= netstandard1.4) (< netstandard1.6)) (&& (>= net451) (< net46) (>= netstandard1.6)) (&& (>= net46) (< netstandard1.4)) (>= net461)
    System.Security.Permissions (4.5) - restriction: || (== netcoreapp2.0) (&& (>= monoandroid) (>= net451) (>= netstandard2.0)) (&& (>= monoandroid) (>= net461) (>= netstandard2.0)) (&& (>= monotouch) (>= net451) (>= netstandard2.0)) (&& (>= monotouch) (>= net461) (>= netstandard2.0)) (&& (< net45) (>= net451) (>= netstandard2.0)) (&& (< net45) (>= net461) (>= netstandard2.0)) (&& (>= net451) (>= netstandard2.0) (>= xamarinios)) (&& (>= net451) (>= netstandard2.0) (>= xamarinmac)) (&& (>= net451) (>= netstandard2.0) (>= xamarintvos)) (&& (>= net451) (>= netstandard2.0) (>= xamarinwatchos)) (&& (>= net461) (>= netstandard2.0) (>= xamarinios)) (&& (>= net461) (>= netstandard2.0) (>= xamarinmac)) (&& (>= net461) (>= netstandard2.0) (>= xamarintvos)) (&& (>= net461) (>= netstandard2.0) (>= xamarinwatchos))
      System.Security.AccessControl (>= 4.5) - restriction: || (== netcoreapp2.0) (&& (>= net451) (>= netstandard2.0)) (>= net461)
    System.Security.Principal.Windows (4.5) - restriction: || (== netcoreapp2.0) (&& (>= monoandroid) (>= net451) (>= netstandard1.6)) (&& (>= monotouch) (>= net451)) (&& (>= net451) (< net46) (>= netstandard2.0)) (&& (>= net451) (>= netcoreapp2.0)) (&& (>= net451) (>= netcoreapp2.1)) (&& (>= net451) (>= xamarinios)) (&& (>= net451) (>= xamarinmac)) (&& (>= net451) (>= xamarintvos)) (&& (>= net451) (>= xamarinwatchos)) (&& (< net46) (>= net461) (>= netstandard1.6))
      Microsoft.NETCore.Platforms (>= 2.0) - restriction: || (== netcoreapp2.0) (&& (>= net451) (>= netcoreapp2.0))
    System.Text.Encoding (4.3) - restriction: || (== netcoreapp2.0) (&& (>= dnxcore50) (>= net451) (>= netstandard1.6)) (&& (>= dnxcore50) (>= net46)) (&& (< net45) (>= net451) (>= netstandard1.6)) (&& (< net45) (>= net46)) (&& (>= net451) (>= netstandard1.3))
      Microsoft.NETCore.Platforms (>= 1.1) - restriction: || (== netcoreapp2.0) (&& (>= dnxcore50) (>= net451)) (&& (< net45) (>= net451) (>= netstandard1.3)) (&& (< net45) (>= net451) (< netstandard1.3))
      Microsoft.NETCore.Targets (>= 1.1) - restriction: || (== netcoreapp2.0) (&& (>= dnxcore50) (>= net451)) (&& (< net45) (>= net451) (>= netstandard1.3)) (&& (< net45) (>= net451) (< netstandard1.3))
      System.Runtime (>= 4.3) - restriction: || (== netcoreapp2.0) (&& (>= dnxcore50) (>= net451)) (&& (< net45) (>= net451) (>= netstandard1.3)) (&& (< net45) (>= net451) (< netstandard1.3))
    System.Text.Encoding.CodePages (4.5) - restriction: || (== netcoreapp2.0) (&& (>= net451) (>= netstandard1.3))
      Microsoft.NETCore.Platforms (>= 2.0) - restriction: || (== netcoreapp2.0) (&& (>= net451) (>= netcoreapp2.0))
      System.Runtime.CompilerServices.Unsafe (>= 4.5) - restriction: || (== netcoreapp2.0) (&& (>= net451) (< net46) (>= netstandard2.0)) (&& (>= net451) (>= netcoreapp2.0)) (>= net461)
    System.Text.Encoding.Extensions (4.3) - restriction: || (== netcoreapp2.0) (&& (>= dnxcore50) (>= net451) (>= netstandard1.6)) (&& (>= dnxcore50) (>= net46)) (&& (< net45) (>= net451) (>= netstandard1.6)) (&& (< net45) (>= net46)) (&& (>= net451) (>= netstandard1.3))
      Microsoft.NETCore.Platforms (>= 1.1) - restriction: || (== netcoreapp2.0) (&& (>= dnxcore50) (>= net451)) (&& (< net45) (>= net451) (>= netstandard1.3)) (&& (< net45) (>= net451) (< netstandard1.3))
      Microsoft.NETCore.Targets (>= 1.1) - restriction: || (== netcoreapp2.0) (&& (>= dnxcore50) (>= net451)) (&& (< net45) (>= net451) (>= netstandard1.3)) (&& (< net45) (>= net451) (< netstandard1.3))
      System.Runtime (>= 4.3) - restriction: || (== netcoreapp2.0) (&& (>= dnxcore50) (>= net451)) (&& (< net45) (>= net451) (>= netstandard1.3)) (&& (< net45) (>= net451) (< netstandard1.3))
      System.Text.Encoding (>= 4.3) - restriction: || (== netcoreapp2.0) (&& (>= dnxcore50) (>= net451)) (&& (< net45) (>= net451) (>= netstandard1.3)) (&& (< net45) (>= net451) (< netstandard1.3))
    System.Text.RegularExpressions (4.3) - restriction: || (== netcoreapp2.0) (&& (>= net451) (< net46) (>= netstandard1.3))
      System.Runtime (>= 4.3) - restriction: || (== netcoreapp2.0) (&& (>= dnxcore50) (>= net451)) (&& (< net45) (>= net451) (>= netstandard1.3) (< netstandard1.6)) (&& (< net45) (>= net451) (< netstandard1.3)) (&& (< net45) (>= net451) (>= netstandard1.6)) (&& (>= net451) (>= netcoreapp1.1))
    System.Threading (4.3) - restriction: || (== netcoreapp2.0) (&& (>= net451) (< net46) (>= netstandard1.6)) (&& (>= net451) (>= netstandard1.3))
      System.Runtime (>= 4.3) - restriction: || (== netcoreapp2.0) (&& (>= dnxcore50) (>= net451)) (&& (< net45) (>= net451) (>= netstandard1.3)) (&& (< net45) (>= net451) (< netstandard1.3))
      System.Threading.Tasks (>= 4.3) - restriction: || (== netcoreapp2.0) (&& (>= dnxcore50) (>= net451)) (&& (< net45) (>= net451) (>= netstandard1.3)) (&& (< net45) (>= net451) (< netstandard1.3))
    System.Threading.Overlapped (4.3) - restriction: || (== netcoreapp2.0) (&& (>= net451) (< net46) (>= netstandard1.6))
      Microsoft.NETCore.Platforms (>= 1.1) - restriction: || (== netcoreapp2.0) (&& (>= dnxcore50) (>= net451)) (&& (>= net451) (< net46) (>= netstandard1.3))
      System.Resources.ResourceManager (>= 4.3) - restriction: || (== netcoreapp2.0) (&& (>= dnxcore50) (>= net451)) (&& (>= net451) (< net46) (>= netstandard1.3))
      System.Runtime (>= 4.3) - restriction: || (== netcoreapp2.0) (&& (>= dnxcore50) (>= net451)) (&& (>= net451) (< net46) (>= netstandard1.3))
      System.Runtime.Handles (>= 4.3) - restriction: || (== netcoreapp2.0) (&& (>= dnxcore50) (>= net451)) (&& (>= net451) (< net46) (>= netstandard1.3))
    System.Threading.Tasks (4.3) - restriction: || (== netcoreapp2.0) (&& (>= dnxcore50) (>= net451) (>= netstandard1.6)) (&& (>= dnxcore50) (>= net46)) (&& (< net45) (>= net451) (>= netstandard1.6)) (&& (< net45) (>= net46)) (&& (>= net451) (>= netstandard1.3))
      Microsoft.NETCore.Platforms (>= 1.1) - restriction: || (== netcoreapp2.0) (&& (>= dnxcore50) (>= net451)) (&& (< net45) (>= net451) (>= netstandard1.3)) (&& (< net45) (>= net451) (< netstandard1.3))
      Microsoft.NETCore.Targets (>= 1.1) - restriction: || (== netcoreapp2.0) (&& (>= dnxcore50) (>= net451)) (&& (< net45) (>= net451) (>= netstandard1.3)) (&& (< net45) (>= net451) (< netstandard1.3))
      System.Runtime (>= 4.3) - restriction: || (== netcoreapp2.0) (&& (>= dnxcore50) (>= net451)) (&& (< net45) (>= net451) (>= netstandard1.3)) (&& (< net45) (>= net451) (< netstandard1.3))
    System.Threading.Tasks.Extensions (4.5.1) - restriction: || (== netcoreapp2.0) (&& (>= dnxcore50) (>= net451) (>= netstandard1.6)) (&& (>= dnxcore50) (>= net46)) (&& (< net45) (>= net451) (>= netstandard1.6)) (&& (< net45) (>= net46))
      System.Runtime.CompilerServices.Unsafe (>= 4.5)
    System.Threading.Tasks.Parallel (4.3) - restriction: || (== netcoreapp2.0) (&& (>= net451) (>= netstandard1.3))
      System.Collections.Concurrent (>= 4.3) - restriction: || (== netcoreapp2.0) (&& (>= dnxcore50) (>= net451)) (&& (< net45) (>= net451) (>= netstandard1.3)) (&& (< net45) (>= net451) (< netstandard1.3))
      System.Diagnostics.Debug (>= 4.3) - restriction: || (== netcoreapp2.0) (&& (>= dnxcore50) (>= net451)) (&& (< net45) (>= net451) (>= netstandard1.3))
      System.Diagnostics.Tracing (>= 4.3) - restriction: || (== netcoreapp2.0) (&& (>= dnxcore50) (>= net451)) (&& (< net45) (>= net451) (>= netstandard1.3))
      System.Resources.ResourceManager (>= 4.3) - restriction: || (== netcoreapp2.0) (&& (>= dnxcore50) (>= net451)) (&& (< net45) (>= net451) (>= netstandard1.3))
      System.Runtime (>= 4.3) - restriction: || (== netcoreapp2.0) (&& (>= dnxcore50) (>= net451)) (&& (< net45) (>= net451) (>= netstandard1.3)) (&& (< net45) (>= net451) (< netstandard1.3))
      System.Runtime.Extensions (>= 4.3) - restriction: || (== netcoreapp2.0) (&& (>= dnxcore50) (>= net451)) (&& (< net45) (>= net451) (>= netstandard1.3))
      System.Threading (>= 4.3) - restriction: || (== netcoreapp2.0) (&& (>= dnxcore50) (>= net451)) (&& (< net45) (>= net451) (>= netstandard1.3))
      System.Threading.Tasks (>= 4.3) - restriction: || (== netcoreapp2.0) (&& (>= dnxcore50) (>= net451)) (&& (< net45) (>= net451) (>= netstandard1.3)) (&& (< net45) (>= net451) (< netstandard1.3))
    System.Threading.Thread (4.3) - restriction: || (== netcoreapp2.0) (&& (>= net451) (< net46) (>= netstandard1.6)) (&& (>= net451) (>= netstandard1.3))
      System.Runtime (>= 4.3) - restriction: || (== netcoreapp2.0) (&& (>= net451) (< net46) (>= netstandard1.3))
    System.Threading.ThreadPool (4.3) - restriction: || (== netcoreapp2.0) (&& (>= net451) (< net46) (>= netstandard1.6))
      System.Runtime (>= 4.3) - restriction: || (== netcoreapp2.0) (&& (>= net451) (< net46) (>= netstandard1.3))
      System.Runtime.Handles (>= 4.3) - restriction: || (== netcoreapp2.0) (&& (>= net451) (< net46) (>= netstandard1.3))
    System.ValueTuple (4.5) - restriction: || (== netcoreapp2.0) (&& (>= net451) (>= netstandard1.3))
    System.Xml.ReaderWriter (4.3.1) - restriction: || (== netcoreapp2.0) (&& (>= dnxcore50) (>= net451) (>= netstandard2.0)) (&& (< net45) (>= net451) (>= netstandard2.0)) (&& (>= net451) (>= netstandard1.6)) (>= net46)
      System.Collections (>= 4.3) - restriction: || (== netcoreapp2.0) (&& (>= dnxcore50) (>= net451)) (&& (< net45) (>= net451) (>= netstandard1.3))
      System.Diagnostics.Debug (>= 4.3) - restriction: || (== netcoreapp2.0) (&& (>= dnxcore50) (>= net451)) (&& (< net45) (>= net451) (>= netstandard1.3))
      System.Globalization (>= 4.3) - restriction: || (== netcoreapp2.0) (&& (>= dnxcore50) (>= net451)) (&& (< net45) (>= net451) (>= netstandard1.3))
      System.IO (>= 4.3) - restriction: || (== netcoreapp2.0) (&& (>= dnxcore50) (>= net451)) (&& (< net45) (>= net451) (>= netstandard1.3)) (&& (< net45) (>= net451) (< netstandard1.3))
      System.IO.FileSystem (>= 4.3) - restriction: || (== netcoreapp2.0) (&& (>= dnxcore50) (>= net451)) (&& (< net45) (>= net451) (>= netstandard1.3))
      System.IO.FileSystem.Primitives (>= 4.3) - restriction: || (== netcoreapp2.0) (&& (>= dnxcore50) (>= net451)) (&& (< net45) (>= net451) (>= netstandard1.3))
      System.Resources.ResourceManager (>= 4.3) - restriction: || (== netcoreapp2.0) (&& (>= dnxcore50) (>= net451)) (&& (< net45) (>= net451) (>= netstandard1.3))
      System.Runtime (>= 4.3) - restriction: || (== netcoreapp2.0) (&& (>= dnxcore50) (>= net451)) (&& (< net45) (>= net451) (>= netstandard1.3)) (&& (< net45) (>= net451) (< netstandard1.3))
      System.Runtime.Extensions (>= 4.3) - restriction: || (== netcoreapp2.0) (&& (>= dnxcore50) (>= net451)) (&& (< net45) (>= net451) (>= netstandard1.3))
      System.Runtime.InteropServices (>= 4.3) - restriction: || (== netcoreapp2.0) (&& (>= dnxcore50) (>= net451)) (&& (< net45) (>= net451) (>= netstandard1.3))
      System.Text.Encoding (>= 4.3) - restriction: || (== netcoreapp2.0) (&& (>= dnxcore50) (>= net451)) (&& (< net45) (>= net451) (>= netstandard1.3)) (&& (< net45) (>= net451) (< netstandard1.3))
      System.Text.Encoding.Extensions (>= 4.3) - restriction: || (== netcoreapp2.0) (&& (>= dnxcore50) (>= net451)) (&& (< net45) (>= net451) (>= netstandard1.3))
      System.Text.RegularExpressions (>= 4.3) - restriction: || (== netcoreapp2.0) (&& (>= dnxcore50) (>= net451)) (&& (< net45) (>= net451) (>= netstandard1.3))
      System.Threading.Tasks (>= 4.3) - restriction: || (== netcoreapp2.0) (&& (>= dnxcore50) (>= net451)) (&& (< net45) (>= net451) (>= netstandard1.3)) (&& (< net45) (>= net451) (< netstandard1.3))
      System.Threading.Tasks.Extensions (>= 4.3) - restriction: || (== netcoreapp2.0) (&& (>= dnxcore50) (>= net451)) (&& (< net45) (>= net451) (>= netstandard1.3))
    System.Xml.XDocument (4.3) - restriction: || (== netcoreapp2.0) (&& (>= net451) (< net46) (>= netstandard1.6) (< netstandard2.0)) (&& (>= net451) (< net46) (>= netstandard2.0)) (&& (>= net451) (>= netstandard1.3))
      System.Collections (>= 4.3) - restriction: || (== netcoreapp2.0) (&& (>= dnxcore50) (>= net451)) (&& (< net45) (>= net451) (>= netstandard1.3))
      System.Diagnostics.Debug (>= 4.3) - restriction: || (== netcoreapp2.0) (&& (>= dnxcore50) (>= net451)) (&& (< net45) (>= net451) (>= netstandard1.3))
      System.Diagnostics.Tools (>= 4.3) - restriction: || (== netcoreapp2.0) (&& (>= dnxcore50) (>= net451)) (&& (< net45) (>= net451) (>= netstandard1.3))
      System.Globalization (>= 4.3) - restriction: || (== netcoreapp2.0) (&& (>= dnxcore50) (>= net451)) (&& (< net45) (>= net451) (>= netstandard1.3))
      System.IO (>= 4.3) - restriction: || (== netcoreapp2.0) (&& (>= dnxcore50) (>= net451)) (&& (< net45) (>= net451) (>= netstandard1.3)) (&& (< net45) (>= net451) (< netstandard1.3))
      System.Reflection (>= 4.3) - restriction: || (== netcoreapp2.0) (&& (>= dnxcore50) (>= net451)) (&& (< net45) (>= net451) (>= netstandard1.3))
      System.Resources.ResourceManager (>= 4.3) - restriction: || (== netcoreapp2.0) (&& (>= dnxcore50) (>= net451)) (&& (< net45) (>= net451) (>= netstandard1.3))
      System.Runtime (>= 4.3) - restriction: || (== netcoreapp2.0) (&& (>= dnxcore50) (>= net451)) (&& (< net45) (>= net451) (>= netstandard1.3)) (&& (< net45) (>= net451) (< netstandard1.3))
      System.Runtime.Extensions (>= 4.3) - restriction: || (== netcoreapp2.0) (&& (>= dnxcore50) (>= net451)) (&& (< net45) (>= net451) (>= netstandard1.3))
      System.Text.Encoding (>= 4.3) - restriction: || (== netcoreapp2.0) (&& (>= dnxcore50) (>= net451)) (&& (< net45) (>= net451) (>= netstandard1.3))
      System.Threading (>= 4.3) - restriction: || (== netcoreapp2.0) (&& (>= dnxcore50) (>= net451)) (&& (< net45) (>= net451) (>= netstandard1.3))
      System.Xml.ReaderWriter (>= 4.3) - restriction: || (== netcoreapp2.0) (&& (>= dnxcore50) (>= net451)) (&& (< net45) (>= net451) (>= netstandard1.3)) (&& (< net45) (>= net451) (< netstandard1.3))
    System.Xml.XmlDocument (4.3) - restriction: || (== netcoreapp2.0) (&& (>= net451) (>= netstandard1.6)) (>= net46)
      System.Collections (>= 4.3) - restriction: || (== netcoreapp2.0) (&& (>= net451) (< net46) (>= netstandard1.3))
      System.Diagnostics.Debug (>= 4.3) - restriction: || (== netcoreapp2.0) (&& (>= net451) (< net46) (>= netstandard1.3))
      System.Globalization (>= 4.3) - restriction: || (== netcoreapp2.0) (&& (>= net451) (< net46) (>= netstandard1.3))
      System.IO (>= 4.3) - restriction: || (== netcoreapp2.0) (&& (>= net451) (< net46) (>= netstandard1.3))
      System.Resources.ResourceManager (>= 4.3) - restriction: || (== netcoreapp2.0) (&& (>= net451) (< net46) (>= netstandard1.3))
      System.Runtime (>= 4.3) - restriction: || (== netcoreapp2.0) (&& (>= net451) (< net46) (>= netstandard1.3))
      System.Runtime.Extensions (>= 4.3) - restriction: || (== netcoreapp2.0) (&& (>= net451) (< net46) (>= netstandard1.3))
      System.Text.Encoding (>= 4.3) - restriction: || (== netcoreapp2.0) (&& (>= net451) (< net46) (>= netstandard1.3))
      System.Threading (>= 4.3) - restriction: || (== netcoreapp2.0) (&& (>= net451) (< net46) (>= netstandard1.3))
      System.Xml.ReaderWriter (>= 4.3) - restriction: || (== netcoreapp2.0) (&& (>= net451) (< net46) (>= netstandard1.3))
    System.Xml.XPath (4.3) - restriction: || (== netcoreapp2.0) (&& (>= net451) (>= netstandard1.6)) (>= net46)
      System.Collections (>= 4.3) - restriction: || (== netcoreapp2.0) (&& (>= net451) (< net46) (>= netstandard1.3))
      System.Diagnostics.Debug (>= 4.3) - restriction: || (== netcoreapp2.0) (&& (>= net451) (< net46) (>= netstandard1.3))
      System.Globalization (>= 4.3) - restriction: || (== netcoreapp2.0) (&& (>= net451) (< net46) (>= netstandard1.3))
      System.IO (>= 4.3) - restriction: || (== netcoreapp2.0) (&& (>= net451) (< net46) (>= netstandard1.3))
      System.Resources.ResourceManager (>= 4.3) - restriction: || (== netcoreapp2.0) (&& (>= net451) (< net46) (>= netstandard1.3))
      System.Runtime (>= 4.3) - restriction: || (== netcoreapp2.0) (&& (>= net451) (< net46) (>= netstandard1.3))
      System.Runtime.Extensions (>= 4.3) - restriction: || (== netcoreapp2.0) (&& (>= net451) (< net46) (>= netstandard1.3))
      System.Threading (>= 4.3) - restriction: || (== netcoreapp2.0) (&& (>= net451) (< net46) (>= netstandard1.3))
      System.Xml.ReaderWriter (>= 4.3) - restriction: || (== netcoreapp2.0) (&& (>= net451) (< net46) (>= netstandard1.3))
    System.Xml.XPath.XDocument (4.3) - restriction: || (== netcoreapp2.0) (&& (>= net451) (>= netstandard1.6)) (>= net46)
      System.Diagnostics.Debug (>= 4.3) - restriction: || (== netcoreapp2.0) (&& (>= net451) (< net46) (>= netstandard1.3))
      System.Linq (>= 4.3) - restriction: || (== netcoreapp2.0) (&& (>= net451) (< net46) (>= netstandard1.3))
      System.Resources.ResourceManager (>= 4.3) - restriction: || (== netcoreapp2.0) (&& (>= net451) (< net46) (>= netstandard1.3))
      System.Runtime (>= 4.3) - restriction: || (== netcoreapp2.0) (&& (>= net451) (< net46) (>= netstandard1.3))
      System.Runtime.Extensions (>= 4.3) - restriction: || (== netcoreapp2.0) (&& (>= net451) (< net46) (>= netstandard1.3))
      System.Threading (>= 4.3) - restriction: || (== netcoreapp2.0) (&& (>= net451) (< net46) (>= netstandard1.3))
      System.Xml.ReaderWriter (>= 4.3) - restriction: || (== netcoreapp2.0) (&& (>= net451) (< net46) (>= netstandard1.3))
      System.Xml.XDocument (>= 4.3) - restriction: || (== netcoreapp2.0) (&& (>= net451) (< net46) (>= netstandard1.3))
      System.Xml.XPath (>= 4.3) - restriction: || (== netcoreapp2.0) (&& (>= net451) (>= netstandard1.3)) (>= net46)
    System.Xml.XPath.XmlDocument (4.3) - restriction: || (== netcoreapp2.0) (&& (>= net451) (>= netstandard1.6)) (>= net46)
      System.Collections (>= 4.3) - restriction: || (== netcoreapp2.0) (&& (>= net451) (< net46) (>= netstandard1.3))
      System.Globalization (>= 4.3) - restriction: || (== netcoreapp2.0) (&& (>= net451) (< net46) (>= netstandard1.3))
      System.IO (>= 4.3) - restriction: || (== netcoreapp2.0) (&& (>= net451) (< net46) (>= netstandard1.3))
      System.Resources.ResourceManager (>= 4.3) - restriction: || (== netcoreapp2.0) (&& (>= net451) (< net46) (>= netstandard1.3))
      System.Runtime (>= 4.3) - restriction: || (== netcoreapp2.0) (&& (>= net451) (< net46) (>= netstandard1.3))
      System.Runtime.Extensions (>= 4.3) - restriction: || (== netcoreapp2.0) (&& (>= net451) (< net46) (>= netstandard1.3))
      System.Threading (>= 4.3) - restriction: || (== netcoreapp2.0) (&& (>= net451) (< net46) (>= netstandard1.3))
      System.Xml.ReaderWriter (>= 4.3) - restriction: || (== netcoreapp2.0) (&& (>= net451) (< net46) (>= netstandard1.3))
      System.Xml.XmlDocument (>= 4.3) - restriction: || (== netcoreapp2.0) (&& (>= net451) (>= netstandard1.3)) (>= net46)
      System.Xml.XPath (>= 4.3) - restriction: || (== netcoreapp2.0) (&& (>= net451) (>= netstandard1.3)) (>= net46)
GITHUB
  remote: fsharp/FAKE
    modules/Octokit/Octokit.fsx (3faee4d67108fff561b7c400e5343901495b8e63)
      Octokit (>= 0.20)
  remote: vbfox/FoxSharp
    src/BlackFox.FakeUtils/TypedTaskDefinitionHelper.fs (a42b65bbd53666ab51d7e621e9a41c6f8078218c)
    src/BlackFox.FoxSharp/CommandLine.fs (a42b65bbd53666ab51d7e621e9a41c6f8078218c)