REDIRECTS: OFF
RESTRICTION: >= net451
NUGET
  remote: https://api.nuget.org/v3/index.json
    Argu (5.1) - restriction: || (&& (>= net451) (>= netstandard2.0)) (>= net461)
      FSharp.Core (>= 4.0.0.1)
    BlackFox.ColoredPrintf (0.3)
      BlackFox.MasterOfFoo (>= 0.2 < 1.0)
      FSharp.Core (>= 4.0 < 5.0)
    BlackFox.MasterOfFoo (0.2.1)
      FSharp.Core (>= 4.0 < 5.0)
    Expecto (8.2)
      Argu (>= 5.1) - restriction: || (&& (>= net451) (>= netstandard2.0)) (>= net461)
      Mono.Cecil (>= 0.10) - restriction: || (&& (>= net451) (>= netstandard2.0)) (>= net461)
    FAKE (5.2)
    FParsec (1.0.3)
      FSharp.Core (>= 4.0.0.1)
    FSharp.Core (4.5)
    ILRepack (2.0.15)
    Microsoft.CodeAnalysis.Analyzers (2.6.1) - restriction: && (>= net451) (>= netstandard1.3)
    Microsoft.CodeAnalysis.Common (2.8.2)
      Microsoft.CodeAnalysis.Analyzers (>= 1.1) - restriction: && (>= net451) (>= netstandard1.3)
      System.AppContext (>= 4.3) - restriction: && (>= net451) (>= netstandard1.3)
      System.Collections (>= 4.3) - restriction: && (>= net451) (>= netstandard1.3)
      System.Collections.Concurrent (>= 4.3) - restriction: && (>= net451) (>= netstandard1.3)
      System.Collections.Immutable (>= 1.3.1) - restriction: && (>= net451) (>= netstandard1.3)
      System.Console (>= 4.3) - restriction: && (>= net451) (>= netstandard1.3)
      System.Diagnostics.Debug (>= 4.3) - restriction: && (>= net451) (>= netstandard1.3)
      System.Diagnostics.FileVersionInfo (>= 4.3) - restriction: && (>= net451) (>= netstandard1.3)
      System.Diagnostics.StackTrace (>= 4.3) - restriction: && (>= net451) (>= netstandard1.3)
      System.Diagnostics.Tools (>= 4.3) - restriction: && (>= net451) (>= netstandard1.3)
      System.Dynamic.Runtime (>= 4.3) - restriction: && (>= net451) (>= netstandard1.3)
      System.Globalization (>= 4.3) - restriction: && (>= net451) (>= netstandard1.3)
      System.IO.Compression (>= 4.3) - restriction: && (>= net451) (>= netstandard1.3)
      System.IO.FileSystem (>= 4.3) - restriction: && (>= net451) (>= netstandard1.3)
      System.IO.FileSystem.Primitives (>= 4.3) - restriction: && (>= net451) (>= netstandard1.3)
      System.Linq (>= 4.3) - restriction: && (>= net451) (>= netstandard1.3)
      System.Linq.Expressions (>= 4.3) - restriction: && (>= net451) (>= netstandard1.3)
      System.Reflection (>= 4.3) - restriction: && (>= net451) (>= netstandard1.3)
      System.Reflection.Metadata (>= 1.4.2) - restriction: && (>= net451) (>= netstandard1.3)
      System.Resources.ResourceManager (>= 4.3) - restriction: && (>= net451) (>= netstandard1.3)
      System.Runtime (>= 4.3) - restriction: && (>= net451) (>= netstandard1.3)
      System.Runtime.Extensions (>= 4.3) - restriction: && (>= net451) (>= netstandard1.3)
      System.Runtime.InteropServices (>= 4.3) - restriction: && (>= net451) (>= netstandard1.3)
      System.Runtime.Numerics (>= 4.3) - restriction: && (>= net451) (>= netstandard1.3)
      System.Security.Cryptography.Algorithms (>= 4.3) - restriction: && (>= net451) (>= netstandard1.3)
      System.Security.Cryptography.Encoding (>= 4.3) - restriction: && (>= net451) (>= netstandard1.3)
      System.Security.Cryptography.X509Certificates (>= 4.3) - restriction: && (>= net451) (>= netstandard1.3)
      System.Text.Encoding (>= 4.3) - restriction: && (>= net451) (>= netstandard1.3)
      System.Text.Encoding.CodePages (>= 4.3) - restriction: && (>= net451) (>= netstandard1.3)
      System.Text.Encoding.Extensions (>= 4.3) - restriction: && (>= net451) (>= netstandard1.3)
      System.Threading (>= 4.3) - restriction: && (>= net451) (>= netstandard1.3)
      System.Threading.Tasks (>= 4.3) - restriction: && (>= net451) (>= netstandard1.3)
      System.Threading.Tasks.Parallel (>= 4.3) - restriction: && (>= net451) (>= netstandard1.3)
      System.Threading.Thread (>= 4.3) - restriction: && (>= net451) (>= netstandard1.3)
      System.ValueTuple (>= 4.3) - restriction: && (>= net451) (>= netstandard1.3)
      System.Xml.ReaderWriter (>= 4.3) - restriction: && (>= net451) (>= netstandard1.3)
      System.Xml.XDocument (>= 4.3) - restriction: && (>= net451) (>= netstandard1.3)
      System.Xml.XmlDocument (>= 4.3) - restriction: && (>= net451) (>= netstandard1.3)
      System.Xml.XPath.XDocument (>= 4.3) - restriction: && (>= net451) (>= netstandard1.3)
    Microsoft.CodeAnalysis.CSharp (2.8.2)
      Microsoft.CodeAnalysis.Common (2.8.2)
    Microsoft.CodeAnalysis.CSharp.Workspaces (2.8.2)
      Microsoft.CodeAnalysis.CSharp (2.8.2)
      Microsoft.CodeAnalysis.Workspaces.Common (2.8.2)
    Microsoft.CodeAnalysis.Workspaces.Common (2.8.2)
      Microsoft.CodeAnalysis.Common (2.8.2) - restriction: && (>= net451) (>= netstandard1.3)
      System.Composition (>= 1.0.31) - restriction: && (>= net451) (>= netstandard1.3)
    Mono.Cecil (0.10) - restriction: || (&& (>= net451) (>= netstandard2.0)) (>= net461)
    NFluent (2.3.1)
    Octokit (0.30)
      SourceLink.Create.GitHub (>= 2.8)
    SourceLink.Create.GitHub (2.8.3)
    SourceLink.Fake (1.1)
    System.AppContext (4.3) - restriction: && (>= net451) (>= netstandard1.3)
    System.Collections (4.3) - restriction: && (>= net451) (>= netstandard1.3)
    System.Collections.Concurrent (4.3) - restriction: && (>= net451) (>= netstandard1.3)
    System.Collections.Immutable (1.5) - restriction: || (&& (>= net451) (>= netstandard1.3)) (&& (>= net451) (>= netstandard2.0))
    System.Composition (1.2) - restriction: && (>= net451) (>= netstandard1.3)
      System.Composition.AttributedModel (>= 1.2)
      System.Composition.Convention (>= 1.2)
      System.Composition.Hosting (>= 1.2)
      System.Composition.Runtime (>= 1.2)
      System.Composition.TypedParts (>= 1.2)
    System.Composition.AttributedModel (1.2) - restriction: && (>= net451) (>= netstandard1.3)
    System.Composition.Convention (1.2) - restriction: && (>= net451) (>= netstandard1.3)
      System.Composition.AttributedModel (>= 1.2)
    System.Composition.Hosting (1.2) - restriction: && (>= net451) (>= netstandard1.3)
      System.Composition.Runtime (>= 1.2)
    System.Composition.Runtime (1.2) - restriction: && (>= net451) (>= netstandard1.3)
    System.Composition.TypedParts (1.2) - restriction: && (>= net451) (>= netstandard1.3)
      System.Composition.AttributedModel (>= 1.2)
      System.Composition.Hosting (>= 1.2)
      System.Composition.Runtime (>= 1.2)
    System.Console (4.3.1) - restriction: && (>= net451) (>= netstandard1.3)
    System.Diagnostics.Debug (4.3) - restriction: && (>= net451) (>= netstandard1.3)
    System.Diagnostics.FileVersionInfo (4.3) - restriction: && (>= net451) (>= netstandard1.3)
    System.Diagnostics.StackTrace (4.3) - restriction: && (>= net451) (>= netstandard1.3)
    System.Diagnostics.Tools (4.3) - restriction: && (>= net451) (>= netstandard1.3)
    System.Dynamic.Runtime (4.3) - restriction: && (>= net451) (>= netstandard1.3)
    System.Globalization (4.3) - restriction: && (>= net451) (>= netstandard1.3)
    System.IO (4.3) - restriction: || (&& (>= dnxcore50) (>= net451) (>= netstandard1.3)) (&& (>= net451) (< net46) (>= netstandard1.3) (< netstandard1.4)) (&& (>= net451) (< net46) (>= netstandard1.4) (< netstandard1.6)) (&& (>= net451) (< net46) (>= netstandard1.6)) (>= net463)
    System.IO.Compression (4.3) - restriction: && (>= net451) (>= netstandard1.3)
    System.IO.FileSystem (4.3) - restriction: && (>= net451) (>= netstandard1.3)
      System.IO.FileSystem.Primitives (>= 4.3) - restriction: || (&& (>= net451) (>= netstandard1.3)) (>= net46)
    System.IO.FileSystem.Primitives (4.3) - restriction: && (>= net451) (>= netstandard1.3)
    System.Linq (4.3) - restriction: && (>= net451) (>= netstandard1.3)
    System.Linq.Expressions (4.3) - restriction: && (>= net451) (>= netstandard1.3)
    System.Reflection (4.3) - restriction: && (>= net451) (>= netstandard1.3)
    System.Reflection.Metadata (1.6) - restriction: && (>= net451) (>= netstandard1.3)
      System.Collections.Immutable (>= 1.5)
    System.Resources.ResourceManager (4.3) - restriction: && (>= net451) (>= netstandard1.3)
    System.Runtime (4.3) - restriction: || (&& (< net45) (>= net451) (>= netstandard1.5)) (&& (>= net451) (< net46) (>= netstandard1.4) (< netstandard1.6)) (&& (>= net451) (< net46) (>= netstandard1.6)) (&& (>= net451) (>= netcoreapp1.1)) (&& (>= net451) (>= netstandard1.3)) (>= net462)
    System.Runtime.CompilerServices.Unsafe (4.5.1) - restriction: || (&& (>= net451) (< net46) (>= netstandard2.0)) (&& (>= net451) (>= netcoreapp2.0)) (>= net461)
    System.Runtime.Extensions (4.3) - restriction: && (>= net451) (>= netstandard1.3)
    System.Runtime.InteropServices (4.3) - restriction: && (>= net451) (>= netstandard1.3)
      System.Runtime (>= 4.3) - restriction: || (&& (>= dnxcore50) (>= net451)) (&& (< net45) (>= net451) (< netstandard1.2)) (&& (< net45) (>= net451) (>= netstandard1.3) (< netstandard1.5)) (&& (< net45) (>= net451) (< netstandard1.3)) (&& (< net45) (>= net451) (>= netstandard1.5)) (&& (>= net451) (>= netcoreapp1.1)) (>= net462)
    System.Runtime.Numerics (4.3) - restriction: && (>= net451) (>= netstandard1.3)
    System.Security.Cryptography.Algorithms (4.3.1) - restriction: && (>= net451) (>= netstandard1.3)
      System.IO (>= 4.3) - restriction: || (&& (>= dnxcore50) (>= net451)) (&& (>= net451) (< net46) (>= netstandard1.3) (< netstandard1.4)) (&& (>= net451) (< net46) (>= netstandard1.4) (< netstandard1.6)) (&& (>= net451) (< net46) (>= netstandard1.6)) (>= net463)
      System.Runtime (>= 4.3) - restriction: || (&& (>= dnxcore50) (>= net451)) (&& (>= net451) (< net46) (>= netstandard1.3) (< netstandard1.4)) (&& (>= net451) (< net46) (>= netstandard1.4) (< netstandard1.6)) (&& (>= net451) (< net46) (>= netstandard1.6)) (>= net463)
      System.Security.Cryptography.Encoding (>= 4.3) - restriction: || (&& (>= dnxcore50) (>= net451)) (&& (>= net451) (< net46) (>= netstandard1.6)) (>= net463)
      System.Security.Cryptography.Primitives (>= 4.3) - restriction: || (&& (>= dnxcore50) (>= net451)) (&& (>= net451) (< net46) (>= netstandard1.3) (< netstandard1.4)) (&& (>= net451) (< net46) (>= netstandard1.4) (< netstandard1.6)) (&& (>= net451) (< net46) (>= netstandard1.6)) (&& (>= net46) (< netstandard1.4)) (&& (>= net461) (< netstandard1.6)) (>= net463)
    System.Security.Cryptography.Encoding (4.3) - restriction: || (&& (>= net451) (< net46) (>= netstandard1.6)) (&& (>= net451) (>= netstandard1.3)) (>= net463)
    System.Security.Cryptography.Primitives (4.3) - restriction: || (&& (>= dnxcore50) (>= net451) (>= netstandard1.3)) (&& (>= net451) (< net46) (>= netstandard1.3) (< netstandard1.4)) (&& (>= net451) (< net46) (>= netstandard1.4) (< netstandard1.6)) (&& (>= net451) (< net46) (>= netstandard1.6)) (&& (>= net46) (< netstandard1.4)) (&& (>= net461) (< netstandard1.6)) (>= net463)
    System.Security.Cryptography.X509Certificates (4.3.2) - restriction: && (>= net451) (>= netstandard1.3)
      System.Security.Cryptography.Algorithms (>= 4.3) - restriction: || (&& (>= dnxcore50) (>= net451)) (&& (>= net451) (< net46) (>= netstandard1.3) (< netstandard1.4)) (&& (>= net451) (< net46) (>= netstandard1.4) (< netstandard1.6)) (&& (>= net451) (< net46) (>= netstandard1.6)) (&& (>= net46) (< netstandard1.4)) (>= net461)
      System.Security.Cryptography.Encoding (>= 4.3) - restriction: || (&& (>= dnxcore50) (>= net451)) (&& (>= net451) (< net46) (>= netstandard1.3) (< netstandard1.4)) (&& (>= net451) (< net46) (>= netstandard1.4) (< netstandard1.6)) (&& (>= net451) (< net46) (>= netstandard1.6)) (&& (>= net46) (< netstandard1.4)) (>= net461)
    System.Text.Encoding (4.3) - restriction: && (>= net451) (>= netstandard1.3)
    System.Text.Encoding.CodePages (4.5) - restriction: && (>= net451) (>= netstandard1.3)
      System.Runtime.CompilerServices.Unsafe (>= 4.5) - restriction: || (&& (>= net451) (< net46) (>= netstandard2.0)) (&& (>= net451) (>= netcoreapp2.0)) (>= net461)
    System.Text.Encoding.Extensions (4.3) - restriction: && (>= net451) (>= netstandard1.3)
    System.Threading (4.3) - restriction: && (>= net451) (>= netstandard1.3)
    System.Threading.Tasks (4.3) - restriction: && (>= net451) (>= netstandard1.3)
    System.Threading.Tasks.Parallel (4.3) - restriction: && (>= net451) (>= netstandard1.3)
    System.Threading.Thread (4.3) - restriction: && (>= net451) (>= netstandard1.3)
    System.ValueTuple (4.5) - restriction: && (>= net451) (>= netstandard1.3)
    System.Xml.ReaderWriter (4.3.1) - restriction: && (>= net451) (>= netstandard1.3)
    System.Xml.XDocument (4.3) - restriction: && (>= net451) (>= netstandard1.3)
    System.Xml.XmlDocument (4.3) - restriction: && (>= net451) (>= netstandard1.3)
    System.Xml.XPath (4.3) - restriction: || (&& (>= net451) (>= netstandard1.3)) (>= net46)
    System.Xml.XPath.XDocument (4.3) - restriction: && (>= net451) (>= netstandard1.3)
      System.Xml.XPath (>= 4.3) - restriction: || (&& (>= net451) (>= netstandard1.3)) (>= net46)
GITHUB
  remote: fsharp/FAKE
    modules/Octokit/Octokit.fsx (3faee4d67108fff561b7c400e5343901495b8e63)
      Octokit (>= 0.20)
  remote: vbfox/FoxSharp
    src/BlackFox.FakeUtils/TypedTaskDefinitionHelper.fs (a42b65bbd53666ab51d7e621e9a41c6f8078218c)
    src/BlackFox.FoxSharp/CommandLine.fs (a42b65bbd53666ab51d7e621e9a41c6f8078218c)