REDIRECTS: OFF
RESTRICTION: >= net451
NUGET
  remote: https://api.nuget.org/v3/index.json
    Argu (5.1) - restriction: || (&& (>= net451) (>= netstandard2.0)) (>= net461)
      FSharp.Core (>= 4.0.0.1)
    BlackFox.ColoredPrintf (0.3)
      BlackFox.MasterOfFoo (>= 0.2 < 1.0)
      FSharp.Core (>= 4.0 < 5.0)
    BlackFox.MasterOfFoo (0.2.1)
      FSharp.Core (>= 4.0 < 5.0)
    Expecto (8.2)
      Argu (>= 5.1) - restriction: || (&& (>= net451) (>= netstandard2.0)) (>= net461)
      Mono.Cecil (>= 0.10) - restriction: || (&& (>= net451) (>= netstandard2.0)) (>= net461)
    FParsec (1.0.3)
      FSharp.Core (>= 4.0.0.1)
    FSharp.Core (4.5.1)
    Microsoft.CodeAnalysis.Analyzers (2.6.1) - restriction: && (>= net451) (>= netstandard1.3)
    Microsoft.CodeAnalysis.Common (2.8.2)
      Microsoft.CodeAnalysis.Analyzers (>= 1.1) - restriction: && (>= net451) (>= netstandard1.3)
      System.AppContext (>= 4.3) - restriction: && (>= net451) (>= netstandard1.3)
      System.Collections (>= 4.3) - restriction: && (>= net451) (>= netstandard1.3)
      System.Collections.Concurrent (>= 4.3) - restriction: && (>= net451) (>= netstandard1.3)
      System.Collections.Immutable (>= 1.3.1) - restriction: && (>= net451) (>= netstandard1.3)
      System.Console (>= 4.3) - restriction: && (>= net451) (>= netstandard1.3)
      System.Diagnostics.Debug (>= 4.3) - restriction: && (>= net451) (>= netstandard1.3)
      System.Diagnostics.FileVersionInfo (>= 4.3) - restriction: && (>= net451) (>= netstandard1.3)
      System.Diagnostics.StackTrace (>= 4.3) - restriction: && (>= net451) (>= netstandard1.3)
      System.Diagnostics.Tools (>= 4.3) - restriction: && (>= net451) (>= netstandard1.3)
      System.Dynamic.Runtime (>= 4.3) - restriction: && (>= net451) (>= netstandard1.3)
      System.Globalization (>= 4.3) - restriction: && (>= net451) (>= netstandard1.3)
      System.IO.Compression (>= 4.3) - restriction: && (>= net451) (>= netstandard1.3)
      System.IO.FileSystem (>= 4.3) - restriction: && (>= net451) (>= netstandard1.3)
      System.IO.FileSystem.Primitives (>= 4.3) - restriction: && (>= net451) (>= netstandard1.3)
      System.Linq (>= 4.3) - restriction: && (>= net451) (>= netstandard1.3)
      System.Linq.Expressions (>= 4.3) - restriction: && (>= net451) (>= netstandard1.3)
      System.Reflection (>= 4.3) - restriction: && (>= net451) (>= netstandard1.3)
      System.Reflection.Metadata (>= 1.4.2) - restriction: && (>= net451) (>= netstandard1.3)
      System.Resources.ResourceManager (>= 4.3) - restriction: && (>= net451) (>= netstandard1.3)
      System.Runtime (>= 4.3) - restriction: && (>= net451) (>= netstandard1.3)
      System.Runtime.Extensions (>= 4.3) - restriction: && (>= net451) (>= netstandard1.3)
      System.Runtime.InteropServices (>= 4.3) - restriction: && (>= net451) (>= netstandard1.3)
      System.Runtime.Numerics (>= 4.3) - restriction: && (>= net451) (>= netstandard1.3)
      System.Security.Cryptography.Algorithms (>= 4.3) - restriction: && (>= net451) (>= netstandard1.3)
      System.Security.Cryptography.Encoding (>= 4.3) - restriction: && (>= net451) (>= netstandard1.3)
      System.Security.Cryptography.X509Certificates (>= 4.3) - restriction: && (>= net451) (>= netstandard1.3)
      System.Text.Encoding (>= 4.3) - restriction: && (>= net451) (>= netstandard1.3)
      System.Text.Encoding.CodePages (>= 4.3) - restriction: && (>= net451) (>= netstandard1.3)
      System.Text.Encoding.Extensions (>= 4.3) - restriction: && (>= net451) (>= netstandard1.3)
      System.Threading (>= 4.3) - restriction: && (>= net451) (>= netstandard1.3)
      System.Threading.Tasks (>= 4.3) - restriction: && (>= net451) (>= netstandard1.3)
      System.Threading.Tasks.Parallel (>= 4.3) - restriction: && (>= net451) (>= netstandard1.3)
      System.Threading.Thread (>= 4.3) - restriction: && (>= net451) (>= netstandard1.3)
      System.ValueTuple (>= 4.3) - restriction: && (>= net451) (>= netstandard1.3)
      System.Xml.ReaderWriter (>= 4.3) - restriction: && (>= net451) (>= netstandard1.3)
      System.Xml.XDocument (>= 4.3) - restriction: && (>= net451) (>= netstandard1.3)
      System.Xml.XmlDocument (>= 4.3) - restriction: && (>= net451) (>= netstandard1.3)
      System.Xml.XPath.XDocument (>= 4.3) - restriction: && (>= net451) (>= netstandard1.3)
    Microsoft.CodeAnalysis.CSharp (2.8.2)
      Microsoft.CodeAnalysis.Common (2.8.2)
    Microsoft.CodeAnalysis.CSharp.Workspaces (2.8.2)
      Microsoft.CodeAnalysis.CSharp (2.8.2)
      Microsoft.CodeAnalysis.Workspaces.Common (2.8.2)
    Microsoft.CodeAnalysis.Workspaces.Common (2.8.2)
      Microsoft.CodeAnalysis.Common (2.8.2) - restriction: && (>= net451) (>= netstandard1.3)
      System.Composition (>= 1.0.31) - restriction: && (>= net451) (>= netstandard1.3)
    Mono.Cecil (0.10) - restriction: || (&& (>= net451) (>= netstandard2.0)) (>= net461)
    NFluent (2.3.1)
    System.AppContext (4.3) - restriction: && (>= net451) (>= netstandard1.3)
    System.Collections (4.3) - restriction: && (>= net451) (>= netstandard1.3)
    System.Collections.Concurrent (4.3) - restriction: && (>= net451) (>= netstandard1.3)
    System.Collections.Immutable (1.5) - restriction: || (&& (>= net451) (>= netstandard1.3)) (&& (>= net451) (>= netstandard2.0))
    System.Composition (1.2) - restriction: && (>= net451) (>= netstandard1.3)
      System.Composition.AttributedModel (>= 1.2)
      System.Composition.Convention (>= 1.2)
      System.Composition.Hosting (>= 1.2)
      System.Composition.Runtime (>= 1.2)
      System.Composition.TypedParts (>= 1.2)
    System.Composition.AttributedModel (1.2) - restriction: && (>= net451) (>= netstandard1.3)
    System.Composition.Convention (1.2) - restriction: && (>= net451) (>= netstandard1.3)
      System.Composition.AttributedModel (>= 1.2)
    System.Composition.Hosting (1.2) - restriction: && (>= net451) (>= netstandard1.3)
      System.Composition.Runtime (>= 1.2)
    System.Composition.Runtime (1.2) - restriction: && (>= net451) (>= netstandard1.3)
    System.Composition.TypedParts (1.2) - restriction: && (>= net451) (>= netstandard1.3)
      System.Composition.AttributedModel (>= 1.2)
      System.Composition.Hosting (>= 1.2)
      System.Composition.Runtime (>= 1.2)
    System.Console (4.3.1) - restriction: && (>= net451) (>= netstandard1.3)
    System.Diagnostics.Debug (4.3) - restriction: && (>= net451) (>= netstandard1.3)
    System.Diagnostics.FileVersionInfo (4.3) - restriction: && (>= net451) (>= netstandard1.3)
    System.Diagnostics.StackTrace (4.3) - restriction: && (>= net451) (>= netstandard1.3)
    System.Diagnostics.Tools (4.3) - restriction: && (>= net451) (>= netstandard1.3)
    System.Dynamic.Runtime (4.3) - restriction: && (>= net451) (>= netstandard1.3)
    System.Globalization (4.3) - restriction: && (>= net451) (>= netstandard1.3)
    System.IO (4.3) - restriction: || (&& (>= dnxcore50) (>= net451) (>= netstandard1.3)) (&& (>= net451) (< net46) (>= netstandard1.3) (< netstandard1.4)) (&& (>= net451) (< net46) (>= netstandard1.4) (< netstandard1.6)) (&& (>= net451) (< net46) (>= netstandard1.6)) (>= net463)
    System.IO.Compression (4.3) - restriction: && (>= net451) (>= netstandard1.3)
    System.IO.FileSystem (4.3) - restriction: && (>= net451) (>= netstandard1.3)
      System.IO.FileSystem.Primitives (>= 4.3) - restriction: || (&& (>= net451) (>= netstandard1.3)) (>= net46)
    System.IO.FileSystem.Primitives (4.3) - restriction: && (>= net451) (>= netstandard1.3)
    System.Linq (4.3) - restriction: && (>= net451) (>= netstandard1.3)
    System.Linq.Expressions (4.3) - restriction: && (>= net451) (>= netstandard1.3)
    System.Reflection (4.3) - restriction: && (>= net451) (>= netstandard1.3)
    System.Reflection.Metadata (1.6) - restriction: && (>= net451) (>= netstandard1.3)
      System.Collections.Immutable (>= 1.5)
    System.Resources.ResourceManager (4.3) - restriction: && (>= net451) (>= netstandard1.3)
    System.Runtime (4.3) - restriction: || (&& (< net45) (>= net451) (>= netstandard1.5)) (&& (>= net451) (< net46) (>= netstandard1.4) (< netstandard1.6)) (&& (>= net451) (< net46) (>= netstandard1.6)) (&& (>= net451) (>= netcoreapp1.1)) (&& (>= net451) (>= netstandard1.3)) (>= net462)
    System.Runtime.CompilerServices.Unsafe (4.5.1) - restriction: || (&& (>= net451) (< net46) (>= netstandard2.0)) (&& (>= net451) (>= netcoreapp2.0)) (>= net461)
    System.Runtime.Extensions (4.3) - restriction: && (>= net451) (>= netstandard1.3)
    System.Runtime.InteropServices (4.3) - restriction: && (>= net451) (>= netstandard1.3)
      System.Runtime (>= 4.3) - restriction: || (&& (>= dnxcore50) (>= net451)) (&& (< net45) (>= net451) (< netstandard1.2)) (&& (< net45) (>= net451) (>= netstandard1.3) (< netstandard1.5)) (&& (< net45) (>= net451) (< netstandard1.3)) (&& (< net45) (>= net451) (>= netstandard1.5)) (&& (>= net451) (>= netcoreapp1.1)) (>= net462)
    System.Runtime.Numerics (4.3) - restriction: && (>= net451) (>= netstandard1.3)
    System.Security.Cryptography.Algorithms (4.3.1) - restriction: && (>= net451) (>= netstandard1.3)
      System.IO (>= 4.3) - restriction: || (&& (>= dnxcore50) (>= net451)) (&& (>= net451) (< net46) (>= netstandard1.3) (< netstandard1.4)) (&& (>= net451) (< net46) (>= netstandard1.4) (< netstandard1.6)) (&& (>= net451) (< net46) (>= netstandard1.6)) (>= net463)
      System.Runtime (>= 4.3) - restriction: || (&& (>= dnxcore50) (>= net451)) (&& (>= net451) (< net46) (>= netstandard1.3) (< netstandard1.4)) (&& (>= net451) (< net46) (>= netstandard1.4) (< netstandard1.6)) (&& (>= net451) (< net46) (>= netstandard1.6)) (>= net463)
      System.Security.Cryptography.Encoding (>= 4.3) - restriction: || (&& (>= dnxcore50) (>= net451)) (&& (>= net451) (< net46) (>= netstandard1.6)) (>= net463)
      System.Security.Cryptography.Primitives (>= 4.3) - restriction: || (&& (>= dnxcore50) (>= net451)) (&& (>= net451) (< net46) (>= netstandard1.3) (< netstandard1.4)) (&& (>= net451) (< net46) (>= netstandard1.4) (< netstandard1.6)) (&& (>= net451) (< net46) (>= netstandard1.6)) (&& (>= net46) (< netstandard1.4)) (&& (>= net461) (< netstandard1.6)) (>= net463)
    System.Security.Cryptography.Encoding (4.3) - restriction: || (&& (>= net451) (< net46) (>= netstandard1.6)) (&& (>= net451) (>= netstandard1.3)) (>= net463)
    System.Security.Cryptography.Primitives (4.3) - restriction: || (&& (>= dnxcore50) (>= net451) (>= netstandard1.3)) (&& (>= net451) (< net46) (>= netstandard1.3) (< netstandard1.4)) (&& (>= net451) (< net46) (>= netstandard1.4) (< netstandard1.6)) (&& (>= net451) (< net46) (>= netstandard1.6)) (&& (>= net46) (< netstandard1.4)) (&& (>= net461) (< netstandard1.6)) (>= net463)
    System.Security.Cryptography.X509Certificates (4.3.2) - restriction: && (>= net451) (>= netstandard1.3)
      System.Security.Cryptography.Algorithms (>= 4.3) - restriction: || (&& (>= dnxcore50) (>= net451)) (&& (>= net451) (< net46) (>= netstandard1.3) (< netstandard1.4)) (&& (>= net451) (< net46) (>= netstandard1.4) (< netstandard1.6)) (&& (>= net451) (< net46) (>= netstandard1.6)) (&& (>= net46) (< netstandard1.4)) (>= net461)
      System.Security.Cryptography.Encoding (>= 4.3) - restriction: || (&& (>= dnxcore50) (>= net451)) (&& (>= net451) (< net46) (>= netstandard1.3) (< netstandard1.4)) (&& (>= net451) (< net46) (>= netstandard1.4) (< netstandard1.6)) (&& (>= net451) (< net46) (>= netstandard1.6)) (&& (>= net46) (< netstandard1.4)) (>= net461)
    System.Text.Encoding (4.3) - restriction: && (>= net451) (>= netstandard1.3)
    System.Text.Encoding.CodePages (4.5) - restriction: && (>= net451) (>= netstandard1.3)
      System.Runtime.CompilerServices.Unsafe (>= 4.5) - restriction: || (&& (>= net451) (< net46) (>= netstandard2.0)) (&& (>= net451) (>= netcoreapp2.0)) (>= net461)
    System.Text.Encoding.Extensions (4.3) - restriction: && (>= net451) (>= netstandard1.3)
    System.Threading (4.3) - restriction: && (>= net451) (>= netstandard1.3)
    System.Threading.Tasks (4.3) - restriction: && (>= net451) (>= netstandard1.3)
    System.Threading.Tasks.Parallel (4.3) - restriction: && (>= net451) (>= netstandard1.3)
    System.Threading.Thread (4.3) - restriction: && (>= net451) (>= netstandard1.3)
    System.ValueTuple (4.5) - restriction: && (>= net451) (>= netstandard1.3)
    System.Xml.ReaderWriter (4.3.1) - restriction: && (>= net451) (>= netstandard1.3)
    System.Xml.XDocument (4.3) - restriction: && (>= net451) (>= netstandard1.3)
    System.Xml.XmlDocument (4.3) - restriction: && (>= net451) (>= netstandard1.3)
    System.Xml.XPath (4.3) - restriction: || (&& (>= net451) (>= netstandard1.3)) (>= net46)
    System.Xml.XPath.XDocument (4.3) - restriction: && (>= net451) (>= netstandard1.3)
      System.Xml.XPath (>= 4.3) - restriction: || (&& (>= net451) (>= netstandard1.3)) (>= net46)

GROUP build
STORAGE: NONE
RESTRICTION: == netcoreapp2.0
NUGET
  remote: https://api.nuget.org/v3/index.json
    Fake.BuildServer.AppVeyor (5.2)
      Fake.Core.Environment (>= 5.2)
      Fake.Core.Process (>= 5.2)
      Fake.Core.String (>= 5.2)
      Fake.Core.Trace (>= 5.2)
      Fake.IO.FileSystem (>= 5.2)
      Fake.Net.Http (>= 5.2)
      FSharp.Core (>= 4.3.4)
      System.Diagnostics.FileVersionInfo (>= 4.3)
      System.Diagnostics.Process (>= 4.3)
      System.IO.FileSystem.Watcher (>= 4.3)
      System.Xml.ReaderWriter (>= 4.3.1)
      System.Xml.XDocument (>= 4.3)
      System.Xml.XmlDocument (>= 4.3)
      System.Xml.XPath (>= 4.3)
      System.Xml.XPath.XDocument (>= 4.3)
      System.Xml.XPath.XmlDocument (>= 4.3)
    Fake.Core.CommandLineParsing (5.2)
      FParsec (>= 1.0.3)
      FSharp.Core (>= 4.3.4)
    Fake.Core.Context (5.2)
      FSharp.Core (>= 4.3.4)
    Fake.Core.Environment (5.2)
      FSharp.Core (>= 4.3.4)
    Fake.Core.FakeVar (5.2)
      Fake.Core.Context (>= 5.2)
      FSharp.Core (>= 4.3.4)
    Fake.Core.Process (5.2)
      Fake.Core.Environment (>= 5.2)
      Fake.Core.FakeVar (>= 5.2)
      Fake.Core.String (>= 5.2)
      Fake.Core.Trace (>= 5.2)
      Fake.IO.FileSystem (>= 5.2)
      FSharp.Core (>= 4.3.4)
      System.Diagnostics.Process (>= 4.3)
    Fake.Core.ReleaseNotes (5.2)
      Fake.Core.SemVer (>= 5.2)
      Fake.Core.String (>= 5.2)
      FSharp.Core (>= 4.3.4)
    Fake.Core.SemVer (5.2)
      FSharp.Core (>= 4.3.4)
      System.Runtime.Numerics (>= 4.3)
    Fake.Core.String (5.2)
      FSharp.Core (>= 4.3.4)
    Fake.Core.Target (5.2)
      Fake.Core.CommandLineParsing (>= 5.2)
      Fake.Core.Context (>= 5.2)
      Fake.Core.Environment (>= 5.2)
      Fake.Core.FakeVar (>= 5.2)
      Fake.Core.Process (>= 5.2)
      Fake.Core.String (>= 5.2)
      Fake.Core.Trace (>= 5.2)
      FSharp.Control.Reactive (>= 4.1)
      FSharp.Core (>= 4.3.4)
      System.Reactive.Compatibility (>= 4.0)
    Fake.Core.Trace (5.2)
      Fake.Core.Environment (>= 5.2)
      Fake.Core.FakeVar (>= 5.2)
      FSharp.Core (>= 4.3.4)
    Fake.Core.UserInput (5.2)
    Fake.DotNet.AssemblyInfoFile (5.2)
      Fake.Core.Environment (>= 5.2)
      Fake.Core.String (>= 5.2)
      Fake.Core.Trace (>= 5.2)
      Fake.IO.FileSystem (>= 5.2)
      FSharp.Core (>= 4.3.4)
    Fake.DotNet.Cli (5.2)
      Fake.Core.Environment (>= 5.2)
      Fake.Core.Process (>= 5.2)
      Fake.Core.String (>= 5.2)
      Fake.Core.Trace (>= 5.2)
      Fake.IO.FileSystem (>= 5.2)
      FSharp.Core (>= 4.3.4)
      Newtonsoft.Json (>= 11.0.2)
    Fake.DotNet.MsBuild (5.2)
      Fake.Core.Environment (>= 5.2)
      Fake.Core.Process (>= 5.2)
      Fake.Core.String (>= 5.2)
      Fake.Core.Trace (>= 5.2)
      Fake.IO.FileSystem (>= 5.2)
      FSharp.Core (>= 4.3.4)
    Fake.DotNet.Paket (5.2)
      Fake.Core.Process (>= 5.2)
      Fake.Core.String (>= 5.2)
      Fake.Core.Trace (>= 5.2)
      Fake.IO.FileSystem (>= 5.2)
      FSharp.Core (>= 4.3.4)
    Fake.DotNet.Testing.Expecto (5.2)
      Fake.Core.Process (>= 5.2)
      Fake.Core.String (>= 5.2)
      Fake.Core.Trace (>= 5.2)
      Fake.IO.FileSystem (>= 5.2)
      Fake.Testing.Common (>= 5.2)
      FSharp.Core (>= 4.3.4)
    Fake.IO.FileSystem (5.2)
      Fake.Core.String (>= 5.2)
      FSharp.Core (>= 4.3.4)
      System.Diagnostics.FileVersionInfo (>= 4.3)
      System.IO.FileSystem.Watcher (>= 4.3)
    Fake.IO.Zip (5.2)
      Fake.Core.String (>= 5.2)
      Fake.IO.FileSystem (>= 5.2)
      FSharp.Core (>= 4.3.4)
      System.IO.Compression (>= 4.3)
      System.IO.Compression.ZipFile (>= 4.3)
    Fake.Net.Http (5.2)
      Fake.Core.Trace (>= 5.2)
      FSharp.Core (>= 4.3.4)
    Fake.Testing.Common (5.2)
      Fake.Core.Trace (>= 5.2)
      FSharp.Core (>= 4.3.4)
    Fake.Tools.Git (5.2)
      Fake.Core.Environment (>= 5.2)
      Fake.Core.Process (>= 5.2)
      Fake.Core.SemVer (>= 5.2)
      Fake.Core.String (>= 5.2)
      Fake.Core.Trace (>= 5.2)
      Fake.IO.FileSystem (>= 5.2)
      FSharp.Core (>= 4.3.4)
    FParsec (1.0.3)
      FSharp.Core (>= 4.2.3)
      NETStandard.Library (>= 1.6.1)
    FSharp.Control.Reactive (4.1)
      FSharp.Core (>= 4.2.3)
      System.Reactive (>= 4.0)
    FSharp.Core (4.5.1)
    Microsoft.NETCore.Platforms (2.1)
    Microsoft.NETCore.Targets (2.1)
    Microsoft.Win32.Primitives (4.3)
      Microsoft.NETCore.Platforms (>= 1.1)
      Microsoft.NETCore.Targets (>= 1.1)
      System.Runtime (>= 4.3)
    Microsoft.Win32.Registry (4.5)
      System.Memory (>= 4.5)
      System.Security.AccessControl (>= 4.5)
      System.Security.Principal.Windows (>= 4.5)
    NETStandard.Library (2.0.3)
      Microsoft.NETCore.Platforms (>= 1.1)
    Newtonsoft.Json (11.0.2)
    runtime.native.System (4.3.1)
      Microsoft.NETCore.Platforms (>= 1.1.1)
      Microsoft.NETCore.Targets (>= 1.1.3)
    runtime.native.System.IO.Compression (4.3.2)
      Microsoft.NETCore.Platforms (>= 1.1.1)
      Microsoft.NETCore.Targets (>= 1.1.3)
    System.Buffers (4.5)
    System.Collections (4.3)
      Microsoft.NETCore.Platforms (>= 1.1)
      Microsoft.NETCore.Targets (>= 1.1)
      System.Runtime (>= 4.3)
    System.Collections.Immutable (1.5)
    System.Diagnostics.Debug (4.3)
      Microsoft.NETCore.Platforms (>= 1.1)
      Microsoft.NETCore.Targets (>= 1.1)
      System.Runtime (>= 4.3)
    System.Diagnostics.FileVersionInfo (4.3)
      Microsoft.NETCore.Platforms (>= 1.1)
      System.Globalization (>= 4.3)
      System.IO (>= 4.3)
      System.IO.FileSystem (>= 4.3)
      System.IO.FileSystem.Primitives (>= 4.3)
      System.Reflection.Metadata (>= 1.4.1)
      System.Runtime (>= 4.3)
      System.Runtime.Extensions (>= 4.3)
      System.Runtime.InteropServices (>= 4.3)
    System.Diagnostics.Process (4.3)
      Microsoft.NETCore.Platforms (>= 1.1)
      Microsoft.Win32.Primitives (>= 4.3)
      Microsoft.Win32.Registry (>= 4.3)
      runtime.native.System (>= 4.3)
      System.Collections (>= 4.3)
      System.Diagnostics.Debug (>= 4.3)
      System.Globalization (>= 4.3)
      System.IO (>= 4.3)
      System.IO.FileSystem (>= 4.3)
      System.IO.FileSystem.Primitives (>= 4.3)
      System.Resources.ResourceManager (>= 4.3)
      System.Runtime (>= 4.3)
      System.Runtime.Extensions (>= 4.3)
      System.Runtime.Handles (>= 4.3)
      System.Runtime.InteropServices (>= 4.3)
      System.Text.Encoding (>= 4.3)
      System.Text.Encoding.Extensions (>= 4.3)
      System.Threading (>= 4.3)
      System.Threading.Tasks (>= 4.3)
      System.Threading.Thread (>= 4.3)
      System.Threading.ThreadPool (>= 4.3)
    System.Diagnostics.Tools (4.3)
      Microsoft.NETCore.Platforms (>= 1.1)
      Microsoft.NETCore.Targets (>= 1.1)
      System.Runtime (>= 4.3)
    System.Globalization (4.3)
      Microsoft.NETCore.Platforms (>= 1.1)
      Microsoft.NETCore.Targets (>= 1.1)
      System.Runtime (>= 4.3)
    System.IO (4.3)
      Microsoft.NETCore.Platforms (>= 1.1)
      Microsoft.NETCore.Targets (>= 1.1)
      System.Runtime (>= 4.3)
      System.Text.Encoding (>= 4.3)
      System.Threading.Tasks (>= 4.3)
    System.IO.Compression (4.3)
      Microsoft.NETCore.Platforms (>= 1.1)
      runtime.native.System (>= 4.3)
      runtime.native.System.IO.Compression (>= 4.3)
      System.Buffers (>= 4.3)
      System.Collections (>= 4.3)
      System.Diagnostics.Debug (>= 4.3)
      System.IO (>= 4.3)
      System.Resources.ResourceManager (>= 4.3)
      System.Runtime (>= 4.3)
      System.Runtime.Extensions (>= 4.3)
      System.Runtime.Handles (>= 4.3)
      System.Runtime.InteropServices (>= 4.3)
      System.Text.Encoding (>= 4.3)
      System.Threading (>= 4.3)
      System.Threading.Tasks (>= 4.3)
    System.IO.Compression.ZipFile (4.3)
      System.Buffers (>= 4.3)
      System.IO (>= 4.3)
      System.IO.Compression (>= 4.3)
      System.IO.FileSystem (>= 4.3)
      System.IO.FileSystem.Primitives (>= 4.3)
      System.Resources.ResourceManager (>= 4.3)
      System.Runtime (>= 4.3)
      System.Runtime.Extensions (>= 4.3)
      System.Text.Encoding (>= 4.3)
    System.IO.FileSystem (4.3)
      Microsoft.NETCore.Platforms (>= 1.1)
      Microsoft.NETCore.Targets (>= 1.1)
      System.IO (>= 4.3)
      System.IO.FileSystem.Primitives (>= 4.3)
      System.Runtime (>= 4.3)
      System.Runtime.Handles (>= 4.3)
      System.Text.Encoding (>= 4.3)
      System.Threading.Tasks (>= 4.3)
    System.IO.FileSystem.Primitives (4.3)
      System.Runtime (>= 4.3)
    System.IO.FileSystem.Watcher (4.3)
      Microsoft.NETCore.Platforms (>= 1.1)
      Microsoft.Win32.Primitives (>= 4.3)
      runtime.native.System (>= 4.3)
      System.Collections (>= 4.3)
      System.IO.FileSystem (>= 4.3)
      System.IO.FileSystem.Primitives (>= 4.3)
      System.Resources.ResourceManager (>= 4.3)
      System.Runtime (>= 4.3)
      System.Runtime.Extensions (>= 4.3)
      System.Runtime.Handles (>= 4.3)
      System.Runtime.InteropServices (>= 4.3)
      System.Text.Encoding (>= 4.3)
      System.Threading (>= 4.3)
      System.Threading.Overlapped (>= 4.3)
      System.Threading.Tasks (>= 4.3)
      System.Threading.Thread (>= 4.3)
    System.Linq (4.3)
      System.Collections (>= 4.3)
      System.Diagnostics.Debug (>= 4.3)
      System.Resources.ResourceManager (>= 4.3)
      System.Runtime (>= 4.3)
      System.Runtime.Extensions (>= 4.3)
    System.Memory (4.5.1)
      System.Runtime.CompilerServices.Unsafe (>= 4.5)
    System.Reactive (4.0)
      System.Runtime.InteropServices.WindowsRuntime (>= 4.3)
    System.Reactive.Compatibility (4.0)
      System.Reactive.Core (>= 4.0)
      System.Reactive.Interfaces (>= 4.0)
      System.Reactive.Linq (>= 4.0)
      System.Reactive.PlatformServices (>= 4.0)
      System.Reactive.Providers (>= 4.0)
    System.Reactive.Core (4.0)
      System.Reactive (>= 4.0)
    System.Reactive.Interfaces (4.0)
      System.Reactive (>= 4.0)
    System.Reactive.Linq (4.0)
      System.Reactive (>= 4.0)
    System.Reactive.PlatformServices (4.0)
      System.Reactive (>= 4.0)
    System.Reactive.Providers (4.0)
      System.Reactive (>= 4.0)
    System.Reflection (4.3)
      Microsoft.NETCore.Platforms (>= 1.1)
      Microsoft.NETCore.Targets (>= 1.1)
      System.IO (>= 4.3)
      System.Reflection.Primitives (>= 4.3)
      System.Runtime (>= 4.3)
    System.Reflection.Metadata (1.6)
      System.Collections.Immutable (>= 1.5)
    System.Reflection.Primitives (4.3)
      Microsoft.NETCore.Platforms (>= 1.1)
      Microsoft.NETCore.Targets (>= 1.1)
      System.Runtime (>= 4.3)
    System.Resources.ResourceManager (4.3)
      Microsoft.NETCore.Platforms (>= 1.1)
      Microsoft.NETCore.Targets (>= 1.1)
      System.Globalization (>= 4.3)
      System.Reflection (>= 4.3)
      System.Runtime (>= 4.3)
    System.Runtime (4.3)
      Microsoft.NETCore.Platforms (>= 1.1)
      Microsoft.NETCore.Targets (>= 1.1)
    System.Runtime.CompilerServices.Unsafe (4.5.1)
    System.Runtime.Extensions (4.3)
      Microsoft.NETCore.Platforms (>= 1.1)
      Microsoft.NETCore.Targets (>= 1.1)
      System.Runtime (>= 4.3)
    System.Runtime.Handles (4.3)
      Microsoft.NETCore.Platforms (>= 1.1)
      Microsoft.NETCore.Targets (>= 1.1)
      System.Runtime (>= 4.3)
    System.Runtime.InteropServices (4.3)
      Microsoft.NETCore.Platforms (>= 1.1)
      Microsoft.NETCore.Targets (>= 1.1)
      System.Reflection (>= 4.3)
      System.Reflection.Primitives (>= 4.3)
      System.Runtime (>= 4.3)
      System.Runtime.Handles (>= 4.3)
    System.Runtime.InteropServices.WindowsRuntime (4.3)
      System.Runtime (>= 4.3)
    System.Runtime.Numerics (4.3)
      System.Globalization (>= 4.3)
      System.Resources.ResourceManager (>= 4.3)
      System.Runtime (>= 4.3)
      System.Runtime.Extensions (>= 4.3)
    System.Security.AccessControl (4.5)
      Microsoft.NETCore.Platforms (>= 2.0)
      System.Security.Principal.Windows (>= 4.5)
    System.Security.Principal.Windows (4.5)
      Microsoft.NETCore.Platforms (>= 2.0)
    System.Text.Encoding (4.3)
      Microsoft.NETCore.Platforms (>= 1.1)
      Microsoft.NETCore.Targets (>= 1.1)
      System.Runtime (>= 4.3)
    System.Text.Encoding.Extensions (4.3)
      Microsoft.NETCore.Platforms (>= 1.1)
      Microsoft.NETCore.Targets (>= 1.1)
      System.Runtime (>= 4.3)
      System.Text.Encoding (>= 4.3)
    System.Text.RegularExpressions (4.3)
      System.Runtime (>= 4.3)
    System.Threading (4.3)
      System.Runtime (>= 4.3)
      System.Threading.Tasks (>= 4.3)
    System.Threading.Overlapped (4.3)
      Microsoft.NETCore.Platforms (>= 1.1)
      System.Resources.ResourceManager (>= 4.3)
      System.Runtime (>= 4.3)
      System.Runtime.Handles (>= 4.3)
    System.Threading.Tasks (4.3)
      Microsoft.NETCore.Platforms (>= 1.1)
      Microsoft.NETCore.Targets (>= 1.1)
      System.Runtime (>= 4.3)
    System.Threading.Tasks.Extensions (4.5.1)
      System.Runtime.CompilerServices.Unsafe (>= 4.5)
    System.Threading.Thread (4.3)
      System.Runtime (>= 4.3)
    System.Threading.ThreadPool (4.3)
      System.Runtime (>= 4.3)
      System.Runtime.Handles (>= 4.3)
    System.Xml.ReaderWriter (4.3.1)
      System.Collections (>= 4.3)
      System.Diagnostics.Debug (>= 4.3)
      System.Globalization (>= 4.3)
      System.IO (>= 4.3)
      System.IO.FileSystem (>= 4.3)
      System.IO.FileSystem.Primitives (>= 4.3)
      System.Resources.ResourceManager (>= 4.3)
      System.Runtime (>= 4.3)
      System.Runtime.Extensions (>= 4.3)
      System.Runtime.InteropServices (>= 4.3)
      System.Text.Encoding (>= 4.3)
      System.Text.Encoding.Extensions (>= 4.3)
      System.Text.RegularExpressions (>= 4.3)
      System.Threading.Tasks (>= 4.3)
      System.Threading.Tasks.Extensions (>= 4.3)
    System.Xml.XDocument (4.3)
      System.Collections (>= 4.3)
      System.Diagnostics.Debug (>= 4.3)
      System.Diagnostics.Tools (>= 4.3)
      System.Globalization (>= 4.3)
      System.IO (>= 4.3)
      System.Reflection (>= 4.3)
      System.Resources.ResourceManager (>= 4.3)
      System.Runtime (>= 4.3)
      System.Runtime.Extensions (>= 4.3)
      System.Text.Encoding (>= 4.3)
      System.Threading (>= 4.3)
      System.Xml.ReaderWriter (>= 4.3)
    System.Xml.XmlDocument (4.3)
      System.Collections (>= 4.3)
      System.Diagnostics.Debug (>= 4.3)
      System.Globalization (>= 4.3)
      System.IO (>= 4.3)
      System.Resources.ResourceManager (>= 4.3)
      System.Runtime (>= 4.3)
      System.Runtime.Extensions (>= 4.3)
      System.Text.Encoding (>= 4.3)
      System.Threading (>= 4.3)
      System.Xml.ReaderWriter (>= 4.3)
    System.Xml.XPath (4.3)
      System.Collections (>= 4.3)
      System.Diagnostics.Debug (>= 4.3)
      System.Globalization (>= 4.3)
      System.IO (>= 4.3)
      System.Resources.ResourceManager (>= 4.3)
      System.Runtime (>= 4.3)
      System.Runtime.Extensions (>= 4.3)
      System.Threading (>= 4.3)
      System.Xml.ReaderWriter (>= 4.3)
    System.Xml.XPath.XDocument (4.3)
      System.Diagnostics.Debug (>= 4.3)
      System.Linq (>= 4.3)
      System.Resources.ResourceManager (>= 4.3)
      System.Runtime (>= 4.3)
      System.Runtime.Extensions (>= 4.3)
      System.Threading (>= 4.3)
      System.Xml.ReaderWriter (>= 4.3)
      System.Xml.XDocument (>= 4.3)
      System.Xml.XPath (>= 4.3)
    System.Xml.XPath.XmlDocument (4.3)
      System.Collections (>= 4.3)
      System.Globalization (>= 4.3)
      System.IO (>= 4.3)
      System.Resources.ResourceManager (>= 4.3)
      System.Runtime (>= 4.3)
      System.Runtime.Extensions (>= 4.3)
      System.Threading (>= 4.3)
      System.Xml.ReaderWriter (>= 4.3)
      System.Xml.XmlDocument (>= 4.3)
      System.Xml.XPath (>= 4.3)
GITHUB
  remote: vbfox/FoxSharp
    src/BlackFox.FakeUtils/TypedTaskDefinitionHelper.fs (a42b65bbd53666ab51d7e621e9a41c6f8078218c)
    src/BlackFox.FoxSharp/CommandLine.fs (a42b65bbd53666ab51d7e621e9a41c6f8078218c)