REDIRECTS: ON
FRAMEWORK: >= NET45
NUGET
  remote: https://www.nuget.org/api/v2
    Argu (3.7)
      FSharp.Core (>= 4.0.1.7-alpha) - framework: >= net463
      NETStandard.Library (>= 1.6) - framework: >= net463
      System.Xml.XDocument (>= 4.0.11) - framework: >= net463
    BlackFox.ColoredPrintf (0.3)
      BlackFox.MasterOfFoo (>= 0.2 < 1.0)
      FSharp.Core (>= 4.0 < 5.0)
    BlackFox.MasterOfFoo (0.2.1)
      FSharp.Core (>= 4.0 < 5.0)
    Expecto (4.1.1)
      Argu (>= 3.7)
      FSharp.Core (>= 3.1.2.5)
      Mono.Cecil (>= 0.9.6.4)
    FAKE (4.60)
    FParsec (1.0.2)
    FSharp.Core (4.1.12)
      System.ValueTuple (>= 4.3)
    Microsoft.CodeAnalysis.Analyzers (1.1)
    Microsoft.CodeAnalysis.Common (1.3.2)
      Microsoft.CodeAnalysis.Analyzers (>= 1.1)
      System.AppContext (>= 4.1) - framework: >= net46
      System.Collections (>= 4.0.11) - framework: >= net46
      System.Collections.Concurrent (>= 4.0.12) - framework: >= net46
      System.Collections.Immutable (>= 1.1.37)
      System.Collections.Immutable (>= 1.2) - framework: >= net46
      System.Console (>= 4.0) - framework: >= net46
      System.Diagnostics.Debug (>= 4.0.11) - framework: >= net46
      System.Diagnostics.FileVersionInfo (>= 4.0) - framework: >= net46
      System.Diagnostics.StackTrace (>= 4.0.1) - framework: >= net46
      System.Diagnostics.Tools (>= 4.0.1) - framework: >= net46
      System.Dynamic.Runtime (>= 4.0.11) - framework: >= net46
      System.Globalization (>= 4.0.11) - framework: >= net46
      System.IO.FileSystem (>= 4.0.1) - framework: >= net46
      System.IO.FileSystem.Primitives (>= 4.0.1) - framework: >= net46
      System.Linq (>= 4.1) - framework: >= net46
      System.Linq.Expressions (>= 4.1) - framework: >= net46
      System.Reflection (>= 4.1) - framework: >= net46
      System.Reflection.Metadata (>= 1.2)
      System.Reflection.Metadata (>= 1.3) - framework: >= net46
      System.Reflection.Primitives (>= 4.0.1) - framework: >= net46
      System.Resources.ResourceManager (>= 4.0.1) - framework: >= net46
      System.Runtime (>= 4.1) - framework: >= net46
      System.Runtime.Extensions (>= 4.1) - framework: >= net46
      System.Runtime.Handles (>= 4.0.1) - framework: >= net46
      System.Runtime.InteropServices (>= 4.1) - framework: >= net46
      System.Runtime.Numerics (>= 4.0.1) - framework: >= net46
      System.Security.Cryptography.Algorithms (>= 4.2) - framework: >= net46
      System.Security.Cryptography.Encoding (>= 4.0) - framework: >= net46
      System.Security.Cryptography.X509Certificates (>= 4.1) - framework: >= net46
      System.Text.Encoding (>= 4.0.11) - framework: >= net46
      System.Text.Encoding.CodePages (>= 4.0.1) - framework: >= net46
      System.Text.Encoding.Extensions (>= 4.0.11) - framework: >= net46
      System.Threading (>= 4.0.11) - framework: >= net46
      System.Threading.Tasks (>= 4.0.11) - framework: >= net46
      System.Threading.Tasks.Parallel (>= 4.0.1) - framework: >= net46
      System.Threading.Thread (>= 4.0) - framework: >= net46
      System.Xml.ReaderWriter (>= 4.0.11) - framework: >= net46
      System.Xml.XDocument (>= 4.0.11) - framework: >= net46
      System.Xml.XmlDocument (>= 4.0.1) - framework: >= net46
      System.Xml.XPath.XDocument (>= 4.0.1) - framework: >= net46
    Microsoft.CodeAnalysis.CSharp (1.3.2)
      Microsoft.CodeAnalysis.Common (1.3.2)
    Microsoft.CodeAnalysis.CSharp.Workspaces (1.3.2)
      Microsoft.CodeAnalysis.CSharp (1.3.2)
      Microsoft.CodeAnalysis.Workspaces.Common (1.3.2)
    Microsoft.CodeAnalysis.Workspaces.Common (1.3.2)
      Microsoft.CodeAnalysis.Common (1.3.2)
      Microsoft.Composition (>= 1.0.27)
    Microsoft.Composition (1.0.27)
    Microsoft.Win32.Primitives (4.3) - framework: >= net463
    Mono.Cecil (0.9.6.4)
    NETStandard.Library (1.6.1) - framework: >= net463
      Microsoft.Win32.Primitives (>= 4.3) - framework: >= net46
      System.AppContext (>= 4.3) - framework: >= net46
      System.Collections.Concurrent (>= 4.3)
      System.Console (>= 4.3) - framework: >= net46
      System.Diagnostics.Tracing (>= 4.3)
      System.Globalization.Calendars (>= 4.3) - framework: >= net46
      System.IO.Compression (>= 4.3)
      System.IO.Compression.ZipFile (>= 4.3) - framework: >= net46
      System.IO.FileSystem (>= 4.3) - framework: >= net46
      System.IO.FileSystem.Primitives (>= 4.3) - framework: >= net46
      System.Net.Http (>= 4.3)
      System.Net.Sockets (>= 4.3) - framework: >= net46
      System.Runtime.Handles (>= 4.3) - framework: >= net46
      System.Runtime.InteropServices (>= 4.3)
      System.Runtime.InteropServices.RuntimeInformation (>= 4.3)
      System.Runtime.Numerics (>= 4.3)
      System.Security.Cryptography.Algorithms (>= 4.3) - framework: >= net46
      System.Security.Cryptography.Encoding (>= 4.3) - framework: >= net46
      System.Security.Cryptography.Primitives (>= 4.3) - framework: >= net46
      System.Security.Cryptography.X509Certificates (>= 4.3) - framework: >= net46
      System.Threading.Timer (>= 4.3) - framework: >= net451
    NFluent (1.3.1)
    Octokit (0.22)
    SourceLink.Fake (1.1)
    System.AppContext (4.3)
    System.Collections (4.3) - framework: >= net46
    System.Collections.Concurrent (4.3)
    System.Collections.Immutable (1.3.1)
    System.Console (4.3)
    System.Diagnostics.Debug (4.3) - framework: >= net46
    System.Diagnostics.FileVersionInfo (4.3) - framework: >= net46
    System.Diagnostics.StackTrace (4.3) - framework: >= net46
    System.Diagnostics.Tools (4.3) - framework: >= net46
    System.Diagnostics.Tracing (4.3) - framework: >= net463
    System.Dynamic.Runtime (4.3) - framework: >= net46
    System.Globalization (4.3) - framework: >= net46
    System.Globalization.Calendars (4.3) - framework: >= net463
    System.IO (4.3) - framework: >= net463
    System.IO.Compression (4.3) - framework: >= net463
    System.IO.Compression.ZipFile (4.3) - framework: >= net463
    System.IO.FileSystem (4.3)
      System.IO.FileSystem.Primitives (>= 4.3) - framework: >= net46
    System.IO.FileSystem.Primitives (4.3)
    System.Linq (4.3) - framework: >= net46
    System.Linq.Expressions (4.3) - framework: >= net46
    System.Net.Http (4.3.1) - framework: >= net463
      System.Security.Cryptography.X509Certificates (>= 4.3) - framework: >= net46
    System.Net.Sockets (4.3) - framework: >= net463
    System.Reflection (4.3) - framework: >= net46
    System.Reflection.Metadata (1.4.2)
      System.Collections.Immutable (>= 1.3.1)
    System.Reflection.Primitives (4.3) - framework: >= net46
    System.Resources.ResourceManager (4.3) - framework: >= net46
    System.Runtime (4.3)
    System.Runtime.Extensions (4.3) - framework: >= net46
    System.Runtime.Handles (4.3)
    System.Runtime.InteropServices (4.3)
      System.Runtime (>= 4.3) - framework: >= net462
    System.Runtime.InteropServices.RuntimeInformation (4.3) - framework: >= net463
    System.Runtime.Numerics (4.3)
    System.Security.Cryptography.Algorithms (4.3)
      System.IO (>= 4.3) - framework: >= net463
      System.Runtime (>= 4.3) - framework: >= net463
      System.Security.Cryptography.Encoding (>= 4.3) - framework: >= net463
      System.Security.Cryptography.Primitives (>= 4.3) - framework: net46, net461, >= net463
    System.Security.Cryptography.Encoding (4.3)
    System.Security.Cryptography.Primitives (4.3)
    System.Security.Cryptography.X509Certificates (4.3)
      System.Security.Cryptography.Algorithms (>= 4.3) - framework: >= net46
      System.Security.Cryptography.Encoding (>= 4.3) - framework: >= net46
    System.Text.Encoding (4.3) - framework: >= net46
    System.Text.Encoding.CodePages (4.3) - framework: >= net46
    System.Text.Encoding.Extensions (4.3) - framework: >= net46
    System.Threading (4.3) - framework: >= net46
    System.Threading.Tasks (4.3) - framework: >= net46
    System.Threading.Tasks.Parallel (4.3) - framework: >= net46
    System.Threading.Thread (4.3) - framework: >= net46
    System.Threading.Timer (4.3) - framework: >= net463
    System.ValueTuple (4.3)
    System.Xml.ReaderWriter (4.3) - framework: >= net46
    System.Xml.XDocument (4.3)
    System.Xml.XmlDocument (4.3) - framework: >= net46
    System.Xml.XPath (4.3) - framework: >= net46
    System.Xml.XPath.XDocument (4.3) - framework: >= net46
      System.Xml.XPath (>= 4.3) - framework: >= net46
GITHUB
  remote: fsharp/FAKE
    modules/Octokit/Octokit.fsx (af1b29f23ae502549ec9468eaabb583c758af683)
      Octokit (>= 0.20)