REDIRECTS: ON
RESTRICTION: >= net45
NUGET
  remote: https://api.nuget.org/v3/index.json
    Argu (5.0.1)
      FSharp.Core (>= 4.0.0.1)
    BlackFox.ColoredPrintf (0.3)
      BlackFox.MasterOfFoo (>= 0.2 < 1.0)
      FSharp.Core (>= 4.0 < 5.0)
    BlackFox.MasterOfFoo (0.2.1)
      FSharp.Core (>= 4.0 < 5.0)
    Expecto (4.1.1)
      Argu (>= 3.7)
      FSharp.Core (>= 3.1.2.5)
      Mono.Cecil (>= 0.9.6.4)
    FAKE (4.64.4)
    FParsec (1.0.3)
      FSharp.Core (>= 4.0.0.1)
    FSharp.Core (4.3.4)
    ILRepack (2.0.15)
    Microsoft.CodeAnalysis.Analyzers (2.6) - restriction: && (>= net45) (>= netstandard1.3)
    Microsoft.CodeAnalysis.Common (2.6.1)
      Microsoft.CodeAnalysis.Analyzers (>= 1.1) - restriction: && (>= net45) (>= netstandard1.3)
      System.AppContext (>= 4.3) - restriction: && (>= net45) (>= netstandard1.3)
      System.Collections (>= 4.3) - restriction: && (>= net45) (>= netstandard1.3)
      System.Collections.Concurrent (>= 4.3) - restriction: && (>= net45) (>= netstandard1.3)
      System.Collections.Immutable (>= 1.3.1) - restriction: && (>= net45) (>= netstandard1.3)
      System.Console (>= 4.3) - restriction: && (>= net45) (>= netstandard1.3)
      System.Diagnostics.Debug (>= 4.3) - restriction: && (>= net45) (>= netstandard1.3)
      System.Diagnostics.FileVersionInfo (>= 4.3) - restriction: && (>= net45) (>= netstandard1.3)
      System.Diagnostics.StackTrace (>= 4.3) - restriction: && (>= net45) (>= netstandard1.3)
      System.Diagnostics.Tools (>= 4.3) - restriction: && (>= net45) (>= netstandard1.3)
      System.Dynamic.Runtime (>= 4.3) - restriction: && (>= net45) (>= netstandard1.3)
      System.Globalization (>= 4.3) - restriction: && (>= net45) (>= netstandard1.3)
      System.IO.Compression (>= 4.3) - restriction: && (>= net45) (>= netstandard1.3)
      System.IO.FileSystem (>= 4.3) - restriction: && (>= net45) (>= netstandard1.3)
      System.IO.FileSystem.Primitives (>= 4.3) - restriction: && (>= net45) (>= netstandard1.3)
      System.Linq (>= 4.3) - restriction: && (>= net45) (>= netstandard1.3)
      System.Linq.Expressions (>= 4.3) - restriction: && (>= net45) (>= netstandard1.3)
      System.Reflection (>= 4.3) - restriction: && (>= net45) (>= netstandard1.3)
      System.Reflection.Metadata (>= 1.4.2) - restriction: && (>= net45) (>= netstandard1.3)
      System.Resources.ResourceManager (>= 4.3) - restriction: && (>= net45) (>= netstandard1.3)
      System.Runtime (>= 4.3) - restriction: && (>= net45) (>= netstandard1.3)
      System.Runtime.Extensions (>= 4.3) - restriction: && (>= net45) (>= netstandard1.3)
      System.Runtime.InteropServices (>= 4.3) - restriction: && (>= net45) (>= netstandard1.3)
      System.Runtime.Numerics (>= 4.3) - restriction: && (>= net45) (>= netstandard1.3)
      System.Security.Cryptography.Algorithms (>= 4.3) - restriction: && (>= net45) (>= netstandard1.3)
      System.Security.Cryptography.Encoding (>= 4.3) - restriction: && (>= net45) (>= netstandard1.3)
      System.Security.Cryptography.X509Certificates (>= 4.3) - restriction: && (>= net45) (>= netstandard1.3)
      System.Text.Encoding (>= 4.3) - restriction: && (>= net45) (>= netstandard1.3)
      System.Text.Encoding.CodePages (>= 4.3) - restriction: && (>= net45) (>= netstandard1.3)
      System.Text.Encoding.Extensions (>= 4.3) - restriction: && (>= net45) (>= netstandard1.3)
      System.Threading (>= 4.3) - restriction: && (>= net45) (>= netstandard1.3)
      System.Threading.Tasks (>= 4.3) - restriction: && (>= net45) (>= netstandard1.3)
      System.Threading.Tasks.Parallel (>= 4.3) - restriction: && (>= net45) (>= netstandard1.3)
      System.Threading.Thread (>= 4.3) - restriction: && (>= net45) (>= netstandard1.3)
      System.ValueTuple (>= 4.3) - restriction: && (>= net45) (>= netstandard1.3)
      System.Xml.ReaderWriter (>= 4.3) - restriction: && (>= net45) (>= netstandard1.3)
      System.Xml.XDocument (>= 4.3) - restriction: && (>= net45) (>= netstandard1.3)
      System.Xml.XmlDocument (>= 4.3) - restriction: && (>= net45) (>= netstandard1.3)
      System.Xml.XPath.XDocument (>= 4.3) - restriction: && (>= net45) (>= netstandard1.3)
    Microsoft.CodeAnalysis.CSharp (2.6.1)
      Microsoft.CodeAnalysis.Common (2.6.1)
    Microsoft.CodeAnalysis.CSharp.Workspaces (2.6.1)
      Microsoft.CodeAnalysis.CSharp (2.6.1)
      Microsoft.CodeAnalysis.Workspaces.Common (2.6.1)
    Microsoft.CodeAnalysis.Workspaces.Common (2.6.1)
      Microsoft.CodeAnalysis.Common (2.6.1) - restriction: && (>= net45) (>= netstandard1.3)
      System.Composition (>= 1.0.31) - restriction: && (>= net45) (>= netstandard1.3)
    Microsoft.NETCore.Platforms (2.0.1) - restriction: || (&& (>= monoandroid) (>= net45) (>= netstandard1.3)) (&& (>= monotouch) (>= net45)) (&& (>= net45) (>= netcoreapp2.0) (< netstandard2.0)) (&& (>= net45) (< netstandard1.0) (>= netstandard1.3)) (&& (>= net45) (>= netstandard1.3) (< portable-net45+win8+wpa81)) (&& (>= net45) (>= netstandard1.3) (< portable-net451+win81+wpa81)) (&& (>= net45) (>= uap10.0)) (&& (>= net45) (>= xamarinios)) (&& (>= net45) (>= xamarinmac)) (&& (>= net45) (>= xamarintvos)) (&& (>= net45) (>= xamarinwatchos)) (&& (>= net46) (< netstandard1.4)) (&& (>= net461) (< netstandard2.0))
    Microsoft.Win32.Primitives (4.3) - restriction: || (&& (>= net45) (>= uap10.0)) (&& (>= net46) (< netstandard1.4))
    Mono.Cecil (0.9.6.4)
    NETStandard.Library (2.0.1) - restriction: && (>= net45) (>= netstandard1.3) (< netstandard2.0)
      Microsoft.NETCore.Platforms (>= 1.1)
      Microsoft.Win32.Primitives (>= 4.3) - restriction: || (&& (>= net45) (>= uap10.0)) (&& (>= net46) (< netstandard1.4))
      System.AppContext (>= 4.3) - restriction: || (&& (>= net45) (>= uap10.0)) (&& (>= net46) (< netstandard1.4))
      System.Console (>= 4.3) - restriction: || (&& (>= net45) (>= uap10.0)) (&& (>= net46) (< netstandard1.4))
      System.Globalization.Calendars (>= 4.3) - restriction: || (&& (>= net45) (>= uap10.0)) (&& (>= net46) (< netstandard1.4))
      System.IO.Compression (>= 4.3) - restriction: || (&& (>= net45) (>= uap10.0)) (&& (>= net46) (< netstandard1.4))
      System.IO.Compression.ZipFile (>= 4.3) - restriction: || (&& (>= net45) (>= uap10.0)) (&& (>= net46) (< netstandard1.4))
      System.IO.FileSystem (>= 4.3) - restriction: || (&& (>= net45) (>= uap10.0)) (&& (>= net46) (< netstandard1.4))
      System.IO.FileSystem.Primitives (>= 4.3) - restriction: || (&& (>= net45) (>= uap10.0)) (&& (>= net46) (< netstandard1.4))
      System.Net.Http (>= 4.3.2) - restriction: || (&& (>= net45) (>= uap10.0)) (&& (>= net46) (< netstandard1.4))
      System.Net.Sockets (>= 4.3) - restriction: || (&& (>= net45) (>= uap10.0)) (&& (>= net46) (< netstandard1.4))
      System.Runtime.InteropServices.RuntimeInformation (>= 4.3) - restriction: || (&& (>= net45) (< netstandard1.0) (>= portable-net451+win81+wpa81)) (&& (>= net45) (< netstandard1.3) (>= wpa81)) (&& (>= net45) (< portable-net451+win81+wpa81)) (&& (>= net45) (>= uap10.0)) (&& (>= net451) (< netstandard1.3)) (&& (>= net46) (< netstandard1.4))
      System.Security.Cryptography.Algorithms (>= 4.3) - restriction: || (&& (>= net45) (>= uap10.0)) (&& (>= net46) (< netstandard1.4))
      System.Security.Cryptography.Encoding (>= 4.3) - restriction: || (&& (>= net45) (>= uap10.0)) (&& (>= net46) (< netstandard1.4))
      System.Security.Cryptography.Primitives (>= 4.3) - restriction: || (&& (>= net45) (>= uap10.0)) (&& (>= net46) (< netstandard1.4))
      System.Security.Cryptography.X509Certificates (>= 4.3) - restriction: || (&& (>= net45) (>= uap10.0)) (&& (>= net46) (< netstandard1.4))
      System.Xml.ReaderWriter (>= 4.3) - restriction: || (&& (>= net45) (< portable-net45+win8+wpa81)) (&& (>= net45) (>= uap10.0)) (&& (>= net46) (< netstandard1.4))
    NFluent (1.3.1)
    Octokit (0.28)
    SourceLink.Fake (1.1)
    System.AppContext (4.3) - restriction: && (>= net45) (>= netstandard1.3)
    System.Collections (4.3) - restriction: && (>= net45) (>= netstandard1.3)
    System.Collections.Concurrent (4.3) - restriction: && (>= net45) (>= netstandard1.3)
    System.Collections.Immutable (1.4) - restriction: || (&& (>= monoandroid) (>= net45) (>= netstandard1.3)) (&& (>= monotouch) (>= net45)) (&& (>= net45) (< netstandard1.1) (>= netstandard1.3)) (&& (>= net45) (>= netstandard1.3) (< netstandard2.0)) (&& (>= net45) (>= netstandard1.3) (< portable-net45+win8)) (&& (>= net45) (>= netstandard2.0)) (&& (>= net45) (>= xamarinios)) (&& (>= net45) (>= xamarinmac)) (&& (>= net45) (>= xamarintvos)) (&& (>= net45) (>= xamarinwatchos))
      NETStandard.Library (>= 1.6.1) - restriction: && (>= net45) (< netstandard2.0)
    System.Composition (1.1) - restriction: && (>= net45) (>= netstandard1.3)
      System.Composition.AttributedModel (>= 1.1)
      System.Composition.Convention (>= 1.1)
      System.Composition.Hosting (>= 1.1)
      System.Composition.Runtime (>= 1.1)
      System.Composition.TypedParts (>= 1.1)
    System.Composition.AttributedModel (1.1) - restriction: && (>= net45) (>= netstandard1.3)
      NETStandard.Library (>= 1.6.1) - restriction: && (>= net45) (< netstandard2.0)
    System.Composition.Convention (1.1) - restriction: && (>= net45) (>= netstandard1.3)
      NETStandard.Library (>= 1.6.1) - restriction: && (>= net45) (< netstandard2.0)
      System.Composition.AttributedModel (>= 1.1)
    System.Composition.Hosting (1.1) - restriction: && (>= net45) (>= netstandard1.3)
      NETStandard.Library (>= 1.6.1) - restriction: && (>= net45) (< netstandard2.0)
      System.Composition.Runtime (>= 1.1)
    System.Composition.Runtime (1.1) - restriction: && (>= net45) (>= netstandard1.3)
      NETStandard.Library (>= 1.6.1) - restriction: && (>= net45) (< netstandard2.0)
    System.Composition.TypedParts (1.1) - restriction: && (>= net45) (>= netstandard1.3)
      NETStandard.Library (>= 1.6.1) - restriction: && (>= net45) (< netstandard2.0)
      System.Composition.AttributedModel (>= 1.1)
      System.Composition.Hosting (>= 1.1)
      System.Composition.Runtime (>= 1.1)
    System.Console (4.3) - restriction: && (>= net45) (>= netstandard1.3)
    System.Diagnostics.Debug (4.3) - restriction: && (>= net45) (>= netstandard1.3)
    System.Diagnostics.FileVersionInfo (4.3) - restriction: && (>= net45) (>= netstandard1.3)
    System.Diagnostics.StackTrace (4.3) - restriction: && (>= net45) (>= netstandard1.3)
    System.Diagnostics.Tools (4.3) - restriction: && (>= net45) (>= netstandard1.3)
    System.Dynamic.Runtime (4.3) - restriction: && (>= net45) (>= netstandard1.3)
    System.Globalization (4.3) - restriction: && (>= net45) (>= netstandard1.3)
    System.Globalization.Calendars (4.3) - restriction: || (&& (>= net45) (>= uap10.0)) (&& (>= net46) (< netstandard1.4))
    System.IO (4.3) - restriction: || (&& (>= dnxcore50) (>= net45) (>= netstandard1.3)) (&& (>= net45) (< net46) (>= netstandard1.3) (< netstandard1.4)) (&& (>= net45) (< net46) (>= netstandard1.4) (< netstandard1.6)) (&& (>= net45) (< net46) (>= netstandard1.6)) (>= net463)
    System.IO.Compression (4.3) - restriction: && (>= net45) (>= netstandard1.3)
    System.IO.Compression.ZipFile (4.3) - restriction: || (&& (>= net45) (>= uap10.0)) (&& (>= net46) (< netstandard1.4))
    System.IO.FileSystem (4.3) - restriction: && (>= net45) (>= netstandard1.3)
      System.IO.FileSystem.Primitives (>= 4.3) - restriction: || (&& (>= net45) (>= netstandard1.3)) (>= net46)
    System.IO.FileSystem.Primitives (4.3) - restriction: && (>= net45) (>= netstandard1.3)
    System.Linq (4.3) - restriction: && (>= net45) (>= netstandard1.3)
    System.Linq.Expressions (4.3) - restriction: && (>= net45) (>= netstandard1.3)
    System.Net.Http (4.3.3) - restriction: || (&& (>= net45) (>= uap10.0)) (&& (>= net46) (< netstandard1.4))
      System.Security.Cryptography.X509Certificates (>= 4.3) - restriction: || (&& (>= dnxcore50) (>= net45)) (>= net46)
    System.Net.Sockets (4.3) - restriction: || (&& (>= net45) (>= uap10.0)) (&& (>= net46) (< netstandard1.4))
    System.Reflection (4.3) - restriction: && (>= net45) (>= netstandard1.3)
    System.Reflection.Metadata (1.5) - restriction: && (>= net45) (>= netstandard1.3)
      NETStandard.Library (>= 1.6.1) - restriction: && (>= net45) (< netstandard2.0)
      System.Collections.Immutable (>= 1.4)
    System.Resources.ResourceManager (4.3) - restriction: && (>= net45) (>= netstandard1.3)
    System.Runtime (4.3) - restriction: && (>= net45) (>= netstandard1.3)
    System.Runtime.Extensions (4.3) - restriction: && (>= net45) (>= netstandard1.3)
    System.Runtime.InteropServices (4.3) - restriction: && (>= net45) (>= netstandard1.3)
      System.Runtime (>= 4.3) - restriction: || (&& (>= dnxcore50) (>= net45)) (&& (>= net45) (>= netcoreapp1.1)) (>= net462)
    System.Runtime.InteropServices.RuntimeInformation (4.3) - restriction: || (&& (>= net45) (< netstandard1.0) (>= netstandard1.3)) (&& (>= net45) (>= netstandard1.3) (< portable-net451+win81+wpa81)) (&& (>= net45) (>= uap10.0)) (&& (>= net46) (< netstandard1.4))
    System.Runtime.Numerics (4.3) - restriction: && (>= net45) (>= netstandard1.3)
    System.Security.Cryptography.Algorithms (4.3.1) - restriction: && (>= net45) (>= netstandard1.3)
      System.IO (>= 4.3) - restriction: || (&& (>= dnxcore50) (>= net45)) (&& (>= net45) (< net46) (>= netstandard1.3) (< netstandard1.4)) (&& (>= net45) (< net46) (>= netstandard1.4) (< netstandard1.6)) (&& (>= net45) (< net46) (>= netstandard1.6)) (>= net463)
      System.Runtime (>= 4.3) - restriction: || (&& (>= dnxcore50) (>= net45)) (&& (>= net45) (< net46) (>= netstandard1.3) (< netstandard1.4)) (&& (>= net45) (< net46) (>= netstandard1.4) (< netstandard1.6)) (&& (>= net45) (< net46) (>= netstandard1.6)) (>= net463)
      System.Security.Cryptography.Encoding (>= 4.3) - restriction: || (&& (>= dnxcore50) (>= net45)) (&& (>= net45) (< net46) (>= netstandard1.6)) (>= net463)
      System.Security.Cryptography.Primitives (>= 4.3) - restriction: || (&& (>= dnxcore50) (>= net45)) (&& (>= net45) (< net46) (>= netstandard1.3) (< netstandard1.4)) (&& (>= net45) (< net46) (>= netstandard1.4) (< netstandard1.6)) (&& (>= net45) (< net46) (>= netstandard1.6)) (&& (>= net46) (< netstandard1.4)) (&& (>= net461) (< netstandard1.6)) (>= net463)
    System.Security.Cryptography.Encoding (4.3) - restriction: && (>= net45) (>= netstandard1.3)
    System.Security.Cryptography.Primitives (4.3) - restriction: || (&& (>= dnxcore50) (>= net45) (>= netstandard1.3)) (&& (>= net45) (< net46) (>= netstandard1.3) (< netstandard1.4)) (&& (>= net45) (< net46) (>= netstandard1.4) (< netstandard1.6)) (&& (>= net45) (< net46) (>= netstandard1.6)) (&& (>= net46) (< netstandard1.4)) (&& (>= net461) (< netstandard1.6)) (>= net463)
    System.Security.Cryptography.X509Certificates (4.3.2) - restriction: && (>= net45) (>= netstandard1.3)
      System.Security.Cryptography.Algorithms (>= 4.3) - restriction: || (&& (>= dnxcore50) (>= net45)) (&& (>= net45) (< net46) (>= netstandard1.3) (< netstandard1.4)) (&& (>= net45) (< net46) (>= netstandard1.4) (< netstandard1.6)) (&& (>= net45) (< net46) (>= netstandard1.6)) (&& (>= net46) (< netstandard1.4)) (>= net461)
      System.Security.Cryptography.Encoding (>= 4.3) - restriction: || (&& (>= dnxcore50) (>= net45)) (&& (>= net45) (< net46) (>= netstandard1.3) (< netstandard1.4)) (&& (>= net45) (< net46) (>= netstandard1.4) (< netstandard1.6)) (&& (>= net45) (< net46) (>= netstandard1.6)) (&& (>= net46) (< netstandard1.4)) (>= net461)
    System.Text.Encoding (4.3) - restriction: && (>= net45) (>= netstandard1.3)
    System.Text.Encoding.CodePages (4.4) - restriction: && (>= net45) (>= netstandard1.3)
    System.Text.Encoding.Extensions (4.3) - restriction: && (>= net45) (>= netstandard1.3)
    System.Threading (4.3) - restriction: && (>= net45) (>= netstandard1.3)
    System.Threading.Tasks (4.3) - restriction: && (>= net45) (>= netstandard1.3)
    System.Threading.Tasks.Parallel (4.3) - restriction: && (>= net45) (>= netstandard1.3)
    System.Threading.Thread (4.3) - restriction: && (>= net45) (>= netstandard1.3)
    System.ValueTuple (4.4) - restriction: && (>= net45) (>= netstandard1.3)
      NETStandard.Library (>= 1.6.1) - restriction: && (>= net45) (< net461) (< netstandard2.0)
    System.Xml.ReaderWriter (4.3.1) - restriction: && (>= net45) (>= netstandard1.3)
    System.Xml.XDocument (4.3) - restriction: && (>= net45) (>= netstandard1.3)
    System.Xml.XmlDocument (4.3) - restriction: && (>= net45) (>= netstandard1.3)
    System.Xml.XPath (4.3) - restriction: || (&& (>= net45) (>= netstandard1.3)) (>= net46)
    System.Xml.XPath.XDocument (4.3) - restriction: && (>= net45) (>= netstandard1.3)
      System.Xml.XPath (>= 4.3) - restriction: || (&& (>= net45) (>= netstandard1.3)) (>= net46)
GITHUB
  remote: fsharp/FAKE
    modules/Octokit/Octokit.fsx (43d68ede74f15158defc18fab7745c142972a8cf)
      Octokit (>= 0.20)
  remote: vbfox/FoxSharp
    src/BlackFox.FakeUtils/TypedTaskDefinitionHelper.fs (a42b65bbd53666ab51d7e621e9a41c6f8078218c)
    src/BlackFox.FoxSharp/CommandLine.fs (a42b65bbd53666ab51d7e621e9a41c6f8078218c)